{
  "aor": 0.0018834397163120572,
  "aqi": 0.008828326312056739,
  "bids_meta": {
    "AcquisitionDateTime": "20170409133034.077500",
    "ConversionSoftware": "dicm2nii.m 20180116",
    "DeviceSerialNumber": "45343",
    "EchoTime": 0.027,
    "EffectiveEchoSpacing": 0.00026500119,
    "FlipAngle": 90,
    "ImageType": "ORIGINAL\\PRIMARY\\M\\ND\\NORM\\MOSAIC",
    "InstitutionAddress": "Jerusalem_Israel",
    "InstitutionName": "Hebrew University",
    "MRAcquisitionType": "2D",
    "Manufacturer": "SIEMENS",
    "Modality": "MR",
    "PatientAge": "020Y",
    "PatientName": "sub-19",
    "PatientPosition": "HFS",
    "PatientSex": "F",
    "PatientSize": 1.56,
    "PatientWeight": 56,
    "PhaseEncodingDirection": "j-",
    "RepetitionTime": 1.5,
    "ScanOptions": "FS",
    "ScanningSequence": "EP",
    "SequenceName": "*epfid2d1_64",
    "SequenceVariant": "SK",
    "SeriesDescription": "TR1.5_282Vol_startLip",
    "SeriesNumber": 3,
    "SliceThickness": 4,
    "SliceTiming": [
      0,
      0.0575,
      0.115,
      0.1725,
      0.2275,
      0.285,
      0.3425,
      0.4,
      0.4575,
      0.5125,
      0.57,
      0.6275,
      0.685,
      0.74,
      0.7975,
      0.855,
      0.9125,
      0.9675,
      1.025,
      1.0825,
      1.14,
      1.1975,
      1.2525,
      1.31,
      1.3675,
      1.425
    ],
    "SoftwareVersion": "syngo MR D13",
    "TaskName": "StartLip",
    "TotalReadoutTime": 0.016695075,
    "dataset": "ds003089",
    "modality": "bold",
    "subject_id": "19",
    "task_id": "StartLip"
  },
  "dummy_trs": 0,
  "dvars_nstd": 25.130271640142357,
  "dvars_std": 1.4383695791459086,
  "dvars_vstd": 1.0335417246975092,
  "efc": 0.5257564883598744,
  "fber": 8205.91796875,
  "fd_mean": 0.1293137453568982,
  "fd_num": 23,
  "fd_perc": 8.156028368794326,
  "fwhm_avg": 1.6053051657342017,
  "fwhm_x": 1.6384800000000002,
  "fwhm_y": 1.8262666666666665,
  "fwhm_z": 1.3511688305359382,
  "gcor": 0.023284,
  "gsr_x": 0.005716006271541119,
  "gsr_y": 0.03067154809832573,
  "provenance": {
    "md5sum": "81615d44f269f025922836de60426c16",
    "settings": {
      "fd_thres": 0.2,
      "testing": false
    },
    "software": "mriqc",
    "version": "22.0.6",
    "webapi_port": null,
    "webapi_url": "https://mriqc.nimh.nih.gov/api/v1"
  },
  "size_t": 282,
  "size_x": 64,
  "size_y": 64,
  "size_z": 26,
  "snr": 9.760477371618594,
  "spacing_tr": 1.5,
  "spacing_x": 3.0,
  "spacing_y": 3.0,
  "spacing_z": 4.799999713897705,
  "summary_bg_k": 61.33140336489642,
  "summary_bg_mad": 4.58450034295934,
  "summary_bg_mean": 15.438347816467285,
  "summary_bg_median": 4.716311931610107,
  "summary_bg_n": 57340.0,
  "summary_bg_p05": 1.1629432022571573,
  "summary_bg_p95": 62.166841506957994,
  "summary_bg_stdv": 34.240028381347656,
  "summary_fg_k": 5.702348687019473,
  "summary_fg_mad": 36.70232285809417,
  "summary_fg_mean": 420.3130187988281,
  "summary_fg_median": 421.69500732421875,
  "summary_fg_n": 21519.0,
  "summary_fg_p05": 354.3925506591797,
  "summary_fg_p95": 482.78758544921874,
  "summary_fg_stdv": 43.203338623046875,
  "tsnr": 83.17282729782164
}