{
  "aor": 0.0009451601423487544,
  "aqi": 0.008968518896797154,
  "bids_meta": {
    "AcquisitionDateTime": "20170409135408.595000",
    "ConversionSoftware": "dicm2nii.m 20180116",
    "DeviceSerialNumber": "45343",
    "EchoTime": 0.027,
    "EffectiveEchoSpacing": 0.00026500119,
    "FlipAngle": 90,
    "ImageType": "ORIGINAL\\PRIMARY\\M\\ND\\NORM\\MOSAIC",
    "InstitutionAddress": "Jerusalem_Israel",
    "InstitutionName": "Hebrew University",
    "MRAcquisitionType": "2D",
    "Manufacturer": "SIEMENS",
    "Modality": "MR",
    "PatientAge": "020Y",
    "PatientName": "sub-19",
    "PatientPosition": "HFS",
    "PatientSex": "F",
    "PatientSize": 1.56,
    "PatientWeight": 56,
    "PhaseEncodingDirection": "j-",
    "RepetitionTime": 1.5,
    "ScanOptions": "FS",
    "ScanningSequence": "EP",
    "SequenceName": "*epfid2d1_64",
    "SequenceVariant": "SK",
    "SeriesDescription": "TR1.5_282Vol_startToe",
    "SeriesNumber": 6,
    "SliceThickness": 4,
    "SliceTiming": [
      0,
      0.0575,
      0.115,
      0.17,
      0.2275,
      0.285,
      0.3425,
      0.4,
      0.455,
      0.5125,
      0.57,
      0.6275,
      0.6825,
      0.74,
      0.7975,
      0.855,
      0.91,
      0.9675,
      1.025,
      1.0825,
      1.14,
      1.195,
      1.2525,
      1.31,
      1.3675,
      1.4225
    ],
    "SoftwareVersion": "syngo MR D13",
    "TaskName": "StartToe",
    "TotalReadoutTime": 0.016695075,
    "dataset": "ds003089",
    "modality": "bold",
    "subject_id": "19",
    "task_id": "StartToe"
  },
  "dummy_trs": 1,
  "dvars_nstd": 23.524769163035696,
  "dvars_std": 1.3228353293928576,
  "dvars_vstd": 1.0180976652857148,
  "efc": 0.5259658827522808,
  "fber": 8837.8115234375,
  "fd_mean": 0.1445383615406148,
  "fd_num": 43,
  "fd_perc": 15.302491103202847,
  "fwhm_avg": 1.6026691935242727,
  "fwhm_x": 1.6357566666666665,
  "fwhm_y": 1.8204633333333333,
  "fwhm_z": 1.3517875805728186,
  "gcor": 0.0141026,
  "gsr_x": 0.00612027570605278,
  "gsr_y": 0.030391231179237366,
  "provenance": {
    "md5sum": "1ad6e486d8ed2095b53abeb703624d0f",
    "settings": {
      "fd_thres": 0.2,
      "testing": false
    },
    "software": "mriqc",
    "version": "22.0.6",
    "webapi_port": null,
    "webapi_url": "https://mriqc.nimh.nih.gov/api/v1"
  },
  "size_t": 281,
  "size_x": 64,
  "size_y": 64,
  "size_z": 26,
  "snr": 9.799858320406308,
  "spacing_tr": 1.5,
  "spacing_x": 3.0,
  "spacing_y": 3.0,
  "spacing_z": 4.799999713897705,
  "summary_bg_k": 60.9471303030266,
  "summary_bg_mad": 4.273693054125657,
  "summary_bg_mean": 15.014374732971191,
  "summary_bg_median": 4.466192245483398,
  "summary_bg_n": 57366.0,
  "summary_bg_p05": 1.2170817852020264,
  "summary_bg_p95": 60.67971420288086,
  "summary_bg_stdv": 32.48668670654297,
  "summary_fg_k": 6.247820070622964,
  "summary_fg_mad": 35.69323667711818,
  "summary_fg_mean": 417.6527099609375,
  "summary_fg_median": 418.9412841796875,
  "summary_fg_n": 21562.0,
  "summary_fg_p05": 351.9040786743164,
  "summary_fg_p95": 480.2596176147461,
  "summary_fg_stdv": 42.74873733520508,
  "tsnr": 83.46644028648734
}