{
  "bids_meta": {
    "AcquisitionDateTime": "20170418150324.265000",
    "ConversionSoftware": "dicm2nii.m 20180116",
    "DeviceSerialNumber": "45343",
    "EchoTime": 0.00298,
    "FlipAngle": 9,
    "ImageType": "ORIGINAL\\PRIMARY\\M\\ND\\NORM",
    "InstitutionAddress": "Jerusalem_Israel",
    "InstitutionName": "Hebrew University",
    "InversionTime": 0.9,
    "MRAcquisitionType": "3D",
    "Manufacturer": "SIEMENS",
    "Modality": "MR",
    "PatientAge": "030Y",
    "PatientName": "sub-11",
    "PatientPosition": "HFS",
    "PatientSex": "M",
    "PatientSize": 1.8,
    "PatientWeight": 70,
    "PhaseEncodingDirection": "y-",
    "RepetitionTime": 2.3,
    "ScanOptions": "IR\\PFP",
    "ScanningSequence": "GR\\IR",
    "SequenceName": "*tfl3d1_16ns",
    "SequenceVariant": "SK\\SP\\MP",
    "SeriesDescription": "t1_mprage_32COIL",
    "SeriesNumber": 5,
    "SliceThickness": 1,
    "SoftwareVersion": "syngo MR D13",
    "dataset": "ds003089",
    "modality": "T1w",
    "subject_id": "11"
  },
  "cjv": 0.386462711314591,
  "cnr": 3.4933575859581003,
  "efc": 0.5727081898986071,
  "fber": -1.0,
  "fwhm_avg": 3.5065233333333334,
  "fwhm_x": 3.45382,
  "fwhm_y": 3.79061,
  "fwhm_z": 3.27514,
  "icvs_csf": 0.24793683601127306,
  "icvs_gm": 0.44341363982799303,
  "icvs_wm": 0.30864952416073393,
  "inu_med": 0.5490416884422302,
  "inu_range": 0.15217579156160355,
  "provenance": {
    "md5sum": "97886d0475367d42c5dbff9118b874b0",
    "settings": {
      "testing": false
    },
    "software": "mriqc",
    "version": "22.0.6",
    "warnings": {
      "large_rot_frame": true,
      "small_air_mask": false
    },
    "webapi_port": null,
    "webapi_url": "https://mriqc.nimh.nih.gov/api/v1"
  },
  "qi_1": 0.015753184247368508,
  "qi_2": 0.03831731302798496,
  "rpve_csf": 17.838434980370366,
  "rpve_gm": 9.99873236406349,
  "rpve_wm": 15.491526181306197,
  "size_x": 160,
  "size_y": 256,
  "size_z": 256,
  "snr_csf": 3.266273547863953,
  "snr_gm": 13.345471432083214,
  "snr_total": 12.020370528457548,
  "snr_wm": 19.449366605425478,
  "snrd_csf": 38.5157152671094,
  "snrd_gm": 103.27901995715189,
  "snrd_total": 94.03439899392178,
  "snrd_wm": 140.30846175750403,
  "spacing_x": 1.0,
  "spacing_y": 1.0,
  "spacing_z": 1.0,
  "summary_bg_k": 21.1640579124221,
  "summary_bg_mad": 0.0,
  "summary_bg_mean": 2.1284819915689974,
  "summary_bg_median": 0.0,
  "summary_bg_n": 2819981.0,
  "summary_bg_p05": 0.0,
  "summary_bg_p95": 12.43946760892868,
  "summary_bg_stdv": 4.669399379033798,
  "summary_csf_k": 2.7242742533693036,
  "summary_csf_mad": 66.18760061846399,
  "summary_csf_mean": 284.4240136655411,
  "summary_csf_median": 274.5157450437546,
  "summary_csf_n": 80279.0,
  "summary_csf_p05": 171.4891082048416,
  "summary_csf_p95": 437.25787967443466,
  "summary_csf_stdv": 84.0450229459005,
  "summary_gm_k": 0.21759825737608152,
  "summary_gm_mad": 52.725715746911995,
  "summary_gm_mean": 733.9589564232057,
  "summary_gm_median": 736.1077657341957,
  "summary_gm_n": 24835.0,
  "summary_gm_p05": 638.8831871449947,
  "summary_gm_p95": 820.7718113362789,
  "summary_gm_stdv": 55.156758557686075,
  "summary_wm_k": 0.4092706873777683,
  "summary_wm_mad": 49.270498629880315,
  "summary_wm_mean": 1000.2381772623756,
  "summary_wm_median": 1000.0302901864052,
  "summary_wm_n": 164225.0,
  "summary_wm_p05": 916.3741138577461,
  "summary_wm_p95": 1084.981866061687,
  "summary_wm_stdv": 51.41695695155166,
  "tpm_overlap_csf": 0.1590366331289691,
  "tpm_overlap_gm": 0.44578029675250014,
  "tpm_overlap_wm": 0.45974147637567037,
  "wm2max": 0.5380919809784379
}