{
  "aor": 0.0007346975088967972,
  "aqi": 0.008070124092526691,
  "bids_meta": {
    "AcquisitionDateTime": "20170405132043.530000",
    "ConversionSoftware": "dicm2nii.m 20180116",
    "DeviceSerialNumber": "45343",
    "EchoTime": 0.027,
    "EffectiveEchoSpacing": 0.00026500119,
    "FlipAngle": 90,
    "ImageType": "ORIGINAL\\PRIMARY\\M\\ND\\NORM\\MOSAIC",
    "InstitutionAddress": "Jerusalem_Israel",
    "InstitutionName": "Hebrew University",
    "MRAcquisitionType": "2D",
    "Manufacturer": "SIEMENS",
    "Modality": "MR",
    "PatientAge": "025Y",
    "PatientName": "sub-16",
    "PatientPosition": "HFS",
    "PatientSex": "F",
    "PatientSize": 1.58,
    "PatientWeight": 54,
    "PhaseEncodingDirection": "j-",
    "RepetitionTime": 1.5,
    "ScanOptions": "FS",
    "ScanningSequence": "EP",
    "SequenceName": "*epfid2d1_64",
    "SequenceVariant": "SK",
    "SeriesDescription": "TR1.5_282Vol_startLip",
    "SeriesNumber": 3,
    "SliceThickness": 4,
    "SliceTiming": [
      0,
      0.055,
      0.1125,
      0.17,
      0.2275,
      0.2825,
      0.34,
      0.3975,
      0.455,
      0.51,
      0.5675,
      0.625,
      0.6825,
      0.74,
      0.795,
      0.8525,
      0.91,
      0.9675,
      1.0225,
      1.08,
      1.1375,
      1.195,
      1.25,
      1.3075,
      1.365,
      1.4225
    ],
    "SoftwareVersion": "syngo MR D13",
    "TaskName": "StartLip",
    "TotalReadoutTime": 0.016695075,
    "dataset": "ds003089",
    "modality": "bold",
    "subject_id": "16",
    "task_id": "StartLip"
  },
  "dummy_trs": 1,
  "dvars_nstd": 22.940947069392873,
  "dvars_std": 1.275703392285714,
  "dvars_vstd": 1.0118619798214292,
  "efc": 0.5375956408437432,
  "fber": 9500.7421875,
  "fd_mean": 0.1342278395639546,
  "fd_num": 26,
  "fd_perc": 9.252669039145907,
  "fwhm_avg": 1.6026045651601812,
  "fwhm_x": 1.6369366666666665,
  "fwhm_y": 1.79885,
  "fwhm_z": 1.3720270288138776,
  "gcor": 0.0201692,
  "gsr_x": 0.004668125417083502,
  "gsr_y": 0.018688421696424484,
  "provenance": {
    "md5sum": "f099c17d628c7d0cb98d6e955edf3f2a",
    "settings": {
      "fd_thres": 0.2,
      "testing": false
    },
    "software": "mriqc",
    "version": "22.0.6",
    "webapi_port": null,
    "webapi_url": "https://mriqc.nimh.nih.gov/api/v1"
  },
  "size_t": 281,
  "size_x": 64,
  "size_y": 64,
  "size_z": 26,
  "snr": 9.098650278830194,
  "spacing_tr": 1.5,
  "spacing_x": 3.0,
  "spacing_y": 3.0,
  "spacing_z": 4.800000190734863,
  "summary_bg_k": 41.81037740970802,
  "summary_bg_mad": 2.886062051597006,
  "summary_bg_mean": 10.909761428833008,
  "summary_bg_median": 3.5622775554656982,
  "summary_bg_n": 55113.0,
  "summary_bg_p05": 1.174377202987671,
  "summary_bg_p95": 41.97935943603499,
  "summary_bg_stdv": 23.532955169677734,
  "summary_fg_k": 3.9800145978583714,
  "summary_fg_mad": 32.9443732590213,
  "summary_fg_mean": 352.6348571777344,
  "summary_fg_median": 351.6797180175781,
  "summary_fg_n": 23339.0,
  "summary_fg_p05": 294.97829284667966,
  "summary_fg_p95": 412.37758178710936,
  "summary_fg_stdv": 38.65102767944336,
  "tsnr": 81.22904350375757
}