{
  "aor": 0.0006168439716312058,
  "aqi": 0.010024519964539007,
  "bids_meta": {
    "AcquisitionDateTime": "20170405134601.227500",
    "ConversionSoftware": "dicm2nii.m 20180116",
    "DeviceSerialNumber": "45343",
    "EchoTime": 0.027,
    "EffectiveEchoSpacing": 0.00026500119,
    "FlipAngle": 90,
    "ImageType": "ORIGINAL\\PRIMARY\\M\\ND\\NORM\\MOSAIC",
    "InstitutionAddress": "Jerusalem_Israel",
    "InstitutionName": "Hebrew University",
    "MRAcquisitionType": "2D",
    "Manufacturer": "SIEMENS",
    "Modality": "MR",
    "PatientAge": "025Y",
    "PatientName": "sub-16",
    "PatientPosition": "HFS",
    "PatientSex": "F",
    "PatientSize": 1.58,
    "PatientWeight": 54,
    "PhaseEncodingDirection": "j-",
    "RepetitionTime": 1.5,
    "ScanOptions": "FS",
    "ScanningSequence": "EP",
    "SequenceName": "*epfid2d1_64",
    "SequenceVariant": "SK",
    "SeriesDescription": "TR1.5_282Vol_startToe",
    "SeriesNumber": 7,
    "SliceThickness": 4,
    "SliceTiming": [
      0,
      0.0575,
      0.1125,
      0.17,
      0.2275,
      0.285,
      0.34,
      0.3975,
      0.455,
      0.5125,
      0.57,
      0.625,
      0.6825,
      0.74,
      0.7975,
      0.8525,
      0.91,
      0.9675,
      1.025,
      1.08,
      1.1375,
      1.195,
      1.2525,
      1.31,
      1.365,
      1.4225
    ],
    "SoftwareVersion": "syngo MR D13",
    "TaskName": "StartToe",
    "TotalReadoutTime": 0.016695075,
    "dataset": "ds003089",
    "modality": "bold",
    "subject_id": "16",
    "task_id": "StartToe"
  },
  "dummy_trs": 0,
  "dvars_nstd": 26.00771608725979,
  "dvars_std": 1.3420315898576514,
  "dvars_vstd": 1.0048738525978655,
  "efc": 0.5390060154812387,
  "fber": 9346.02734375,
  "fd_mean": 0.1626120719243355,
  "fd_num": 70,
  "fd_perc": 24.822695035460992,
  "fwhm_avg": 1.6079458152008836,
  "fwhm_x": 1.6571,
  "fwhm_y": 1.7977833333333333,
  "fwhm_z": 1.3689541122693176,
  "gcor": 0.0129244,
  "gsr_x": 0.005082190036773682,
  "gsr_y": 0.017333829775452614,
  "provenance": {
    "md5sum": "e01064a70fb1662123ffdeda49f6a459",
    "settings": {
      "fd_thres": 0.2,
      "testing": false
    },
    "software": "mriqc",
    "version": "22.0.6",
    "webapi_port": null,
    "webapi_url": "https://mriqc.nimh.nih.gov/api/v1"
  },
  "size_t": 282,
  "size_x": 64,
  "size_y": 64,
  "size_z": 26,
  "snr": 9.04460179066151,
  "spacing_tr": 1.5,
  "spacing_x": 3.0,
  "spacing_y": 3.0,
  "spacing_z": 4.800000190734863,
  "summary_bg_k": 39.18904572050254,
  "summary_bg_mad": 2.95994695350573,
  "summary_bg_mean": 11.125816345214844,
  "summary_bg_median": 3.5886523723602295,
  "summary_bg_n": 54967.0,
  "summary_bg_p05": 1.173758864402771,
  "summary_bg_p95": 43.340423583984375,
  "summary_bg_stdv": 23.602426528930664,
  "summary_fg_k": 4.301458577505839,
  "summary_fg_mad": 32.96423600236615,
  "summary_fg_mean": 351.7354431152344,
  "summary_fg_median": 350.8155822753906,
  "summary_fg_n": 23423.0,
  "summary_fg_p05": 294.65281982421874,
  "summary_fg_p95": 412.15104675292963,
  "summary_fg_stdv": 38.786460876464844,
  "tsnr": 76.13720889785327
}