{
  "aor": 0.005196063829787234,
  "aqi": 0.027459690070921985,
  "bids_meta": {
    "AcquisitionDateTime": "20170430110759.237500",
    "ConversionSoftware": "dicm2nii.m 20180116",
    "DeviceSerialNumber": "45343",
    "EchoTime": 0.027,
    "EffectiveEchoSpacing": 0.00026500119,
    "FlipAngle": 90,
    "ImageType": "ORIGINAL\\PRIMARY\\M\\ND\\NORM\\MOSAIC",
    "InstitutionAddress": "Jerusalem_Israel",
    "InstitutionName": "Hebrew University",
    "MRAcquisitionType": "2D",
    "Manufacturer": "SIEMENS",
    "Modality": "MR",
    "PatientAge": "028Y",
    "PatientName": "sub-02",
    "PatientPosition": "HFS",
    "PatientSex": "F",
    "PatientSize": 1.64,
    "PatientWeight": 67,
    "PhaseEncodingDirection": "j-",
    "RepetitionTime": 1.5,
    "ScanOptions": "FS",
    "ScanningSequence": "EP",
    "SequenceName": "*epfid2d1_64",
    "SequenceVariant": "SK",
    "SeriesDescription": "TR1.5_282Vol_startToe",
    "SeriesNumber": 7,
    "SliceThickness": 4,
    "SliceTiming": [
      0,
      0.055,
      0.1125,
      0.17,
      0.2275,
      0.2825,
      0.34,
      0.3975,
      0.455,
      0.5125,
      0.5675,
      0.625,
      0.6825,
      0.74,
      0.795,
      0.8525,
      0.91,
      0.9675,
      1.0225,
      1.08,
      1.1375,
      1.195,
      1.25,
      1.3075,
      1.365,
      1.4225
    ],
    "SoftwareVersion": "syngo MR D13",
    "TaskName": "StartToe",
    "TotalReadoutTime": 0.016695075,
    "dataset": "ds003089",
    "modality": "bold",
    "subject_id": "02",
    "task_id": "StartToe"
  },
  "dummy_trs": 0,
  "dvars_nstd": 26.522817333594304,
  "dvars_std": 1.1050083169750895,
  "dvars_vstd": 0.9762371260142338,
  "efc": 0.5470881543188847,
  "fber": 8076.62158203125,
  "fd_mean": 0.23769860794875064,
  "fd_num": 80,
  "fd_perc": 28.368794326241133,
  "fwhm_avg": 1.59002169323726,
  "fwhm_x": 1.6870366666666667,
  "fwhm_y": 1.7456866666666666,
  "fwhm_z": 1.3373417463784465,
  "gcor": 0.0240727,
  "gsr_x": 0.02063722163438797,
  "gsr_y": 0.021716495975852013,
  "provenance": {
    "md5sum": "4261bb271c58a253303fd8b40e724358",
    "settings": {
      "fd_thres": 0.2,
      "testing": false
    },
    "software": "mriqc",
    "version": "22.0.6",
    "webapi_port": null,
    "webapi_url": "https://mriqc.nimh.nih.gov/api/v1"
  },
  "size_t": 282,
  "size_x": 64,
  "size_y": 64,
  "size_z": 26,
  "snr": 8.210858824352618,
  "spacing_tr": 1.5,
  "spacing_x": 3.0,
  "spacing_y": 3.0,
  "spacing_z": 4.799999713897705,
  "summary_bg_k": 22.771573372740672,
  "summary_bg_mad": 4.568728245922833,
  "summary_bg_mean": 16.226694107055664,
  "summary_bg_median": 4.429078102111816,
  "summary_bg_n": 55374.0,
  "summary_bg_p05": 0.9042552709579468,
  "summary_bg_p95": 73.13244438171387,
  "summary_bg_stdv": 32.20752716064453,
  "summary_fg_k": 3.4719842616563756,
  "summary_fg_mad": 40.75056712983342,
  "summary_fg_mean": 396.7303466796875,
  "summary_fg_median": 394.54962158203125,
  "summary_fg_n": 23745.0,
  "summary_fg_p05": 327.52764892578125,
  "summary_fg_p95": 474.0085083007812,
  "summary_fg_stdv": 48.05116271972656,
  "tsnr": 44.619286488741636
}