{
  "bids_meta": {
    "AcquisitionDateTime": "20170327134415.157500",
    "ConversionSoftware": "dicm2nii.m 20180116",
    "DeviceSerialNumber": "45343",
    "EchoTime": 0.00298,
    "FlipAngle": 9,
    "ImageType": "ORIGINAL\\PRIMARY\\M\\ND\\NORM",
    "InstitutionAddress": "Jerusalem_Israel",
    "InstitutionName": "Hebrew University",
    "InversionTime": 0.9,
    "MRAcquisitionType": "3D",
    "Manufacturer": "SIEMENS",
    "Modality": "MR",
    "PatientAge": "024Y",
    "PatientName": "sub-12",
    "PatientPosition": "HFS",
    "PatientSex": "M",
    "PatientSize": 1.78,
    "PatientWeight": 66,
    "PhaseEncodingDirection": "y-",
    "RepetitionTime": 2.3,
    "ScanOptions": "IR\\PFP",
    "ScanningSequence": "GR\\IR",
    "SequenceName": "*tfl3d1_16ns",
    "SequenceVariant": "SK\\SP\\MP",
    "SeriesDescription": "t1_mprage_32COIL",
    "SeriesNumber": 5,
    "SliceThickness": 1,
    "SoftwareVersion": "syngo MR D13",
    "dataset": "ds003089",
    "modality": "T1w",
    "subject_id": "12"
  },
  "cjv": 0.3742413565549663,
  "cnr": 3.586042162372455,
  "efc": 0.5586013419831546,
  "fber": -1.0,
  "fwhm_avg": 3.6302566666666665,
  "fwhm_x": 3.52561,
  "fwhm_y": 3.95151,
  "fwhm_z": 3.41365,
  "icvs_csf": 0.20299589258681847,
  "icvs_gm": 0.4422941823396541,
  "icvs_wm": 0.3547099250735274,
  "inu_med": 0.43261127173900604,
  "inu_range": 0.09857699871063236,
  "provenance": {
    "md5sum": "e9c25622398f0b8b83e8d0c312ea5a04",
    "settings": {
      "testing": false
    },
    "software": "mriqc",
    "version": "22.0.6",
    "warnings": {
      "large_rot_frame": true,
      "small_air_mask": false
    },
    "webapi_port": null,
    "webapi_url": "https://mriqc.nimh.nih.gov/api/v1"
  },
  "qi_1": 0.020074148159030417,
  "qi_2": 0.04267728729894297,
  "rpve_csf": 23.62464486380016,
  "rpve_gm": 11.515157219603969,
  "rpve_wm": 16.223665120222165,
  "size_x": 160,
  "size_y": 256,
  "size_z": 256,
  "snr_csf": 2.6725668911687928,
  "snr_gm": 11.290749081835031,
  "snr_total": 12.141156513782738,
  "snr_wm": 22.460153568344385,
  "snrd_csf": 47.835424664979854,
  "snrd_gm": 124.05937984604203,
  "snrd_total": 114.68455476467786,
  "snrd_wm": 172.1588597830117,
  "spacing_x": 1.0,
  "spacing_y": 1.0,
  "spacing_z": 1.0,
  "summary_bg_k": 32.63740112454532,
  "summary_bg_mad": 0.0,
  "summary_bg_mean": 1.4918076819716422,
  "summary_bg_median": 0.0,
  "summary_bg_n": 2614887.0,
  "summary_bg_p05": 0.0,
  "summary_bg_p95": 6.40582238137722,
  "summary_bg_stdv": 3.805417861360684,
  "summary_csf_k": 1.2595671148164964,
  "summary_csf_mad": 90.2019274031315,
  "summary_csf_mean": 285.19992723778034,
  "summary_csf_median": 277.856305077672,
  "summary_csf_n": 35239.0,
  "summary_csf_p05": 127.24429340660572,
  "summary_csf_p95": 470.4820907711983,
  "summary_csf_stdv": 103.96460553087753,
  "summary_gm_k": 0.13615255878465282,
  "summary_gm_mad": 62.022185377041986,
  "summary_gm_mean": 719.8743036775004,
  "summary_gm_median": 720.6099064797163,
  "summary_gm_n": 29243.0,
  "summary_gm_p05": 613.5484647169709,
  "summary_gm_p95": 824.2940062075851,
  "summary_gm_stdv": 63.821946629476855,
  "summary_wm_k": 0.4251814459787031,
  "summary_wm_mad": 42.53714223558451,
  "summary_wm_mean": 1000.5883190145945,
  "summary_wm_median": 1000.0000000149012,
  "summary_wm_n": 192250.0,
  "summary_wm_p05": 929.0547652840614,
  "summary_wm_p95": 1074.8548915982246,
  "summary_wm_stdv": 44.52317728765192,
  "tpm_overlap_csf": 0.17318705021091832,
  "tpm_overlap_gm": 0.47779383099211703,
  "tpm_overlap_wm": 0.5185459423145552,
  "wm2max": 0.5582293751928176
}