{
  "bids_meta": {
    "AcquisitionDateTime": "20170409134811.267500",
    "ConversionSoftware": "dicm2nii.m 20180116",
    "DeviceSerialNumber": "45343",
    "EchoTime": 0.00298,
    "FlipAngle": 9,
    "ImageType": "ORIGINAL\\PRIMARY\\M\\ND\\NORM",
    "InstitutionAddress": "Jerusalem_Israel",
    "InstitutionName": "Hebrew University",
    "InversionTime": 0.9,
    "MRAcquisitionType": "3D",
    "Manufacturer": "SIEMENS",
    "Modality": "MR",
    "PatientAge": "020Y",
    "PatientName": "sub-19",
    "PatientPosition": "HFS",
    "PatientSex": "F",
    "PatientSize": 1.56,
    "PatientWeight": 56,
    "PhaseEncodingDirection": "y-",
    "RepetitionTime": 2.3,
    "ScanOptions": "IR\\PFP",
    "ScanningSequence": "GR\\IR",
    "SequenceName": "*tfl3d1_16ns",
    "SequenceVariant": "SK\\SP\\MP",
    "SeriesDescription": "t1_mprage_32COIL",
    "SeriesNumber": 5,
    "SliceThickness": 1,
    "SoftwareVersion": "syngo MR D13",
    "dataset": "ds003089",
    "modality": "T1w",
    "subject_id": "19"
  },
  "cjv": 0.3611685484862023,
  "cnr": 3.721345221261713,
  "efc": 0.5191475279918427,
  "fber": -1.0,
  "fwhm_avg": 3.5141933333333335,
  "fwhm_x": 3.47359,
  "fwhm_y": 3.78129,
  "fwhm_z": 3.2877,
  "icvs_csf": 0.20616208530908092,
  "icvs_gm": 0.46347781274612443,
  "icvs_wm": 0.33036010194479465,
  "inu_med": 0.4292313903570175,
  "inu_range": 0.10507981479167938,
  "provenance": {
    "md5sum": "cb6d95893fe3a8199cd416f6a23968b3",
    "settings": {
      "testing": false
    },
    "software": "mriqc",
    "version": "22.0.6",
    "warnings": {
      "large_rot_frame": true,
      "small_air_mask": false
    },
    "webapi_port": null,
    "webapi_url": "https://mriqc.nimh.nih.gov/api/v1"
  },
  "qi_1": 0.018926082070403596,
  "qi_2": 0.040166744202603875,
  "rpve_csf": 24.391814111630435,
  "rpve_gm": 11.573508894997522,
  "rpve_wm": 17.71604894158963,
  "size_x": 160,
  "size_y": 256,
  "size_z": 256,
  "snr_csf": 2.661598624363516,
  "snr_gm": 13.725252780882583,
  "snr_total": 12.677686923525124,
  "snr_wm": 21.646209365329277,
  "snrd_csf": 52.12768850848873,
  "snrd_gm": 121.19843649147307,
  "snrd_total": 112.65407365650883,
  "snrd_wm": 164.63609596956462,
  "spacing_x": 1.0,
  "spacing_y": 1.0,
  "spacing_z": 1.0,
  "summary_bg_k": 22.48548172524921,
  "summary_bg_mad": 0.0,
  "summary_bg_mean": 1.7657657282956662,
  "summary_bg_median": 0.0,
  "summary_bg_n": 2910116.0,
  "summary_bg_p05": 0.0,
  "summary_bg_p95": 8.001213151961565,
  "summary_bg_stdv": 3.979450645122563,
  "summary_csf_k": 1.1485862396134419,
  "summary_csf_mad": 100.8603496089239,
  "summary_csf_mean": 329.5323542632523,
  "summary_csf_median": 316.6356863453984,
  "summary_csf_n": 29783.0,
  "summary_csf_p05": 144.40483319424092,
  "summary_csf_p95": 539.1490448970346,
  "summary_csf_stdv": 118.96247904950015,
  "summary_gm_k": 0.2468617854042514,
  "summary_gm_mad": 51.83569807103001,
  "summary_gm_mean": 735.6095757857407,
  "summary_gm_median": 736.187450863421,
  "summary_gm_n": 33047.0,
  "summary_gm_p05": 646.8961873140186,
  "summary_gm_p95": 822.8508278183637,
  "summary_gm_stdv": 53.63663052626229,
  "summary_wm_k": 0.4708445099173342,
  "summary_wm_mad": 43.45877940228438,
  "summary_wm_mean": 1000.7636722394997,
  "summary_wm_median": 1000.0378826707602,
  "summary_wm_n": 166963.0,
  "summary_wm_p05": 926.0551013462245,
  "summary_wm_p95": 1078.0023103505373,
  "summary_wm_stdv": 46.199076752861785,
  "tpm_overlap_csf": 0.15650395031436964,
  "tpm_overlap_gm": 0.4819235324845433,
  "tpm_overlap_wm": 0.49594955086521725,
  "wm2max": 0.44932104339529416
}