{
  "aor": 0.0012912765957446809,
  "aqi": 0.006179624822695035,
  "bids_meta": {
    "AcquisitionDateTime": "20170420150047.507500",
    "ConversionSoftware": "dicm2nii.m 20180116",
    "DeviceSerialNumber": "45343",
    "EchoTime": 0.027,
    "EffectiveEchoSpacing": 0.00026500119,
    "FlipAngle": 90,
    "ImageType": "ORIGINAL\\PRIMARY\\M\\ND\\NORM\\MOSAIC",
    "InstitutionAddress": "Jerusalem_Israel",
    "InstitutionName": "Hebrew University",
    "MRAcquisitionType": "2D",
    "Manufacturer": "SIEMENS",
    "Modality": "MR",
    "PatientAge": "029Y",
    "PatientName": "sub-09",
    "PatientPosition": "HFS",
    "PatientSex": "M",
    "PatientSize": 1.8,
    "PatientWeight": 64,
    "PhaseEncodingDirection": "j-",
    "RepetitionTime": 1.5,
    "ScanOptions": "FS",
    "ScanningSequence": "EP",
    "SequenceName": "*epfid2d1_64",
    "SequenceVariant": "SK",
    "SeriesDescription": "TR1.5_282Vol_startToe",
    "SeriesNumber": 6,
    "SliceThickness": 4,
    "SliceTiming": [
      0,
      0.0575,
      0.1125,
      0.17,
      0.2275,
      0.285,
      0.34,
      0.3975,
      0.455,
      0.5125,
      0.5675,
      0.625,
      0.6825,
      0.74,
      0.7975,
      0.8525,
      0.91,
      0.9675,
      1.025,
      1.08,
      1.1375,
      1.195,
      1.2525,
      1.3075,
      1.365,
      1.4225
    ],
    "SoftwareVersion": "syngo MR D13",
    "TaskName": "StartToe",
    "TotalReadoutTime": 0.016695075,
    "dataset": "ds003089",
    "modality": "bold",
    "subject_id": "09",
    "task_id": "StartToe"
  },
  "dummy_trs": 0,
  "dvars_nstd": 22.12035312814946,
  "dvars_std": 1.230895747046264,
  "dvars_vstd": 1.0157675614590735,
  "efc": 0.572773672570375,
  "fber": 4673.5185546875,
  "fd_mean": 0.11850711645175241,
  "fd_num": 31,
  "fd_perc": 10.99290780141844,
  "fwhm_avg": 1.682932759264686,
  "fwhm_x": 1.7136699999999998,
  "fwhm_y": 1.9374366666666667,
  "fwhm_z": 1.397691611127392,
  "gcor": 0.054393,
  "gsr_x": 0.02079407498240471,
  "gsr_y": 0.026919854804873466,
  "provenance": {
    "md5sum": "d63cb236b34730e08c166d90cc034301",
    "settings": {
      "fd_thres": 0.2,
      "testing": false
    },
    "software": "mriqc",
    "version": "22.0.6",
    "webapi_port": null,
    "webapi_url": "https://mriqc.nimh.nih.gov/api/v1"
  },
  "size_t": 282,
  "size_x": 64,
  "size_y": 64,
  "size_z": 26,
  "snr": 7.760504079773484,
  "spacing_tr": 1.5,
  "spacing_x": 3.0,
  "spacing_y": 3.0,
  "spacing_z": 4.800000190734863,
  "summary_bg_k": 12.432501869325543,
  "summary_bg_mad": 7.355178950707755,
  "summary_bg_mean": 26.79581069946289,
  "summary_bg_median": 6.521276473999023,
  "summary_bg_n": 53123.0,
  "summary_bg_p05": 1.0957446098327637,
  "summary_bg_p95": 135.09573364257812,
  "summary_bg_stdv": 51.22109603881836,
  "summary_fg_k": 4.285226284562466,
  "summary_fg_mad": 48.99948752371918,
  "summary_fg_mean": 462.8060607910156,
  "summary_fg_median": 463.0850830078125,
  "summary_fg_n": 24264.0,
  "summary_fg_p05": 368.13172607421876,
  "summary_fg_p95": 552.2966033935546,
  "summary_fg_stdv": 59.670806884765625,
  "tsnr": 78.60262416210026
}