{
  "aor": 0.0007451418439716311,
  "aqi": 0.0060836404964539,
  "bids_meta": {
    "AcquisitionDateTime": "20170420143807.392500",
    "ConversionSoftware": "dicm2nii.m 20180116",
    "DeviceSerialNumber": "45343",
    "EchoTime": 0.027,
    "EffectiveEchoSpacing": 0.00026500119,
    "FlipAngle": 90,
    "ImageType": "ORIGINAL\\PRIMARY\\M\\ND\\NORM\\MOSAIC",
    "InstitutionAddress": "Jerusalem_Israel",
    "InstitutionName": "Hebrew University",
    "MRAcquisitionType": "2D",
    "Manufacturer": "SIEMENS",
    "Modality": "MR",
    "PatientAge": "029Y",
    "PatientName": "sub-09",
    "PatientPosition": "HFS",
    "PatientSex": "M",
    "PatientSize": 1.8,
    "PatientWeight": 64,
    "PhaseEncodingDirection": "j-",
    "RepetitionTime": 1.5,
    "ScanOptions": "FS",
    "ScanningSequence": "EP",
    "SequenceName": "*epfid2d1_64",
    "SequenceVariant": "SK",
    "SeriesDescription": "TR1.5_282Vol_startLip",
    "SeriesNumber": 3,
    "SliceThickness": 4,
    "SliceTiming": [
      0,
      0.055,
      0.1125,
      0.17,
      0.2275,
      0.2825,
      0.34,
      0.3975,
      0.455,
      0.51,
      0.5675,
      0.625,
      0.6825,
      0.7375,
      0.795,
      0.8525,
      0.91,
      0.9675,
      1.0225,
      1.08,
      1.1375,
      1.195,
      1.25,
      1.3075,
      1.365,
      1.4225
    ],
    "SoftwareVersion": "syngo MR D13",
    "TaskName": "StartLip",
    "TotalReadoutTime": 0.016695075,
    "dataset": "ds003089",
    "modality": "bold",
    "subject_id": "09",
    "task_id": "StartLip"
  },
  "dummy_trs": 0,
  "dvars_nstd": 21.845190251743762,
  "dvars_std": 1.228412456548043,
  "dvars_vstd": 1.0165934227758004,
  "efc": 0.5715255785869946,
  "fber": 4902.3447265625,
  "fd_mean": 0.12122244948459489,
  "fd_num": 40,
  "fd_perc": 14.184397163120567,
  "fwhm_avg": 1.6875388704057102,
  "fwhm_x": 1.7199466666666667,
  "fwhm_y": 1.9472366666666667,
  "fwhm_z": 1.3954332778837968,
  "gcor": 0.0444634,
  "gsr_x": 0.02058401331305504,
  "gsr_y": 0.027218172326683998,
  "provenance": {
    "md5sum": "7dfd0b1b9d5b1043c37ef0347d24bb39",
    "settings": {
      "fd_thres": 0.2,
      "testing": false
    },
    "software": "mriqc",
    "version": "22.0.6",
    "webapi_port": null,
    "webapi_url": "https://mriqc.nimh.nih.gov/api/v1"
  },
  "size_t": 282,
  "size_x": 64,
  "size_y": 64,
  "size_z": 26,
  "snr": 7.838133524874094,
  "spacing_tr": 1.5,
  "spacing_x": 3.0,
  "spacing_y": 3.0,
  "spacing_z": 4.800000190734863,
  "summary_bg_k": 13.20543351246808,
  "summary_bg_mad": 7.229000230276167,
  "summary_bg_mean": 26.27698516845703,
  "summary_bg_median": 6.40070915222168,
  "summary_bg_n": 53163.0,
  "summary_bg_p05": 1.0780141353607178,
  "summary_bg_p95": 131.81240539550762,
  "summary_bg_stdv": 51.09256362915039,
  "summary_fg_k": 4.455798456262696,
  "summary_fg_mad": 48.410618264873655,
  "summary_fg_mean": 462.8895263671875,
  "summary_fg_median": 462.9432373046875,
  "summary_fg_n": 24249.0,
  "summary_fg_p05": 368.88579711914065,
  "summary_fg_p95": 551.218408203125,
  "summary_fg_stdv": 59.06172561645508,
  "tsnr": 80.03514639753848
}