{
  "aor": 0.0011265957446808513,
  "aqi": 0.00904773184397163,
  "bids_meta": {
    "AcquisitionDateTime": "20170406142257.662500",
    "ConversionSoftware": "dicm2nii.m 20180116",
    "DeviceSerialNumber": "45343",
    "EchoTime": 0.027,
    "EffectiveEchoSpacing": 0.00026500119,
    "FlipAngle": 90,
    "ImageType": "ORIGINAL\\PRIMARY\\M\\ND\\NORM\\MOSAIC",
    "InstitutionAddress": "Jerusalem_Israel",
    "InstitutionName": "Hebrew University",
    "MRAcquisitionType": "2D",
    "Manufacturer": "SIEMENS",
    "Modality": "MR",
    "PatientAge": "025Y",
    "PatientName": "sub-13",
    "PatientPosition": "HFS",
    "PatientSex": "F",
    "PatientSize": 1.62,
    "PatientWeight": 65,
    "PhaseEncodingDirection": "j-",
    "RepetitionTime": 1.5,
    "ScanOptions": "FS",
    "ScanningSequence": "EP",
    "SequenceName": "*epfid2d1_64",
    "SequenceVariant": "SK",
    "SeriesDescription": "TR1.5_282Vol_startLip",
    "SeriesNumber": 3,
    "SliceThickness": 4,
    "SliceTiming": [
      0,
      0.0575,
      0.1125,
      0.17,
      0.2275,
      0.285,
      0.3425,
      0.3975,
      0.455,
      0.5125,
      0.57,
      0.625,
      0.6825,
      0.74,
      0.7975,
      0.8525,
      0.91,
      0.9675,
      1.025,
      1.08,
      1.1375,
      1.195,
      1.2525,
      1.31,
      1.365,
      1.4225
    ],
    "SoftwareVersion": "syngo MR D13",
    "TaskName": "StartLip",
    "TotalReadoutTime": 0.016695075,
    "dataset": "ds003089",
    "modality": "bold",
    "subject_id": "13",
    "task_id": "StartLip"
  },
  "dummy_trs": 0,
  "dvars_nstd": 21.016604962953743,
  "dvars_std": 1.1950380367971531,
  "dvars_vstd": 1.016470516654805,
  "efc": 0.5324707777174951,
  "fber": 9366.4794921875,
  "fd_mean": 0.15207232883686633,
  "fd_num": 41,
  "fd_perc": 14.539007092198581,
  "fwhm_avg": 1.6383955833200627,
  "fwhm_x": 1.64782,
  "fwhm_y": 1.8699333333333332,
  "fwhm_z": 1.3974334166268556,
  "gcor": 0.0318379,
  "gsr_x": 0.007849887013435364,
  "gsr_y": 0.033386267721652985,
  "provenance": {
    "md5sum": "98db14ba21969c9a11694df1bc810526",
    "settings": {
      "fd_thres": 0.2,
      "testing": false
    },
    "software": "mriqc",
    "version": "22.0.6",
    "webapi_port": null,
    "webapi_url": "https://mriqc.nimh.nih.gov/api/v1"
  },
  "size_t": 282,
  "size_x": 64,
  "size_y": 64,
  "size_z": 26,
  "snr": 9.113758751341782,
  "spacing_tr": 1.5,
  "spacing_x": 3.0,
  "spacing_y": 3.0,
  "spacing_z": 4.799999713897705,
  "summary_bg_k": 40.80882675812201,
  "summary_bg_mad": 3.8537143774574445,
  "summary_bg_mean": 14.06611156463623,
  "summary_bg_median": 4.014184474945068,
  "summary_bg_n": 56727.0,
  "summary_bg_p05": 1.063829779624939,
  "summary_bg_p95": 58.38368568420404,
  "summary_bg_stdv": 30.644725799560547,
  "summary_fg_k": 4.970979156868683,
  "summary_fg_mad": 35.45101527279782,
  "summary_fg_mean": 384.63525390625,
  "summary_fg_median": 384.108154296875,
  "summary_fg_n": 22478.0,
  "summary_fg_p05": 323.1448547363281,
  "summary_fg_p95": 449.7668289184569,
  "summary_fg_stdv": 42.14502716064453,
  "tsnr": 79.36655376851559
}