{
  "aor": 0.0010681205673758864,
  "aqi": 0.008888314503546099,
  "bids_meta": {
    "AcquisitionDateTime": "20170406133252.375000",
    "ConversionSoftware": "dicm2nii.m 20180116",
    "DeviceSerialNumber": "45343",
    "EchoTime": 0.027,
    "EffectiveEchoSpacing": 0.00026500119,
    "FlipAngle": 90,
    "ImageType": "ORIGINAL\\PRIMARY\\M\\ND\\NORM\\MOSAIC",
    "InstitutionAddress": "Jerusalem_Israel",
    "InstitutionName": "Hebrew University",
    "MRAcquisitionType": "2D",
    "Manufacturer": "SIEMENS",
    "Modality": "MR",
    "PatientAge": "030Y",
    "PatientName": "sub-17",
    "PatientPosition": "HFS",
    "PatientSex": "M",
    "PatientSize": 1.72,
    "PatientWeight": 65,
    "PhaseEncodingDirection": "j-",
    "RepetitionTime": 1.5,
    "ScanOptions": "FS",
    "ScanningSequence": "EP",
    "SequenceName": "*epfid2d1_64",
    "SequenceVariant": "SK",
    "SeriesDescription": "TR1.5_282Vol_startToe",
    "SeriesNumber": 6,
    "SliceThickness": 4,
    "SliceTiming": [
      0,
      0.055,
      0.1125,
      0.17,
      0.2275,
      0.285,
      0.34,
      0.3975,
      0.455,
      0.5125,
      0.5675,
      0.625,
      0.6825,
      0.74,
      0.795,
      0.8525,
      0.91,
      0.9675,
      1.025,
      1.08,
      1.1375,
      1.195,
      1.2525,
      1.3075,
      1.365,
      1.4225
    ],
    "SoftwareVersion": "syngo MR D13",
    "TaskName": "StartToe",
    "TotalReadoutTime": 0.016695075,
    "dataset": "ds003089",
    "modality": "bold",
    "subject_id": "17",
    "task_id": "StartToe"
  },
  "dummy_trs": 0,
  "dvars_nstd": 24.626765274626344,
  "dvars_std": 1.2510746993238422,
  "dvars_vstd": 1.0197854806761566,
  "efc": 0.5741202594716652,
  "fber": 6218.75146484375,
  "fd_mean": 0.14674740367514913,
  "fd_num": 59,
  "fd_perc": 20.921985815602838,
  "fwhm_avg": 1.6803737312764433,
  "fwhm_x": 1.71216,
  "fwhm_y": 1.9153799999999999,
  "fwhm_z": 1.4135811938293301,
  "gcor": 0.0466921,
  "gsr_x": 0.014809010550379753,
  "gsr_y": 0.046853452920913696,
  "provenance": {
    "md5sum": "b9ebd0da0d4ad51f205db12b7b61d072",
    "settings": {
      "fd_thres": 0.2,
      "testing": false
    },
    "software": "mriqc",
    "version": "22.0.6",
    "webapi_port": null,
    "webapi_url": "https://mriqc.nimh.nih.gov/api/v1"
  },
  "size_t": 282,
  "size_x": 64,
  "size_y": 64,
  "size_z": 26,
  "snr": 8.168636924870258,
  "spacing_tr": 1.5,
  "spacing_x": 3.0,
  "spacing_y": 3.0,
  "spacing_z": 4.800000190734863,
  "summary_bg_k": 14.98590921676432,
  "summary_bg_mad": 4.537182991410075,
  "summary_bg_mean": 18.338468551635742,
  "summary_bg_median": 4.673758506774902,
  "summary_bg_n": 52614.0,
  "summary_bg_p05": 1.2553191184997559,
  "summary_bg_p95": 91.46099090576172,
  "summary_bg_stdv": 33.866397857666016,
  "summary_fg_k": 4.292173972934129,
  "summary_fg_mad": 38.44780101927304,
  "summary_fg_mean": 377.3924255371094,
  "summary_fg_median": 377.4468078613281,
  "summary_fg_n": 25243.0,
  "summary_fg_p05": 307.23191528320314,
  "summary_fg_p95": 448.25141296386715,
  "summary_fg_stdv": 46.20591354370117,
  "tsnr": 71.25424875412136
}