{
  "aor": 0.0008878014184397164,
  "aqi": 0.0072914344680851065,
  "bids_meta": {
    "AcquisitionDateTime": "20170406130941.060000",
    "ConversionSoftware": "dicm2nii.m 20180116",
    "DeviceSerialNumber": "45343",
    "EchoTime": 0.027,
    "EffectiveEchoSpacing": 0.00026500119,
    "FlipAngle": 90,
    "ImageType": "ORIGINAL\\PRIMARY\\M\\ND\\NORM\\MOSAIC",
    "InstitutionAddress": "Jerusalem_Israel",
    "InstitutionName": "Hebrew University",
    "MRAcquisitionType": "2D",
    "Manufacturer": "SIEMENS",
    "Modality": "MR",
    "PatientAge": "030Y",
    "PatientName": "sub-17",
    "PatientPosition": "HFS",
    "PatientSex": "M",
    "PatientSize": 1.72,
    "PatientWeight": 65,
    "PhaseEncodingDirection": "j-",
    "RepetitionTime": 1.5,
    "ScanOptions": "FS",
    "ScanningSequence": "EP",
    "SequenceName": "*epfid2d1_64",
    "SequenceVariant": "SK",
    "SeriesDescription": "TR1.5_282Vol_startLip",
    "SeriesNumber": 3,
    "SliceThickness": 4,
    "SliceTiming": [
      0,
      0.0575,
      0.115,
      0.17,
      0.2275,
      0.285,
      0.3425,
      0.3975,
      0.455,
      0.5125,
      0.57,
      0.625,
      0.6825,
      0.74,
      0.7975,
      0.855,
      0.91,
      0.9675,
      1.025,
      1.0825,
      1.1375,
      1.195,
      1.2525,
      1.31,
      1.365,
      1.4225
    ],
    "SoftwareVersion": "syngo MR D13",
    "TaskName": "StartLip",
    "TotalReadoutTime": 0.016695075,
    "dataset": "ds003089",
    "modality": "bold",
    "subject_id": "17",
    "task_id": "StartLip"
  },
  "dummy_trs": 0,
  "dvars_nstd": 24.755334290676153,
  "dvars_std": 1.2998082582206403,
  "dvars_vstd": 1.0228547429893238,
  "efc": 0.5717185574930828,
  "fber": 6666.39013671875,
  "fd_mean": 0.11417639932659181,
  "fd_num": 14,
  "fd_perc": 4.964539007092198,
  "fwhm_avg": 1.667769981459424,
  "fwhm_x": 1.6997666666666669,
  "fwhm_y": 1.9037766666666667,
  "fwhm_z": 1.399766611044939,
  "gcor": 0.034528,
  "gsr_x": 0.014816396869719028,
  "gsr_y": 0.04707823321223259,
  "provenance": {
    "md5sum": "38f953a611b40d3b4dc6ee002f1181f8",
    "settings": {
      "fd_thres": 0.2,
      "testing": false
    },
    "software": "mriqc",
    "version": "22.0.6",
    "webapi_port": null,
    "webapi_url": "https://mriqc.nimh.nih.gov/api/v1"
  },
  "size_t": 282,
  "size_x": 64,
  "size_y": 64,
  "size_z": 26,
  "snr": 8.285600016810557,
  "spacing_tr": 1.5,
  "spacing_x": 3.0,
  "spacing_y": 3.0,
  "spacing_z": 4.800000190734863,
  "summary_bg_k": 16.220972622522872,
  "summary_bg_mad": 4.3899748671764645,
  "summary_bg_mean": 17.659780502319336,
  "summary_bg_median": 4.54964542388916,
  "summary_bg_n": 52640.0,
  "summary_bg_p05": 1.2340425252914429,
  "summary_bg_p95": 88.03563842773436,
  "summary_bg_stdv": 33.311134338378906,
  "summary_fg_k": 4.140060314679451,
  "summary_fg_mad": 38.66068076286645,
  "summary_fg_mean": 379.6127624511719,
  "summary_fg_median": 379.14715576171875,
  "summary_fg_n": 25170.0,
  "summary_fg_p05": 311.05690612792966,
  "summary_fg_p95": 450.58543701171874,
  "summary_fg_stdv": 45.75886154174805,
  "tsnr": 80.40020290296525
}