{
  "aor": 0.0007120212765957448,
  "aqi": 0.009736290921985816,
  "bids_meta": {
    "AcquisitionDateTime": "20170327124836.885000",
    "ConversionSoftware": "dicm2nii.m 20180116",
    "DeviceSerialNumber": "45343",
    "EchoTime": 0.027,
    "EffectiveEchoSpacing": 0.00026500119,
    "FlipAngle": 90,
    "ImageType": "ORIGINAL\\PRIMARY\\M\\ND\\NORM\\MOSAIC",
    "InstitutionAddress": "Jerusalem_Israel",
    "InstitutionName": "Hebrew University",
    "MRAcquisitionType": "2D",
    "Manufacturer": "SIEMENS",
    "Modality": "MR",
    "PatientAge": "026Y",
    "PatientName": "sub-20",
    "PatientPosition": "HFS",
    "PatientSex": "M",
    "PatientSize": 1.65,
    "PatientWeight": 54,
    "PhaseEncodingDirection": "j-",
    "RepetitionTime": 1.5,
    "ScanOptions": "FS",
    "ScanningSequence": "EP",
    "SequenceName": "*epfid2d1_64",
    "SequenceVariant": "SK",
    "SeriesDescription": "TR1.5_282Vol_startToe",
    "SeriesNumber": 6,
    "SliceThickness": 4,
    "SliceTiming": [
      0,
      0.0575,
      0.1125,
      0.17,
      0.2275,
      0.285,
      0.34,
      0.3975,
      0.455,
      0.5125,
      0.5675,
      0.625,
      0.6825,
      0.74,
      0.7975,
      0.8525,
      0.91,
      0.9675,
      1.025,
      1.08,
      1.1375,
      1.195,
      1.2525,
      1.3075,
      1.365,
      1.4225
    ],
    "SoftwareVersion": "syngo MR D13",
    "TaskName": "StartToe",
    "TotalReadoutTime": 0.016695075,
    "dataset": "ds003089",
    "modality": "bold",
    "subject_id": "20",
    "task_id": "StartToe"
  },
  "dummy_trs": 0,
  "dvars_nstd": 23.965343169608534,
  "dvars_std": 1.187765735871887,
  "dvars_vstd": 1.003010413701068,
  "efc": 0.5750660241440342,
  "fber": 5166.6484375,
  "fd_mean": 0.14090054887778086,
  "fd_num": 33,
  "fd_perc": 11.702127659574469,
  "fwhm_avg": 1.5924459980061583,
  "fwhm_x": 1.6280599999999998,
  "fwhm_y": 1.8515300000000001,
  "fwhm_z": 1.2977479940184748,
  "gcor": 0.0214883,
  "gsr_x": 0.024170046672225,
  "gsr_y": 0.03567300736904144,
  "provenance": {
    "md5sum": "d7356973d0093772f7ebf36226963e93",
    "settings": {
      "fd_thres": 0.2,
      "testing": false
    },
    "software": "mriqc",
    "version": "22.0.6",
    "webapi_port": null,
    "webapi_url": "https://mriqc.nimh.nih.gov/api/v1"
  },
  "size_t": 282,
  "size_x": 64,
  "size_y": 64,
  "size_z": 26,
  "snr": 7.997982097590126,
  "spacing_tr": 1.5,
  "spacing_x": 3.0,
  "spacing_y": 3.0,
  "spacing_z": 4.799999713897705,
  "summary_bg_k": 7.47878216388008,
  "summary_bg_mad": 4.942007277192035,
  "summary_bg_mean": 23.81303596496582,
  "summary_bg_median": 4.836879253387451,
  "summary_bg_n": 54542.0,
  "summary_bg_p05": 1.085106372833252,
  "summary_bg_p95": 125.89963951110833,
  "summary_bg_stdv": 42.652610778808594,
  "summary_fg_k": 4.9824921230815225,
  "summary_fg_mad": 36.09241447474897,
  "summary_fg_mean": 343.35675048828125,
  "summary_fg_median": 342.25531005859375,
  "summary_fg_n": 23710.0,
  "summary_fg_p05": 283.80229034423826,
  "summary_fg_p95": 408.99147644042966,
  "summary_fg_stdv": 42.791805267333984,
  "tsnr": 66.27008866053075
}