{
  "aor": 0.0006018439716312057,
  "aqi": 0.011137166312056737,
  "bids_meta": {
    "AcquisitionDateTime": "20170327122450.332500",
    "ConversionSoftware": "dicm2nii.m 20180116",
    "DeviceSerialNumber": "45343",
    "EchoTime": 0.027,
    "EffectiveEchoSpacing": 0.00026500119,
    "FlipAngle": 90,
    "ImageType": "ORIGINAL\\PRIMARY\\M\\ND\\NORM\\MOSAIC",
    "InstitutionAddress": "Jerusalem_Israel",
    "InstitutionName": "Hebrew University",
    "MRAcquisitionType": "2D",
    "Manufacturer": "SIEMENS",
    "Modality": "MR",
    "PatientAge": "026Y",
    "PatientName": "sub-20",
    "PatientPosition": "HFS",
    "PatientSex": "M",
    "PatientSize": 1.65,
    "PatientWeight": 54,
    "PhaseEncodingDirection": "j-",
    "RepetitionTime": 1.5,
    "ScanOptions": "FS",
    "ScanningSequence": "EP",
    "SequenceName": "*epfid2d1_64",
    "SequenceVariant": "SK",
    "SeriesDescription": "TR1.5_282Vol_startLip",
    "SeriesNumber": 3,
    "SliceThickness": 4,
    "SliceTiming": [
      0,
      0.0575,
      0.1125,
      0.17,
      0.2275,
      0.285,
      0.3425,
      0.3975,
      0.455,
      0.5125,
      0.57,
      0.625,
      0.6825,
      0.74,
      0.7975,
      0.8525,
      0.91,
      0.9675,
      1.025,
      1.0825,
      1.1375,
      1.195,
      1.2525,
      1.31,
      1.365,
      1.4225
    ],
    "SoftwareVersion": "syngo MR D13",
    "TaskName": "StartLip",
    "TotalReadoutTime": 0.016695075,
    "dataset": "ds003089",
    "modality": "bold",
    "subject_id": "20",
    "task_id": "StartLip"
  },
  "dummy_trs": 0,
  "dvars_nstd": 24.485037277758007,
  "dvars_std": 1.1686601085765123,
  "dvars_vstd": 0.9831207784697503,
  "efc": 0.5729496543390549,
  "fber": 5542.462890625,
  "fd_mean": 0.15208359968597762,
  "fd_num": 54,
  "fd_perc": 19.148936170212767,
  "fwhm_avg": 1.5943289147394248,
  "fwhm_x": 1.6253933333333332,
  "fwhm_y": 1.8564933333333336,
  "fwhm_z": 1.301100077551608,
  "gcor": 0.0212748,
  "gsr_x": 0.023586126044392586,
  "gsr_y": 0.0345766581594944,
  "provenance": {
    "md5sum": "f9d831277df1faca8b782e6efcbbd575",
    "settings": {
      "fd_thres": 0.2,
      "testing": false
    },
    "software": "mriqc",
    "version": "22.0.6",
    "webapi_port": null,
    "webapi_url": "https://mriqc.nimh.nih.gov/api/v1"
  },
  "size_t": 282,
  "size_x": 64,
  "size_y": 64,
  "size_z": 26,
  "snr": 8.010633149960448,
  "spacing_tr": 1.5,
  "spacing_x": 3.0,
  "spacing_y": 3.0,
  "spacing_z": 4.799999713897705,
  "summary_bg_k": 8.112628361256856,
  "summary_bg_mad": 4.573985199208436,
  "summary_bg_mean": 23.06587028503418,
  "summary_bg_median": 4.6382975578308105,
  "summary_bg_n": 54558.0,
  "summary_bg_p05": 1.1666666269302368,
  "summary_bg_p95": 122.2808444976805,
  "summary_bg_stdv": 42.004817962646484,
  "summary_fg_k": 5.11958677504022,
  "summary_fg_mad": 36.3053394637714,
  "summary_fg_mean": 344.1454772949219,
  "summary_fg_median": 343.007080078125,
  "summary_fg_n": 23710.0,
  "summary_fg_p05": 284.2996490478516,
  "summary_fg_p95": 409.4152404785156,
  "summary_fg_stdv": 42.81806945800781,
  "tsnr": 64.36824880703352
}