{
  "aor": 0.0014170921985815603,
  "aqi": 0.007550749822695035,
  "bids_meta": {
    "AcquisitionDateTime": "20170424090256.970000",
    "ConversionSoftware": "dicm2nii.m 20180116",
    "DeviceSerialNumber": "45343",
    "EchoTime": 0.027,
    "EffectiveEchoSpacing": 0.00026500119,
    "FlipAngle": 90,
    "ImageType": "ORIGINAL\\PRIMARY\\M\\ND\\NORM\\MOSAIC",
    "InstitutionAddress": "Jerusalem_Israel",
    "InstitutionName": "Hebrew University",
    "MRAcquisitionType": "2D",
    "Manufacturer": "SIEMENS",
    "Modality": "MR",
    "PatientAge": "028Y",
    "PatientName": "sub-06",
    "PatientPosition": "HFS",
    "PatientSex": "F",
    "PatientSize": 1.7,
    "PatientWeight": 60,
    "PhaseEncodingDirection": "j-",
    "RepetitionTime": 1.5,
    "ScanOptions": "FS",
    "ScanningSequence": "EP",
    "SequenceName": "*epfid2d1_64",
    "SequenceVariant": "SK",
    "SeriesDescription": "TR1.5_282Vol_startToe",
    "SeriesNumber": 6,
    "SliceThickness": 4,
    "SliceTiming": [
      0,
      0.055,
      0.1125,
      0.17,
      0.2275,
      0.285,
      0.34,
      0.3975,
      0.455,
      0.5125,
      0.5675,
      0.625,
      0.6825,
      0.74,
      0.795,
      0.8525,
      0.91,
      0.9675,
      1.025,
      1.08,
      1.1375,
      1.195,
      1.2525,
      1.3075,
      1.365,
      1.4225
    ],
    "SoftwareVersion": "syngo MR D13",
    "TaskName": "StartToe",
    "TotalReadoutTime": 0.016695075,
    "dataset": "ds003089",
    "modality": "bold",
    "subject_id": "06",
    "task_id": "StartToe"
  },
  "dummy_trs": 0,
  "dvars_nstd": 19.79539148320284,
  "dvars_std": 1.168354786761566,
  "dvars_vstd": 1.0164323896085403,
  "efc": 0.5267838780685425,
  "fber": 8740.1181640625,
  "fd_mean": 0.1348692703058107,
  "fd_num": 37,
  "fd_perc": 13.120567375886525,
  "fwhm_avg": 1.650899703324736,
  "fwhm_x": 1.6348866666666666,
  "fwhm_y": 1.8911,
  "fwhm_z": 1.426712443307541,
  "gcor": 0.0343934,
  "gsr_x": 0.00885777547955513,
  "gsr_y": 0.02531367540359497,
  "provenance": {
    "md5sum": "03e7ae521d0a349e99f66885bd4193ca",
    "settings": {
      "fd_thres": 0.2,
      "testing": false
    },
    "software": "mriqc",
    "version": "22.0.6",
    "webapi_port": null,
    "webapi_url": "https://mriqc.nimh.nih.gov/api/v1"
  },
  "size_t": 282,
  "size_x": 64,
  "size_y": 64,
  "size_z": 26,
  "snr": 8.887910023958268,
  "spacing_tr": 1.5,
  "spacing_x": 3.0,
  "spacing_y": 3.0,
  "spacing_z": 4.800000190734863,
  "summary_bg_k": 27.95955863335541,
  "summary_bg_mad": 4.944635930574793,
  "summary_bg_mean": 15.900362968444824,
  "summary_bg_median": 4.593971252441406,
  "summary_bg_n": 57514.0,
  "summary_bg_p05": 0.8829786777496338,
  "summary_bg_p95": 68.6941482543945,
  "summary_bg_stdv": 31.72534942626953,
  "summary_fg_k": 3.4656675584505745,
  "summary_fg_mad": 42.46971245131593,
  "summary_fg_mean": 439.02484130859375,
  "summary_fg_median": 438.9432373046875,
  "summary_fg_n": 21687.0,
  "summary_fg_p05": 361.073388671875,
  "summary_fg_p95": 514.0960998535156,
  "summary_fg_stdv": 49.385414123535156,
  "tsnr": 79.927944538882
}