{
  "bids_meta": {
    "AcquisitionDateTime": "20170406144038.200000",
    "ConversionSoftware": "dicm2nii.m 20180116",
    "DeviceSerialNumber": "45343",
    "EchoTime": 0.00298,
    "FlipAngle": 9,
    "ImageType": "ORIGINAL\\PRIMARY\\M\\ND\\NORM",
    "InstitutionAddress": "Jerusalem_Israel",
    "InstitutionName": "Hebrew University",
    "InversionTime": 0.9,
    "MRAcquisitionType": "3D",
    "Manufacturer": "SIEMENS",
    "Modality": "MR",
    "PatientAge": "025Y",
    "PatientName": "sub-13",
    "PatientPosition": "HFS",
    "PatientSex": "F",
    "PatientSize": 1.62,
    "PatientWeight": 65,
    "PhaseEncodingDirection": "y-",
    "RepetitionTime": 2.3,
    "ScanOptions": "IR\\PFP",
    "ScanningSequence": "GR\\IR",
    "SequenceName": "*tfl3d1_16ns",
    "SequenceVariant": "SK\\SP\\MP",
    "SeriesDescription": "t1_mprage_32COIL",
    "SeriesNumber": 5,
    "SliceThickness": 1,
    "SoftwareVersion": "syngo MR D13",
    "dataset": "ds003089",
    "modality": "T1w",
    "subject_id": "13"
  },
  "cjv": 0.41878108720017887,
  "cnr": 3.2972157634326296,
  "efc": 0.5265881424409511,
  "fber": -1.0,
  "fwhm_avg": 3.7672733333333333,
  "fwhm_x": 3.64155,
  "fwhm_y": 4.16551,
  "fwhm_z": 3.49476,
  "icvs_csf": 0.21725050013910227,
  "icvs_gm": 0.4310146951063153,
  "icvs_wm": 0.35173480475458246,
  "inu_med": 0.4885573834180832,
  "inu_range": 0.13883456289768215,
  "provenance": {
    "md5sum": "4779f98b9c81c3238687320a1c3f509c",
    "settings": {
      "testing": false
    },
    "software": "mriqc",
    "version": "22.0.6",
    "warnings": {
      "large_rot_frame": true,
      "small_air_mask": false
    },
    "webapi_port": null,
    "webapi_url": "https://mriqc.nimh.nih.gov/api/v1"
  },
  "qi_1": 0.007846374580818053,
  "qi_2": 0.016615727517736153,
  "rpve_csf": 22.987975854562155,
  "rpve_gm": 11.822471192758801,
  "rpve_wm": 16.347647805540195,
  "size_x": 160,
  "size_y": 256,
  "size_z": 256,
  "snr_csf": 2.7070994179780157,
  "snr_gm": 11.714037960800447,
  "snr_total": 11.58596228033963,
  "snr_wm": 20.336749462240427,
  "snrd_csf": 28.948189981579475,
  "snrd_gm": 76.3128717222063,
  "snrd_total": 69.6446601986538,
  "snrd_wm": 103.67291889217562,
  "spacing_x": 1.0,
  "spacing_y": 1.0,
  "spacing_z": 1.0,
  "summary_bg_k": 69.19482106034629,
  "summary_bg_mad": 0.0,
  "summary_bg_mean": 2.230538438328731,
  "summary_bg_median": 0.0,
  "summary_bg_n": 3129717.0,
  "summary_bg_p05": 0.0,
  "summary_bg_p95": 8.55868835747242,
  "summary_bg_stdv": 6.319490011158442,
  "summary_csf_k": 1.3098380799779807,
  "summary_csf_mad": 89.78359455103681,
  "summary_csf_mean": 294.1359111259571,
  "summary_csf_median": 279.2361978814006,
  "summary_csf_n": 41399.0,
  "summary_csf_p05": 150.7479898929596,
  "summary_csf_p95": 488.5680499725043,
  "summary_csf_stdv": 103.14834523893795,
  "summary_gm_k": -0.005577417262254247,
  "summary_gm_mad": 62.96581066791833,
  "summary_gm_mean": 733.7106228821061,
  "summary_gm_median": 736.1191204935312,
  "summary_gm_n": 22653.0,
  "summary_gm_p05": 626.9634791478514,
  "summary_gm_p95": 832.7459928318858,
  "summary_gm_stdv": 62.839379132908576,
  "summary_wm_k": 0.3525872052319845,
  "summary_wm_mad": 47.557580961713086,
  "summary_wm_mean": 1001.3298793305695,
  "summary_wm_median": 1000.0359854325652,
  "summary_wm_n": 179078.0,
  "summary_wm_p05": 923.1875945925713,
  "summary_wm_p95": 1083.8607861101627,
  "summary_wm_stdv": 49.17369883056001,
  "tpm_overlap_csf": 0.15678796810175052,
  "tpm_overlap_gm": 0.4730978616055643,
  "tpm_overlap_wm": 0.5056357319186849,
  "wm2max": 0.46565545694101385
}