{
  "bids_meta": {
    "AcquisitionDateTime": "20170405152101.117500",
    "ConversionSoftware": "dicm2nii.m 20180116",
    "DeviceSerialNumber": "45343",
    "EchoTime": 0.00298,
    "FlipAngle": 9,
    "ImageType": "ORIGINAL\\PRIMARY\\M\\ND\\NORM",
    "InstitutionAddress": "Jerusalem_Israel",
    "InstitutionName": "Hebrew University",
    "InversionTime": 0.9,
    "MRAcquisitionType": "3D",
    "Manufacturer": "SIEMENS",
    "Modality": "MR",
    "PatientAge": "030Y",
    "PatientName": "sub-15",
    "PatientPosition": "HFS",
    "PatientSex": "M",
    "PatientSize": 1.78,
    "PatientWeight": 110,
    "PhaseEncodingDirection": "y-",
    "RepetitionTime": 2.3,
    "ScanOptions": "IR\\PFP",
    "ScanningSequence": "GR\\IR",
    "SequenceName": "*tfl3d1_16ns",
    "SequenceVariant": "SK\\SP\\MP",
    "SeriesDescription": "t1_mprage_32COIL",
    "SeriesNumber": 5,
    "SliceThickness": 1,
    "SoftwareVersion": "syngo MR D13",
    "dataset": "ds003089",
    "modality": "T1w",
    "subject_id": "15"
  },
  "cjv": 0.37705407030592164,
  "cnr": 3.5656714696532035,
  "efc": 0.5846932360571134,
  "fber": -1.0,
  "fwhm_avg": 3.5844500000000004,
  "fwhm_x": 3.53149,
  "fwhm_y": 3.9258,
  "fwhm_z": 3.29606,
  "icvs_csf": 0.22624677368766488,
  "icvs_gm": 0.43554268600209195,
  "icvs_wm": 0.33821054031024317,
  "inu_med": 0.48238202929496765,
  "inu_range": 0.11786062419414517,
  "provenance": {
    "md5sum": "aaf9375bacc73bcff59eaafc29e62827",
    "settings": {
      "testing": false
    },
    "software": "mriqc",
    "version": "22.0.6",
    "warnings": {
      "large_rot_frame": true,
      "small_air_mask": false
    },
    "webapi_port": null,
    "webapi_url": "https://mriqc.nimh.nih.gov/api/v1"
  },
  "qi_1": 0.04088565136009983,
  "qi_2": 0.013462060164832907,
  "rpve_csf": 20.851429945206302,
  "rpve_gm": 11.11386485251015,
  "rpve_wm": 16.09167111131724,
  "size_x": 160,
  "size_y": 256,
  "size_z": 256,
  "snr_csf": 2.560352299532652,
  "snr_gm": 11.094352375798845,
  "snr_total": 11.738567492203112,
  "snr_wm": 21.560997801277836,
  "snrd_csf": 34.685497319712574,
  "snrd_gm": 90.44705390549237,
  "snrd_total": 83.81739908266351,
  "snrd_wm": 126.3196460227856,
  "spacing_x": 1.0,
  "spacing_y": 1.0,
  "spacing_z": 1.0,
  "summary_bg_k": 20.289825333246664,
  "summary_bg_mad": 0.0,
  "summary_bg_mean": 2.5240960580122653,
  "summary_bg_median": 0.0,
  "summary_bg_n": 2563772.0,
  "summary_bg_p05": 0.0,
  "summary_bg_p95": 7.756132949143648,
  "summary_bg_stdv": 5.18633828490032,
  "summary_csf_k": 1.4257765825472868,
  "summary_csf_mad": 91.43248757598904,
  "summary_csf_mean": 286.86858332386424,
  "summary_csf_median": 274.5851439181715,
  "summary_csf_n": 46282.0,
  "summary_csf_p05": 132.4693395158276,
  "summary_csf_p95": 486.94084905833006,
  "summary_csf_stdv": 107.2439044879403,
  "summary_gm_k": 0.07457580346375714,
  "summary_gm_mad": 63.48661173015443,
  "summary_gm_mean": 714.9287237366125,
  "summary_gm_median": 716.0173338353634,
  "summary_gm_n": 24190.0,
  "summary_gm_p05": 607.3755562400445,
  "summary_gm_p95": 820.3102657236159,
  "summary_gm_stdv": 64.53756916736097,
  "summary_wm_k": 0.6090058281388702,
  "summary_wm_mad": 43.590217826517154,
  "summary_wm_mean": 1000.6729469971141,
  "summary_wm_median": 1000.0000248849392,
  "summary_wm_n": 190811.0,
  "summary_wm_p05": 926.4430244974792,
  "summary_wm_p95": 1077.4892043024302,
  "summary_wm_stdv": 46.37992238133675,
  "tpm_overlap_csf": 0.16016621672122777,
  "tpm_overlap_gm": 0.4659743417639818,
  "tpm_overlap_wm": 0.5063324436315105,
  "wm2max": 0.46680812367384056
}