{
  "aor": 0.000723581560283688,
  "aqi": 0.00848079524822695,
  "bids_meta": {
    "AcquisitionDateTime": "20170423084942.740000",
    "ConversionSoftware": "dicm2nii.m 20180116",
    "DeviceSerialNumber": "45343",
    "EchoTime": 0.027,
    "EffectiveEchoSpacing": 0.00026500119,
    "FlipAngle": 90,
    "ImageType": "ORIGINAL\\PRIMARY\\M\\ND\\NORM\\MOSAIC",
    "InstitutionAddress": "Jerusalem_Israel",
    "InstitutionName": "Hebrew University",
    "MRAcquisitionType": "2D",
    "Manufacturer": "SIEMENS",
    "Modality": "MR",
    "PatientAge": "022Y",
    "PatientName": "sub-04",
    "PatientPosition": "HFS",
    "PatientSex": "M",
    "PatientSize": 1.76,
    "PatientWeight": 73,
    "PhaseEncodingDirection": "j-",
    "RepetitionTime": 1.5,
    "ScanOptions": "FS",
    "ScanningSequence": "EP",
    "SequenceName": "*epfid2d1_64",
    "SequenceVariant": "SK",
    "SeriesDescription": "TR1.5_282Vol_startLip",
    "SeriesNumber": 3,
    "SliceThickness": 4,
    "SliceTiming": [
      0,
      0.0575,
      0.115,
      0.1725,
      0.23,
      0.285,
      0.3425,
      0.4,
      0.4575,
      0.5125,
      0.57,
      0.6275,
      0.685,
      0.74,
      0.7975,
      0.855,
      0.9125,
      0.9675,
      1.025,
      1.0825,
      1.14,
      1.1975,
      1.2525,
      1.31,
      1.3675,
      1.425
    ],
    "SoftwareVersion": "syngo MR D13",
    "TaskName": "StartLip",
    "TotalReadoutTime": 0.016695075,
    "dataset": "ds003089",
    "modality": "bold",
    "subject_id": "04",
    "task_id": "StartLip"
  },
  "dummy_trs": 0,
  "dvars_nstd": 21.638903635195746,
  "dvars_std": 1.1848077350177941,
  "dvars_vstd": 1.0146022037366549,
  "efc": 0.5962851729310755,
  "fber": 4283.90283203125,
  "fd_mean": 0.1155867843918451,
  "fd_num": 6,
  "fd_perc": 2.127659574468085,
  "fwhm_avg": 1.6254547487967062,
  "fwhm_x": 1.6502233333333332,
  "fwhm_y": 1.8886033333333332,
  "fwhm_z": 1.3375375797234523,
  "gcor": 0.0267584,
  "gsr_x": 0.020231619477272034,
  "gsr_y": 0.05438483506441116,
  "provenance": {
    "md5sum": "0cc3b343ffdc636d6b7ef80a1a47aaac",
    "settings": {
      "fd_thres": 0.2,
      "testing": false
    },
    "software": "mriqc",
    "version": "22.0.6",
    "webapi_port": null,
    "webapi_url": "https://mriqc.nimh.nih.gov/api/v1"
  },
  "size_t": 282,
  "size_x": 64,
  "size_y": 64,
  "size_z": 26,
  "snr": 8.452896131986538,
  "spacing_tr": 1.5,
  "spacing_x": 3.0,
  "spacing_y": 3.0,
  "spacing_z": 4.799999713897705,
  "summary_bg_k": 11.107450855843593,
  "summary_bg_mad": 6.395693248047552,
  "summary_bg_mean": 25.15814781188965,
  "summary_bg_median": 5.890070915222168,
  "summary_bg_n": 51712.0,
  "summary_bg_p05": 1.2340425252914429,
  "summary_bg_p95": 116.67889595031737,
  "summary_bg_stdv": 42.61509323120117,
  "summary_fg_k": 5.596063104754824,
  "summary_fg_mad": 37.37263388919648,
  "summary_fg_mean": 388.8646545410156,
  "summary_fg_median": 388.0372314453125,
  "summary_fg_n": 26568.0,
  "summary_fg_p05": 324.2808502197266,
  "summary_fg_p95": 459.3897109985351,
  "summary_fg_stdv": 45.90496826171875,
  "tsnr": 75.49487954936922
}