{
  "aor": 0.003415283687943262,
  "aqi": 0.010552732978723405,
  "bids_meta": {
    "AcquisitionDateTime": "20170423091251.302500",
    "ConversionSoftware": "dicm2nii.m 20180116",
    "DeviceSerialNumber": "45343",
    "EchoTime": 0.027,
    "EffectiveEchoSpacing": 0.00026500119,
    "FlipAngle": 90,
    "ImageType": "ORIGINAL\\PRIMARY\\M\\ND\\NORM\\MOSAIC",
    "InstitutionAddress": "Jerusalem_Israel",
    "InstitutionName": "Hebrew University",
    "MRAcquisitionType": "2D",
    "Manufacturer": "SIEMENS",
    "Modality": "MR",
    "PatientAge": "022Y",
    "PatientName": "sub-04",
    "PatientPosition": "HFS",
    "PatientSex": "M",
    "PatientSize": 1.76,
    "PatientWeight": 73,
    "PhaseEncodingDirection": "j-",
    "RepetitionTime": 1.5,
    "ScanOptions": "FS",
    "ScanningSequence": "EP",
    "SequenceName": "*epfid2d1_64",
    "SequenceVariant": "SK",
    "SeriesDescription": "TR1.5_282Vol_startToe",
    "SeriesNumber": 6,
    "SliceThickness": 4,
    "SliceTiming": [
      0,
      0.0575,
      0.115,
      0.1725,
      0.2275,
      0.285,
      0.3425,
      0.4,
      0.455,
      0.5125,
      0.57,
      0.6275,
      0.685,
      0.74,
      0.7975,
      0.855,
      0.9125,
      0.9675,
      1.025,
      1.0825,
      1.14,
      1.195,
      1.2525,
      1.31,
      1.3675,
      1.425
    ],
    "SoftwareVersion": "syngo MR D13",
    "TaskName": "StartToe",
    "TotalReadoutTime": 0.016695075,
    "dataset": "ds003089",
    "modality": "bold",
    "subject_id": "04",
    "task_id": "StartToe"
  },
  "dummy_trs": 0,
  "dvars_nstd": 23.78126307982206,
  "dvars_std": 1.1618131028113872,
  "dvars_vstd": 1.0111635828825625,
  "efc": 0.5985012635840434,
  "fber": 3888.32177734375,
  "fd_mean": 0.16418715834015282,
  "fd_num": 33,
  "fd_perc": 11.702127659574469,
  "fwhm_avg": 1.632067665766736,
  "fwhm_x": 1.6627233333333333,
  "fwhm_y": 1.8806733333333332,
  "fwhm_z": 1.352806330633541,
  "gcor": 0.0846566,
  "gsr_x": 0.02192136086523533,
  "gsr_y": 0.05318478122353554,
  "provenance": {
    "md5sum": "281ac61a1d5907e61f0425c74e69b080",
    "settings": {
      "fd_thres": 0.2,
      "testing": false
    },
    "software": "mriqc",
    "version": "22.0.6",
    "webapi_port": null,
    "webapi_url": "https://mriqc.nimh.nih.gov/api/v1"
  },
  "size_t": 282,
  "size_x": 64,
  "size_y": 64,
  "size_z": 26,
  "snr": 8.35253221663885,
  "spacing_tr": 1.5,
  "spacing_x": 3.0,
  "spacing_y": 3.0,
  "spacing_z": 4.799999713897705,
  "summary_bg_k": 11.026879392601085,
  "summary_bg_mad": 6.740056385146583,
  "summary_bg_mean": 26.349702835083008,
  "summary_bg_median": 6.173758506774902,
  "summary_bg_n": 51714.0,
  "summary_bg_p05": 1.2872339487075806,
  "summary_bg_p95": 121.56152153015137,
  "summary_bg_stdv": 44.380733489990234,
  "summary_fg_k": 6.201133547289865,
  "summary_fg_mad": 37.41991536253444,
  "summary_fg_mean": 389.2802429199219,
  "summary_fg_median": 388.6329650878906,
  "summary_fg_n": 26608.0,
  "summary_fg_p05": 323.9081405639648,
  "summary_fg_p95": 459.4122207641601,
  "summary_fg_stdv": 46.52788543701172,
  "tsnr": 62.1021252789069
}