{
  "aor": 0.0007026241134751774,
  "aqi": 0.008103588262411346,
  "bids_meta": {
    "AcquisitionDateTime": "20170406144657.277500",
    "ConversionSoftware": "dicm2nii.m 20180116",
    "DeviceSerialNumber": "45343",
    "EchoTime": 0.027,
    "EffectiveEchoSpacing": 0.00026500119,
    "FlipAngle": 90,
    "ImageType": "ORIGINAL\\PRIMARY\\M\\ND\\NORM\\MOSAIC",
    "InstitutionAddress": "Jerusalem_Israel",
    "InstitutionName": "Hebrew University",
    "MRAcquisitionType": "2D",
    "Manufacturer": "SIEMENS",
    "Modality": "MR",
    "PatientAge": "025Y",
    "PatientName": "sub-13",
    "PatientPosition": "HFS",
    "PatientSex": "F",
    "PatientSize": 1.62,
    "PatientWeight": 65,
    "PhaseEncodingDirection": "j-",
    "RepetitionTime": 1.5,
    "ScanOptions": "FS",
    "ScanningSequence": "EP",
    "SequenceName": "*epfid2d1_64",
    "SequenceVariant": "SK",
    "SeriesDescription": "TR1.5_282Vol_startToe",
    "SeriesNumber": 7,
    "SliceThickness": 4,
    "SliceTiming": [
      0,
      0.0575,
      0.1125,
      0.17,
      0.2275,
      0.285,
      0.34,
      0.3975,
      0.455,
      0.5125,
      0.5675,
      0.625,
      0.6825,
      0.74,
      0.7975,
      0.8525,
      0.91,
      0.9675,
      1.025,
      1.08,
      1.1375,
      1.195,
      1.2525,
      1.3075,
      1.365,
      1.4225
    ],
    "SoftwareVersion": "syngo MR D13",
    "TaskName": "StartToe",
    "TotalReadoutTime": 0.016695075,
    "dataset": "ds003089",
    "modality": "bold",
    "subject_id": "13",
    "task_id": "StartToe"
  },
  "dummy_trs": 0,
  "dvars_nstd": 20.612487962633466,
  "dvars_std": 1.1551808901067622,
  "dvars_vstd": 1.0178937030604982,
  "efc": 0.5202781106266932,
  "fber": 15060.6953125,
  "fd_mean": 0.16213600707123876,
  "fd_num": 64,
  "fd_perc": 22.69503546099291,
  "fwhm_avg": 1.594073221210036,
  "fwhm_x": 1.6053166666666667,
  "fwhm_y": 1.8297466666666666,
  "fwhm_z": 1.3471563302967746,
  "gcor": 0.029926,
  "gsr_x": 0.017174113541841507,
  "gsr_y": 0.032654859125614166,
  "provenance": {
    "md5sum": "daa93f681cfcd22ab2c21b95afc65e24",
    "settings": {
      "fd_thres": 0.2,
      "testing": false
    },
    "software": "mriqc",
    "version": "22.0.6",
    "webapi_port": null,
    "webapi_url": "https://mriqc.nimh.nih.gov/api/v1"
  },
  "size_t": 282,
  "size_x": 64,
  "size_y": 64,
  "size_z": 26,
  "snr": 9.473840002913503,
  "spacing_tr": 1.5,
  "spacing_x": 3.0,
  "spacing_y": 3.0,
  "spacing_z": 4.799999713897705,
  "summary_bg_k": 31.43213140138794,
  "summary_bg_mad": 2.9021148116854745,
  "summary_bg_mean": 11.634403228759766,
  "summary_bg_median": 3.1737587451934814,
  "summary_bg_n": 58126.0,
  "summary_bg_p05": 0.9929077625274658,
  "summary_bg_p95": 51.33953666687012,
  "summary_bg_stdv": 24.095190048217773,
  "summary_fg_k": 5.368060676645522,
  "summary_fg_mad": 34.03153042779122,
  "summary_fg_mean": 387.55780029296875,
  "summary_fg_median": 387.5177307128906,
  "summary_fg_n": 21967.0,
  "summary_fg_p05": 327.9599243164063,
  "summary_fg_p95": 448.8606323242187,
  "summary_fg_stdv": 40.903045654296875,
  "tsnr": 83.3486383119598
}