{
  "bids_meta": {
    "AcquisitionDateTime": "20170406132656.945000",
    "ConversionSoftware": "dicm2nii.m 20180116",
    "DeviceSerialNumber": "45343",
    "EchoTime": 0.00298,
    "FlipAngle": 9,
    "ImageType": "ORIGINAL\\PRIMARY\\M\\ND\\NORM",
    "InstitutionAddress": "Jerusalem_Israel",
    "InstitutionName": "Hebrew University",
    "InversionTime": 0.9,
    "MRAcquisitionType": "3D",
    "Manufacturer": "SIEMENS",
    "Modality": "MR",
    "PatientAge": "030Y",
    "PatientName": "sub-17",
    "PatientPosition": "HFS",
    "PatientSex": "M",
    "PatientSize": 1.72,
    "PatientWeight": 65,
    "PhaseEncodingDirection": "y-",
    "RepetitionTime": 2.3,
    "ScanOptions": "IR\\PFP",
    "ScanningSequence": "GR\\IR",
    "SequenceName": "*tfl3d1_16ns",
    "SequenceVariant": "SK\\SP\\MP",
    "SeriesDescription": "t1_mprage_32COIL",
    "SeriesNumber": 5,
    "SliceThickness": 1,
    "SoftwareVersion": "syngo MR D13",
    "dataset": "ds003089",
    "modality": "T1w",
    "subject_id": "17"
  },
  "cjv": 0.41402540862875453,
  "cnr": 3.28245759532771,
  "efc": 0.5704180185845802,
  "fber": -1.0,
  "fwhm_avg": 3.43145,
  "fwhm_x": 3.37983,
  "fwhm_y": 3.76208,
  "fwhm_z": 3.15244,
  "icvs_csf": 0.21321506758847852,
  "icvs_gm": 0.4339585776642914,
  "icvs_wm": 0.35282635474723006,
  "inu_med": 0.4772583246231079,
  "inu_range": 0.12332272678613626,
  "provenance": {
    "md5sum": "9e54f484380136041220fdf2889149d8",
    "settings": {
      "testing": false
    },
    "software": "mriqc",
    "version": "22.0.6",
    "warnings": {
      "large_rot_frame": true,
      "small_air_mask": false
    },
    "webapi_port": null,
    "webapi_url": "https://mriqc.nimh.nih.gov/api/v1"
  },
  "qi_1": 0.010273979019236426,
  "qi_2": 0.04429823820298759,
  "rpve_csf": 20.121286003154054,
  "rpve_gm": 10.348592841939709,
  "rpve_wm": 14.561500934409363,
  "size_x": 160,
  "size_y": 256,
  "size_z": 256,
  "snr_csf": 2.4201765852672965,
  "snr_gm": 11.118338460130365,
  "snr_total": 11.522432551438152,
  "snr_wm": 21.028782608916796,
  "snrd_csf": 46.81519268218565,
  "snrd_gm": 125.42220206332969,
  "snrd_total": 114.45581321081488,
  "snrd_wm": 171.1300448869293,
  "spacing_x": 1.0,
  "spacing_y": 1.0,
  "spacing_z": 1.0,
  "summary_bg_k": 14.012699911276123,
  "summary_bg_mad": 0.0,
  "summary_bg_mean": 1.738427050252802,
  "summary_bg_median": 0.0,
  "summary_bg_n": 2784113.0,
  "summary_bg_p05": 0.0,
  "summary_bg_p95": 10.717277377843857,
  "summary_bg_stdv": 3.8282955194707635,
  "summary_csf_k": 5.827727491535329,
  "summary_csf_mad": 87.92738483005164,
  "summary_csf_mean": 287.1293287835195,
  "summary_csf_median": 273.5650047659874,
  "summary_csf_n": 34661.0,
  "summary_csf_p05": 124.1008722782135,
  "summary_csf_p95": 491.0592941939831,
  "summary_csf_stdv": 113.03351173159766,
  "summary_gm_k": 0.005070635070056451,
  "summary_gm_mad": 65.4851297638329,
  "summary_gm_mean": 731.7860246016867,
  "summary_gm_median": 732.905779927969,
  "summary_gm_n": 24799.0,
  "summary_gm_p05": 621.2496599256992,
  "summary_gm_p95": 839.3592539578676,
  "summary_gm_stdv": 65.91731358827099,
  "summary_wm_k": 0.48679771329151755,
  "summary_wm_mad": 45.098653787649475,
  "summary_wm_mean": 1000.8045590085723,
  "summary_wm_median": 999.9999757111073,
  "summary_wm_n": 208543.0,
  "summary_wm_p05": 924.2886218577623,
  "summary_wm_p95": 1079.9577979594467,
  "summary_wm_stdv": 47.553755094562426,
  "tpm_overlap_csf": 0.16706232413875935,
  "tpm_overlap_gm": 0.4534067222279474,
  "tpm_overlap_wm": 0.49458760476253455,
  "wm2max": 0.5839858567353974
}