{
  "aor": 0.0009629787234042554,
  "aqi": 0.009098359929078014,
  "bids_meta": {
    "AcquisitionDateTime": "20170406091236.012500",
    "ConversionSoftware": "dicm2nii.m 20180116",
    "DeviceSerialNumber": "45343",
    "EchoTime": 0.027,
    "EffectiveEchoSpacing": 0.00026500119,
    "FlipAngle": 90,
    "ImageType": "ORIGINAL\\PRIMARY\\M\\ND\\NORM\\MOSAIC",
    "InstitutionAddress": "Jerusalem_Israel",
    "InstitutionName": "Hebrew University",
    "MRAcquisitionType": "2D",
    "Manufacturer": "SIEMENS",
    "Modality": "MR",
    "PatientAge": "032Y",
    "PatientName": "sub-18",
    "PatientPosition": "HFS",
    "PatientSex": "M",
    "PatientSize": 1.88,
    "PatientWeight": 106,
    "PhaseEncodingDirection": "j-",
    "RepetitionTime": 1.5,
    "ScanOptions": "FS",
    "ScanningSequence": "EP",
    "SequenceName": "*epfid2d1_64",
    "SequenceVariant": "SK",
    "SeriesDescription": "TR1.5_282Vol_startLip",
    "SeriesNumber": 3,
    "SliceThickness": 4,
    "SliceTiming": [
      0,
      0.0575,
      0.115,
      0.17,
      0.2275,
      0.285,
      0.3425,
      0.3975,
      0.455,
      0.5125,
      0.57,
      0.625,
      0.6825,
      0.74,
      0.7975,
      0.855,
      0.91,
      0.9675,
      1.025,
      1.0825,
      1.1375,
      1.195,
      1.2525,
      1.31,
      1.365,
      1.4225
    ],
    "SoftwareVersion": "syngo MR D13",
    "TaskName": "StartLip",
    "TotalReadoutTime": 0.016695075,
    "dataset": "ds003089",
    "modality": "bold",
    "subject_id": "18",
    "task_id": "StartLip"
  },
  "dummy_trs": 0,
  "dvars_nstd": 21.064198110569397,
  "dvars_std": 1.1529227428469755,
  "dvars_vstd": 1.0090917796085412,
  "efc": 0.5606218179977227,
  "fber": 4501.689453125,
  "fd_mean": 0.12017688192980293,
  "fd_num": 7,
  "fd_perc": 2.482269503546099,
  "fwhm_avg": 1.6171299816506004,
  "fwhm_x": 1.6724633333333332,
  "fwhm_y": 1.7935933333333332,
  "fwhm_z": 1.3853332782851349,
  "gcor": 0.0226858,
  "gsr_x": 0.0146709643304348,
  "gsr_y": 0.038053225725889206,
  "provenance": {
    "md5sum": "d41ac95130933df8ec9c250e68209957",
    "settings": {
      "fd_thres": 0.2,
      "testing": false
    },
    "software": "mriqc",
    "version": "22.0.6",
    "webapi_port": null,
    "webapi_url": "https://mriqc.nimh.nih.gov/api/v1"
  },
  "size_t": 282,
  "size_x": 64,
  "size_y": 64,
  "size_z": 26,
  "snr": 8.754915287396368,
  "spacing_tr": 1.5,
  "spacing_x": 3.0,
  "spacing_y": 3.0,
  "spacing_z": 4.800000190734863,
  "summary_bg_k": 12.811308105557385,
  "summary_bg_mad": 7.018701950496956,
  "summary_bg_mean": 25.79195785522461,
  "summary_bg_median": 6.166666507720947,
  "summary_bg_n": 56616.0,
  "summary_bg_p05": 1.042553186416626,
  "summary_bg_p95": 118.48581504821777,
  "summary_bg_stdv": 44.87771224975586,
  "summary_fg_k": 3.5199722659676675,
  "summary_fg_mad": 42.1122283165377,
  "summary_fg_mean": 416.23736572265625,
  "summary_fg_median": 415.439697265625,
  "summary_fg_n": 22396.0,
  "summary_fg_p05": 347.06114959716797,
  "summary_fg_p95": 491.89270782470703,
  "summary_fg_stdv": 47.451107025146484,
  "tsnr": 70.81687130779028
}