{
  "aor": 0.0013189716312056736,
  "aqi": 0.010240810886524822,
  "bids_meta": {
    "AcquisitionDateTime": "20170406093730.625000",
    "ConversionSoftware": "dicm2nii.m 20180116",
    "DeviceSerialNumber": "45343",
    "EchoTime": 0.027,
    "EffectiveEchoSpacing": 0.00026500119,
    "FlipAngle": 90,
    "ImageType": "ORIGINAL\\PRIMARY\\M\\ND\\NORM\\MOSAIC",
    "InstitutionAddress": "Jerusalem_Israel",
    "InstitutionName": "Hebrew University",
    "MRAcquisitionType": "2D",
    "Manufacturer": "SIEMENS",
    "Modality": "MR",
    "PatientAge": "032Y",
    "PatientName": "sub-18",
    "PatientPosition": "HFS",
    "PatientSex": "M",
    "PatientSize": 1.88,
    "PatientWeight": 106,
    "PhaseEncodingDirection": "j-",
    "RepetitionTime": 1.5,
    "ScanOptions": "FS",
    "ScanningSequence": "EP",
    "SequenceName": "*epfid2d1_64",
    "SequenceVariant": "SK",
    "SeriesDescription": "TR1.5_282Vol_startToe",
    "SeriesNumber": 6,
    "SliceThickness": 4,
    "SliceTiming": [
      0,
      0.0575,
      0.115,
      0.1725,
      0.23,
      0.285,
      0.3425,
      0.4,
      0.4575,
      0.5125,
      0.57,
      0.6275,
      0.685,
      0.74,
      0.7975,
      0.855,
      0.9125,
      0.97,
      1.025,
      1.0825,
      1.14,
      1.1975,
      1.2525,
      1.31,
      1.3675,
      1.425
    ],
    "SoftwareVersion": "syngo MR D13",
    "TaskName": "StartToe",
    "TotalReadoutTime": 0.016695075,
    "dataset": "ds003089",
    "modality": "bold",
    "subject_id": "18",
    "task_id": "StartToe"
  },
  "dummy_trs": 0,
  "dvars_nstd": 22.31112519512456,
  "dvars_std": 1.1533666737722414,
  "dvars_vstd": 1.012884283594306,
  "efc": 0.5625811420083972,
  "fber": 4351.833984375,
  "fd_mean": 0.15545711040486535,
  "fd_num": 52,
  "fd_perc": 18.43971631205674,
  "fwhm_avg": 1.6120631764477331,
  "fwhm_x": 1.6826299999999998,
  "fwhm_y": 1.7948533333333332,
  "fwhm_z": 1.3587061960098665,
  "gcor": 0.0305163,
  "gsr_x": 0.01813596673309803,
  "gsr_y": 0.03702237829566002,
  "provenance": {
    "md5sum": "1cc0e754a1805b6500a08d29cee6bcf8",
    "settings": {
      "fd_thres": 0.2,
      "testing": false
    },
    "software": "mriqc",
    "version": "22.0.6",
    "webapi_port": null,
    "webapi_url": "https://mriqc.nimh.nih.gov/api/v1"
  },
  "size_t": 282,
  "size_x": 64,
  "size_y": 64,
  "size_z": 26,
  "snr": 8.753443688228172,
  "spacing_tr": 1.5,
  "spacing_x": 3.0,
  "spacing_y": 3.0,
  "spacing_z": 4.800000190734863,
  "summary_bg_k": 12.538357454079474,
  "summary_bg_mad": 7.123851267126518,
  "summary_bg_mean": 26.61206817626953,
  "summary_bg_median": 6.244680881500244,
  "summary_bg_n": 56689.0,
  "summary_bg_p05": 1.02482271194458,
  "summary_bg_p95": 122.12765502929688,
  "summary_bg_stdv": 46.49232864379883,
  "summary_fg_k": 3.805861301330192,
  "summary_fg_mad": 42.35931360447896,
  "summary_fg_mean": 415.8322448730469,
  "summary_fg_median": 414.9432373046875,
  "summary_fg_n": 22413.0,
  "summary_fg_p05": 345.9014038085938,
  "summary_fg_p95": 491.1659484863281,
  "summary_fg_stdv": 47.40237045288086,
  "tsnr": 66.50360085326247
}