{
  "aor": 0.0008188571428571429,
  "aqi": 0.007581770535714284,
  "bids_meta": {
    "AcquisitionDateTime": "20170405150358.525000",
    "ConversionSoftware": "dicm2nii.m 20180116",
    "DeviceSerialNumber": "45343",
    "EchoTime": 0.027,
    "EffectiveEchoSpacing": 0.00026500119,
    "FlipAngle": 90,
    "ImageType": "ORIGINAL\\PRIMARY\\M\\ND\\NORM\\MOSAIC",
    "InstitutionAddress": "Jerusalem_Israel",
    "InstitutionName": "Hebrew University",
    "MRAcquisitionType": "2D",
    "Manufacturer": "SIEMENS",
    "Modality": "MR",
    "PatientAge": "030Y",
    "PatientName": "sub-15",
    "PatientPosition": "HFS",
    "PatientSex": "M",
    "PatientSize": 1.78,
    "PatientWeight": 110,
    "PhaseEncodingDirection": "j-",
    "RepetitionTime": 1.5,
    "ScanOptions": "FS",
    "ScanningSequence": "EP",
    "SequenceName": "*epfid2d1_64",
    "SequenceVariant": "SK",
    "SeriesDescription": "TR1.5_282Vol_startLip",
    "SeriesNumber": 3,
    "SliceThickness": 4,
    "SliceTiming": [
      0,
      0.0575,
      0.115,
      0.1725,
      0.2275,
      0.285,
      0.3425,
      0.4,
      0.455,
      0.5125,
      0.57,
      0.6275,
      0.685,
      0.74,
      0.7975,
      0.855,
      0.9125,
      0.9675,
      1.025,
      1.0825,
      1.14,
      1.195,
      1.2525,
      1.31,
      1.3675,
      1.425
    ],
    "SoftwareVersion": "syngo MR D13",
    "TaskName": "StartLip",
    "TotalReadoutTime": 0.016695075,
    "dataset": "ds003089",
    "modality": "bold",
    "subject_id": "15",
    "task_id": "StartLip"
  },
  "dummy_trs": 2,
  "dvars_nstd": 22.691863452903203,
  "dvars_std": 1.1726437955913975,
  "dvars_vstd": 1.0093514945519708,
  "efc": 0.549751663915874,
  "fber": 6497.287109375,
  "fd_mean": 0.21399972232294018,
  "fd_num": 153,
  "fd_perc": 54.642857142857146,
  "fwhm_avg": 1.6399440091916981,
  "fwhm_x": 1.6606133333333333,
  "fwhm_y": 1.8560166666666669,
  "fwhm_z": 1.4032020275750943,
  "gcor": 0.0236626,
  "gsr_x": 0.018069861456751823,
  "gsr_y": 0.025872139260172844,
  "provenance": {
    "md5sum": "d14d1e56d966b27056dbd2eb1c0d3a38",
    "settings": {
      "fd_thres": 0.2,
      "testing": false
    },
    "software": "mriqc",
    "version": "22.0.6",
    "webapi_port": null,
    "webapi_url": "https://mriqc.nimh.nih.gov/api/v1"
  },
  "size_t": 280,
  "size_x": 64,
  "size_y": 64,
  "size_z": 26,
  "snr": 8.23423837810903,
  "spacing_tr": 1.5,
  "spacing_x": 3.0,
  "spacing_y": 3.0,
  "spacing_z": 4.800000190734863,
  "summary_bg_k": 19.036408633771003,
  "summary_bg_mad": 4.241301215218129,
  "summary_bg_mean": 14.491190910339355,
  "summary_bg_median": 4.392857074737549,
  "summary_bg_n": 55031.0,
  "summary_bg_p05": 1.2178571224212646,
  "summary_bg_p95": 62.91250038146973,
  "summary_bg_stdv": 26.04997444152832,
  "summary_fg_k": 4.608059851429836,
  "summary_fg_mad": 35.81012824302117,
  "summary_fg_mean": 362.0313415527344,
  "summary_fg_median": 362.89642333984375,
  "summary_fg_n": 23863.0,
  "summary_fg_p05": 293.72679443359374,
  "summary_fg_p95": 428.1717742919921,
  "summary_fg_stdv": 44.07072067260742,
  "tsnr": 77.53025327506475
}