{
  "aor": 0.0019256028368794325,
  "aqi": 0.00784914,
  "bids_meta": {
    "AcquisitionDateTime": "20170405152734.412500",
    "ConversionSoftware": "dicm2nii.m 20180116",
    "DeviceSerialNumber": "45343",
    "EchoTime": 0.027,
    "EffectiveEchoSpacing": 0.00026500119,
    "FlipAngle": 90,
    "ImageType": "ORIGINAL\\PRIMARY\\M\\ND\\NORM\\MOSAIC",
    "InstitutionAddress": "Jerusalem_Israel",
    "InstitutionName": "Hebrew University",
    "MRAcquisitionType": "2D",
    "Manufacturer": "SIEMENS",
    "Modality": "MR",
    "PatientAge": "030Y",
    "PatientName": "sub-15",
    "PatientPosition": "HFS",
    "PatientSex": "M",
    "PatientSize": 1.78,
    "PatientWeight": 110,
    "PhaseEncodingDirection": "j-",
    "RepetitionTime": 1.5,
    "ScanOptions": "FS",
    "ScanningSequence": "EP",
    "SequenceName": "*epfid2d1_64",
    "SequenceVariant": "SK",
    "SeriesDescription": "TR1.5_282Vol_startToe",
    "SeriesNumber": 7,
    "SliceThickness": 4,
    "SliceTiming": [
      0,
      0.0575,
      0.1125,
      0.17,
      0.2275,
      0.285,
      0.34,
      0.3975,
      0.455,
      0.5125,
      0.5675,
      0.625,
      0.6825,
      0.74,
      0.7975,
      0.8525,
      0.91,
      0.9675,
      1.025,
      1.08,
      1.1375,
      1.195,
      1.2525,
      1.3075,
      1.365,
      1.4225
    ],
    "SoftwareVersion": "syngo MR D13",
    "TaskName": "StartToe",
    "TotalReadoutTime": 0.016695075,
    "dataset": "ds003089",
    "modality": "bold",
    "subject_id": "15",
    "task_id": "StartToe"
  },
  "dummy_trs": 0,
  "dvars_nstd": 23.44154879202848,
  "dvars_std": 1.216058451601423,
  "dvars_vstd": 1.0317915684697507,
  "efc": 0.5535164975378628,
  "fber": 5485.755859375,
  "fd_mean": 0.2240724623944284,
  "fd_num": 179,
  "fd_perc": 63.47517730496454,
  "fwhm_avg": 1.6405105369883781,
  "fwhm_x": 1.6736966666666666,
  "fwhm_y": 1.8460599999999998,
  "fwhm_z": 1.4017749442984682,
  "gcor": 0.0188154,
  "gsr_x": 0.01800794154405594,
  "gsr_y": 0.027164876461029053,
  "provenance": {
    "md5sum": "1ca06e972f995d68d5d93080b9a4cc71",
    "settings": {
      "fd_thres": 0.2,
      "testing": false
    },
    "software": "mriqc",
    "version": "22.0.6",
    "webapi_port": null,
    "webapi_url": "https://mriqc.nimh.nih.gov/api/v1"
  },
  "size_t": 282,
  "size_x": 64,
  "size_y": 64,
  "size_z": 26,
  "snr": 8.02817873908501,
  "spacing_tr": 1.5,
  "spacing_x": 3.0,
  "spacing_y": 3.0,
  "spacing_z": 4.800000190734863,
  "summary_bg_k": 17.059308684832864,
  "summary_bg_mad": 4.621302727497658,
  "summary_bg_mean": 15.360054969787598,
  "summary_bg_median": 4.719858169555664,
  "summary_bg_n": 54846.0,
  "summary_bg_p05": 1.2553191184997559,
  "summary_bg_p95": 66.98669815063477,
  "summary_bg_stdv": 27.084617614746094,
  "summary_fg_k": 4.662729833466364,
  "summary_fg_mad": 36.67603526382684,
  "summary_fg_mean": 359.87158203125,
  "summary_fg_median": 361.0318908691406,
  "summary_fg_n": 23969.0,
  "summary_fg_p05": 289.6929077148437,
  "summary_fg_p95": 426.55956420898434,
  "summary_fg_stdv": 44.96964645385742,
  "tsnr": 75.1510826102458
}