{
  "bids_meta": {
    "AcquisitionDateTime": "20170405133836.115000",
    "ConversionSoftware": "dicm2nii.m 20180116",
    "DeviceSerialNumber": "45343",
    "EchoTime": 0.00298,
    "FlipAngle": 9,
    "ImageType": "ORIGINAL\\PRIMARY\\M\\ND\\NORM",
    "InstitutionAddress": "Jerusalem_Israel",
    "InstitutionName": "Hebrew University",
    "InversionTime": 0.9,
    "MRAcquisitionType": "3D",
    "Manufacturer": "SIEMENS",
    "Modality": "MR",
    "PatientAge": "025Y",
    "PatientName": "sub-16",
    "PatientPosition": "HFS",
    "PatientSex": "F",
    "PatientSize": 1.58,
    "PatientWeight": 54,
    "PhaseEncodingDirection": "y-",
    "RepetitionTime": 2.3,
    "ScanOptions": "IR\\PFP",
    "ScanningSequence": "GR\\IR",
    "SequenceName": "*tfl3d1_16ns",
    "SequenceVariant": "SK\\SP\\MP",
    "SeriesDescription": "t1_mprage_32COIL",
    "SeriesNumber": 5,
    "SliceThickness": 1,
    "SoftwareVersion": "syngo MR D13",
    "dataset": "ds003089",
    "modality": "T1w",
    "subject_id": "16"
  },
  "cjv": 0.37430949396131064,
  "cnr": 3.497950371997451,
  "efc": 0.5270959053047628,
  "fber": -1.0,
  "fwhm_avg": 3.4482866666666667,
  "fwhm_x": 3.41339,
  "fwhm_y": 3.74189,
  "fwhm_z": 3.18958,
  "icvs_csf": 0.20415766348483308,
  "icvs_gm": 0.4415421301683202,
  "icvs_wm": 0.35430020634684667,
  "inu_med": 0.3542592227458954,
  "inu_range": 0.06659247279167174,
  "provenance": {
    "md5sum": "6256d0110583dd2ed8d2562a056dd316",
    "settings": {
      "testing": false
    },
    "software": "mriqc",
    "version": "22.0.6",
    "warnings": {
      "large_rot_frame": true,
      "small_air_mask": false
    },
    "webapi_port": null,
    "webapi_url": "https://mriqc.nimh.nih.gov/api/v1"
  },
  "qi_1": 0.009230379975708136,
  "qi_2": 0.07583144681500177,
  "rpve_csf": 23.446039260553864,
  "rpve_gm": 11.590396718206222,
  "rpve_wm": 16.46249920971107,
  "size_x": 160,
  "size_y": 256,
  "size_z": 256,
  "snr_csf": 2.518638225915333,
  "snr_gm": 12.547090839027607,
  "snr_total": 13.20351728465206,
  "snr_wm": 24.544822789013246,
  "snrd_csf": 54.820343385978596,
  "snrd_gm": 132.2144185074417,
  "snrd_total": 121.3220825392563,
  "snrd_wm": 176.93148572434862,
  "spacing_x": 1.0,
  "spacing_y": 1.0,
  "spacing_z": 1.0,
  "summary_bg_k": 17.10254455380677,
  "summary_bg_mad": 0.0,
  "summary_bg_mean": 1.6744428592617344,
  "summary_bg_median": 0.0,
  "summary_bg_n": 3006612.0,
  "summary_bg_p05": 0.0,
  "summary_bg_p95": 10.416666951030493,
  "summary_bg_stdv": 3.7028844659903406,
  "summary_csf_k": 1.9553117343602056,
  "summary_csf_mad": 107.36659323070606,
  "summary_csf_mean": 327.28788642686385,
  "summary_csf_median": 309.84906035475433,
  "summary_csf_n": 27993.0,
  "summary_csf_p05": 149.90644121803345,
  "summary_csf_p95": 548.8834980178624,
  "summary_csf_stdv": 123.02025861224543,
  "summary_gm_k": 0.2646283968456187,
  "summary_gm_mad": 56.31891066106804,
  "summary_gm_mean": 746.689558332941,
  "summary_gm_median": 747.2866970468313,
  "summary_gm_n": 26743.0,
  "summary_gm_p05": 645.212717214413,
  "summary_gm_p95": 843.7469042709097,
  "summary_gm_stdv": 59.55744920249244,
  "summary_wm_k": 0.5880060066120287,
  "summary_wm_mad": 38.28576192722851,
  "summary_wm_mean": 1001.2702776766037,
  "summary_wm_median": 1000.0312149245292,
  "summary_wm_n": 197301.0,
  "summary_wm_p05": 936.6579597014934,
  "summary_wm_p95": 1069.8603086471558,
  "summary_wm_stdv": 40.74295786282191,
  "tpm_overlap_csf": 0.16145955207298757,
  "tpm_overlap_gm": 0.47554648390418286,
  "tpm_overlap_wm": 0.5284738371646054,
  "wm2max": 0.523210197489942
}