{
  "aor": 0.002588683274021352,
  "aqi": 0.026443006761565836,
  "bids_meta": {
    "AcquisitionDateTime": "20170430104321.312500",
    "ConversionSoftware": "dicm2nii.m 20180116",
    "DeviceSerialNumber": "45343",
    "EchoTime": 0.027,
    "EffectiveEchoSpacing": 0.00026500119,
    "FlipAngle": 90,
    "ImageType": "ORIGINAL\\PRIMARY\\M\\ND\\NORM\\MOSAIC",
    "InstitutionAddress": "Jerusalem_Israel",
    "InstitutionName": "Hebrew University",
    "MRAcquisitionType": "2D",
    "Manufacturer": "SIEMENS",
    "Modality": "MR",
    "PatientAge": "028Y",
    "PatientName": "sub-02",
    "PatientPosition": "HFS",
    "PatientSex": "F",
    "PatientSize": 1.64,
    "PatientWeight": 67,
    "PhaseEncodingDirection": "j-",
    "RepetitionTime": 1.5,
    "ScanOptions": "FS",
    "ScanningSequence": "EP",
    "SequenceName": "*epfid2d1_64",
    "SequenceVariant": "SK",
    "SeriesDescription": "TR1.5_282Vol_startLip",
    "SeriesNumber": 3,
    "SliceThickness": 4,
    "SliceTiming": [
      0,
      0.055,
      0.1125,
      0.17,
      0.2275,
      0.2825,
      0.34,
      0.3975,
      0.455,
      0.51,
      0.5675,
      0.625,
      0.6825,
      0.74,
      0.795,
      0.8525,
      0.91,
      0.9675,
      1.0225,
      1.08,
      1.1375,
      1.195,
      1.25,
      1.3075,
      1.365,
      1.4225
    ],
    "SoftwareVersion": "syngo MR D13",
    "TaskName": "StartLip",
    "TotalReadoutTime": 0.016695075,
    "dataset": "ds003089",
    "modality": "bold",
    "subject_id": "02",
    "task_id": "StartLip"
  },
  "dummy_trs": 1,
  "dvars_nstd": 24.869708579142852,
  "dvars_std": 1.1567930280714287,
  "dvars_vstd": 0.9645040537499995,
  "efc": 0.5426771709637851,
  "fber": 8644.8125,
  "fd_mean": 0.18192150528896203,
  "fd_num": 72,
  "fd_perc": 25.622775800711743,
  "fwhm_avg": 1.5576969700778374,
  "fwhm_x": 1.65065,
  "fwhm_y": 1.73227,
  "fwhm_z": 1.2901709102335122,
  "gcor": 0.0226147,
  "gsr_x": 0.02337181195616722,
  "gsr_y": 0.02245127223432064,
  "provenance": {
    "md5sum": "80e5f07b07cf8c6efc9c0d0e598b730f",
    "settings": {
      "fd_thres": 0.2,
      "testing": false
    },
    "software": "mriqc",
    "version": "22.0.6",
    "webapi_port": null,
    "webapi_url": "https://mriqc.nimh.nih.gov/api/v1"
  },
  "size_t": 281,
  "size_x": 64,
  "size_y": 64,
  "size_z": 26,
  "snr": 8.292252201657849,
  "spacing_tr": 1.5,
  "spacing_x": 3.0,
  "spacing_y": 3.0,
  "spacing_z": 4.799999713897705,
  "summary_bg_k": 24.97583119701223,
  "summary_bg_mad": 4.442530260835916,
  "summary_bg_mean": 15.540457725524902,
  "summary_bg_median": 4.313167095184326,
  "summary_bg_n": 55899.0,
  "summary_bg_p05": 0.8790035247802734,
  "summary_bg_p95": 69.29715118408201,
  "summary_bg_stdv": 31.46895980834961,
  "summary_fg_k": 4.3107530426104566,
  "summary_fg_mad": 40.25187201104775,
  "summary_fg_mean": 400.8258056640625,
  "summary_fg_median": 398.512451171875,
  "summary_fg_n": 23533.0,
  "summary_fg_p05": 333.28612060546874,
  "summary_fg_p95": 477.06904296875,
  "summary_fg_stdv": 48.05738830566406,
  "tsnr": 48.020231743576005
}