{
  "aor": 0.0009075531914893617,
  "aqi": 0.03243722765957447,
  "bids_meta": {
    "AcquisitionDateTime": "20170328075922.612500",
    "ConversionSoftware": "dicm2nii.m 20180116",
    "DeviceSerialNumber": "45343",
    "EchoTime": 0.027,
    "EffectiveEchoSpacing": 0.00026500119,
    "FlipAngle": 90,
    "ImageType": "ORIGINAL\\PRIMARY\\M\\ND\\NORM\\MOSAIC",
    "InstitutionAddress": "Jerusalem_Israel",
    "InstitutionName": "Hebrew University",
    "MRAcquisitionType": "2D",
    "Manufacturer": "SIEMENS",
    "Modality": "MR",
    "PatientAge": "022Y",
    "PatientName": "sub-14",
    "PatientPosition": "HFS",
    "PatientSex": "F",
    "PatientSize": 1.7,
    "PatientWeight": 70,
    "PhaseEncodingDirection": "j-",
    "RepetitionTime": 1.5,
    "ScanOptions": "FS",
    "ScanningSequence": "EP",
    "SequenceName": "*epfid2d1_64",
    "SequenceVariant": "SK",
    "SeriesDescription": "TR1.5_282Vol_startToe",
    "SeriesNumber": 6,
    "SliceThickness": 4,
    "SliceTiming": [
      0,
      0.0575,
      0.115,
      0.1725,
      0.2275,
      0.285,
      0.3425,
      0.4,
      0.4575,
      0.5125,
      0.57,
      0.6275,
      0.685,
      0.74,
      0.7975,
      0.855,
      0.9125,
      0.9675,
      1.025,
      1.0825,
      1.14,
      1.1975,
      1.2525,
      1.31,
      1.3675,
      1.425
    ],
    "SoftwareVersion": "syngo MR D13",
    "TaskName": "StartToe",
    "TotalReadoutTime": 0.016695075,
    "dataset": "ds003089",
    "modality": "bold",
    "subject_id": "14",
    "task_id": "StartToe"
  },
  "dummy_trs": 0,
  "dvars_nstd": 24.788088516583638,
  "dvars_std": 1.0630164062989331,
  "dvars_vstd": 0.9446346034163704,
  "efc": 0.5243307322824429,
  "fber": 8750.1748046875,
  "fd_mean": 0.2812825053511093,
  "fd_num": 193,
  "fd_perc": 68.43971631205673,
  "fwhm_avg": 1.6221652600185195,
  "fwhm_x": 1.6926133333333333,
  "fwhm_y": 1.8331033333333335,
  "fwhm_z": 1.3407791133888916,
  "gcor": 0.0148397,
  "gsr_x": 0.01719527132809162,
  "gsr_y": 0.023373130708932877,
  "provenance": {
    "md5sum": "9172fc88ea368333f481192893f0d1a7",
    "settings": {
      "fd_thres": 0.2,
      "testing": false
    },
    "software": "mriqc",
    "version": "22.0.6",
    "webapi_port": null,
    "webapi_url": "https://mriqc.nimh.nih.gov/api/v1"
  },
  "size_t": 282,
  "size_x": 64,
  "size_y": 64,
  "size_z": 26,
  "snr": 9.521701304778649,
  "spacing_tr": 1.5,
  "spacing_x": 3.0,
  "spacing_y": 3.0,
  "spacing_z": 4.800000190734863,
  "summary_bg_k": 32.12413075320022,
  "summary_bg_mad": 4.463578575813356,
  "summary_bg_mean": 12.623114585876465,
  "summary_bg_median": 4.248226642608643,
  "summary_bg_n": 57473.0,
  "summary_bg_p05": 0.8758864998817444,
  "summary_bg_p95": 47.58439483642574,
  "summary_bg_stdv": 24.78937339782715,
  "summary_fg_k": 5.788863365935416,
  "summary_fg_mad": 36.54455204706118,
  "summary_fg_mean": 394.4742126464844,
  "summary_fg_median": 394.68792724609375,
  "summary_fg_n": 21825.0,
  "summary_fg_p05": 331.3085083007812,
  "summary_fg_p95": 456.17019042968747,
  "summary_fg_stdv": 41.45045852661133,
  "tsnr": 49.37909365538508
}