{
  "aor": 0.0032194326241134752,
  "aqi": 0.026229751418439716,
  "bids_meta": {
    "AcquisitionDateTime": "20170328073543.675000",
    "ConversionSoftware": "dicm2nii.m 20180116",
    "DeviceSerialNumber": "45343",
    "EchoTime": 0.027,
    "EffectiveEchoSpacing": 0.00026500119,
    "FlipAngle": 90,
    "ImageType": "ORIGINAL\\PRIMARY\\M\\ND\\NORM\\MOSAIC",
    "InstitutionAddress": "Jerusalem_Israel",
    "InstitutionName": "Hebrew University",
    "MRAcquisitionType": "2D",
    "Manufacturer": "SIEMENS",
    "Modality": "MR",
    "PatientAge": "022Y",
    "PatientName": "sub-14",
    "PatientPosition": "HFS",
    "PatientSex": "F",
    "PatientSize": 1.7,
    "PatientWeight": 70,
    "PhaseEncodingDirection": "j-",
    "RepetitionTime": 1.5,
    "ScanOptions": "FS",
    "ScanningSequence": "EP",
    "SequenceName": "*epfid2d1_64",
    "SequenceVariant": "SK",
    "SeriesDescription": "TR1.5_282Vol_startLip",
    "SeriesNumber": 3,
    "SliceThickness": 4,
    "SliceTiming": [
      0,
      0.0575,
      0.1125,
      0.17,
      0.2275,
      0.285,
      0.34,
      0.3975,
      0.455,
      0.5125,
      0.5675,
      0.625,
      0.6825,
      0.74,
      0.7975,
      0.8525,
      0.91,
      0.9675,
      1.025,
      1.08,
      1.1375,
      1.195,
      1.2525,
      1.3075,
      1.365,
      1.4225
    ],
    "SoftwareVersion": "syngo MR D13",
    "TaskName": "StartLip",
    "TotalReadoutTime": 0.016695075,
    "dataset": "ds003089",
    "modality": "bold",
    "subject_id": "14",
    "task_id": "StartLip"
  },
  "dummy_trs": 0,
  "dvars_nstd": 24.359359680391456,
  "dvars_std": 1.10623658761566,
  "dvars_vstd": 0.9618616214590743,
  "efc": 0.5297941486570309,
  "fber": 7297.28515625,
  "fd_mean": 0.22885708887906225,
  "fd_num": 120,
  "fd_perc": 42.5531914893617,
  "fwhm_avg": 1.6369872039654307,
  "fwhm_x": 1.69337,
  "fwhm_y": 1.83925,
  "fwhm_z": 1.378341611896292,
  "gcor": 0.0215973,
  "gsr_x": 0.012138507328927517,
  "gsr_y": 0.022010939195752144,
  "provenance": {
    "md5sum": "b0736b1004c5d17f5d57235cf4c4a339",
    "settings": {
      "fd_thres": 0.2,
      "testing": false
    },
    "software": "mriqc",
    "version": "22.0.6",
    "webapi_port": null,
    "webapi_url": "https://mriqc.nimh.nih.gov/api/v1"
  },
  "size_t": 282,
  "size_x": 64,
  "size_y": 64,
  "size_z": 26,
  "snr": 9.41231609143979,
  "spacing_tr": 1.5,
  "spacing_x": 3.0,
  "spacing_y": 3.0,
  "spacing_z": 4.800000190734863,
  "summary_bg_k": 29.553543407265174,
  "summary_bg_mad": 4.700164626599851,
  "summary_bg_mean": 13.332768440246582,
  "summary_bg_median": 4.514184474945068,
  "summary_bg_n": 56796.0,
  "summary_bg_p05": 1.003546118736267,
  "summary_bg_p95": 50.21010398864746,
  "summary_bg_stdv": 26.037878036499023,
  "summary_fg_k": 5.196904846689341,
  "summary_fg_mad": 36.605022562961835,
  "summary_fg_mean": 393.89398193359375,
  "summary_fg_median": 394.122314453125,
  "summary_fg_n": 21960.0,
  "summary_fg_p05": 330.35797729492185,
  "summary_fg_p95": 456.3203643798828,
  "summary_fg_stdv": 41.87208938598633,
  "tsnr": 50.83601571433246
}