{
  "aor": 0.000849290780141844,
  "aqi": 0.0066857563829787236,
  "bids_meta": {
    "AcquisitionDateTime": "20170424083839.792500",
    "ConversionSoftware": "dicm2nii.m 20180116",
    "DeviceSerialNumber": "45343",
    "EchoTime": 0.027,
    "EffectiveEchoSpacing": 0.00026500119,
    "FlipAngle": 90,
    "ImageType": "ORIGINAL\\PRIMARY\\M\\ND\\NORM\\MOSAIC",
    "InstitutionAddress": "Jerusalem_Israel",
    "InstitutionName": "Hebrew University",
    "MRAcquisitionType": "2D",
    "Manufacturer": "SIEMENS",
    "Modality": "MR",
    "PatientAge": "028Y",
    "PatientName": "sub-06",
    "PatientPosition": "HFS",
    "PatientSex": "F",
    "PatientSize": 1.7,
    "PatientWeight": 60,
    "PhaseEncodingDirection": "j-",
    "RepetitionTime": 1.5,
    "ScanOptions": "FS",
    "ScanningSequence": "EP",
    "SequenceName": "*epfid2d1_64",
    "SequenceVariant": "SK",
    "SeriesDescription": "TR1.5_282Vol_startLip",
    "SeriesNumber": 3,
    "SliceThickness": 4,
    "SliceTiming": [
      0,
      0.0575,
      0.115,
      0.17,
      0.2275,
      0.285,
      0.3425,
      0.3975,
      0.455,
      0.5125,
      0.57,
      0.625,
      0.6825,
      0.74,
      0.7975,
      0.855,
      0.91,
      0.9675,
      1.025,
      1.0825,
      1.1375,
      1.195,
      1.2525,
      1.31,
      1.365,
      1.4225
    ],
    "SoftwareVersion": "syngo MR D13",
    "TaskName": "StartLip",
    "TotalReadoutTime": 0.016695075,
    "dataset": "ds003089",
    "modality": "bold",
    "subject_id": "06",
    "task_id": "StartLip"
  },
  "dummy_trs": 0,
  "dvars_nstd": 20.526196666476867,
  "dvars_std": 1.1911313860142343,
  "dvars_vstd": 1.0065138105338076,
  "efc": 0.5259964840624056,
  "fber": 8547.9248046875,
  "fd_mean": 0.13145780412032942,
  "fd_num": 21,
  "fd_perc": 7.446808510638298,
  "fwhm_avg": 1.6648224808725942,
  "fwhm_x": 1.6518333333333333,
  "fwhm_y": 1.8985633333333334,
  "fwhm_z": 1.4440707759511162,
  "gcor": 0.0308554,
  "gsr_x": 0.006672161631286144,
  "gsr_y": 0.025454938411712646,
  "provenance": {
    "md5sum": "6ccbea65b29366810a60cd01efdda302",
    "settings": {
      "fd_thres": 0.2,
      "testing": false
    },
    "software": "mriqc",
    "version": "22.0.6",
    "webapi_port": null,
    "webapi_url": "https://mriqc.nimh.nih.gov/api/v1"
  },
  "size_t": 282,
  "size_x": 64,
  "size_y": 64,
  "size_z": 26,
  "snr": 8.781003465729276,
  "spacing_tr": 1.5,
  "spacing_x": 3.0,
  "spacing_y": 3.0,
  "spacing_z": 4.800000190734863,
  "summary_bg_k": 27.208032548329353,
  "summary_bg_mad": 4.878917828606263,
  "summary_bg_mean": 15.620624542236328,
  "summary_bg_median": 4.652482032775879,
  "summary_bg_n": 57522.0,
  "summary_bg_p05": 0.9609928727149963,
  "summary_bg_p95": 67.46099090576172,
  "summary_bg_stdv": 30.91264533996582,
  "summary_fg_k": 3.9602445599201532,
  "summary_fg_mad": 42.779915112756186,
  "summary_fg_mean": 439.42474365234375,
  "summary_fg_median": 439.358154296875,
  "summary_fg_n": 21693.0,
  "summary_fg_p05": 360.52622680664064,
  "summary_fg_p95": 515.1879272460938,
  "summary_fg_stdv": 50.03392028808594,
  "tsnr": 83.44880806701258
}