{
  "aor": 0.0011767375886524824,
  "aqi": 0.009370902375886524,
  "bids_meta": {
    "AcquisitionDateTime": "20170426092643.617500",
    "ConversionSoftware": "dicm2nii.m 20180116",
    "DeviceSerialNumber": "45343",
    "EchoTime": 0.027,
    "EffectiveEchoSpacing": 0.00026500119,
    "FlipAngle": 90,
    "ImageType": "ORIGINAL\\PRIMARY\\M\\ND\\NORM\\MOSAIC",
    "InstitutionAddress": "Jerusalem_Israel",
    "InstitutionName": "Hebrew University",
    "MRAcquisitionType": "2D",
    "Manufacturer": "SIEMENS",
    "Modality": "MR",
    "PatientAge": "030Y",
    "PatientName": "sub-01",
    "PatientPosition": "HFS",
    "PatientSex": "M",
    "PatientSize": 1.75,
    "PatientWeight": 70,
    "PhaseEncodingDirection": "j-",
    "RepetitionTime": 1.5,
    "ScanOptions": "FS",
    "ScanningSequence": "EP",
    "SequenceName": "*epfid2d1_64",
    "SequenceVariant": "SK",
    "SeriesDescription": "TR1.5_282Vol_startToe",
    "SeriesNumber": 6,
    "SliceThickness": 4,
    "SliceTiming": [
      0,
      0.055,
      0.1125,
      0.17,
      0.2275,
      0.285,
      0.34,
      0.3975,
      0.455,
      0.5125,
      0.5675,
      0.625,
      0.6825,
      0.74,
      0.795,
      0.8525,
      0.91,
      0.9675,
      1.0225,
      1.08,
      1.1375,
      1.195,
      1.2525,
      1.3075,
      1.365,
      1.4225
    ],
    "SoftwareVersion": "syngo MR D13",
    "TaskName": "StartToe",
    "TotalReadoutTime": 0.016695075,
    "dataset": "ds003089",
    "modality": "bold",
    "subject_id": "01",
    "task_id": "StartToe"
  },
  "dummy_trs": 0,
  "dvars_nstd": 23.254448765017774,
  "dvars_std": 1.2644718190391462,
  "dvars_vstd": 1.019198140925267,
  "efc": 0.5959951229208532,
  "fber": 4330.04541015625,
  "fd_mean": 0.13327080670933306,
  "fd_num": 31,
  "fd_perc": 10.99290780141844,
  "fwhm_avg": 1.5752652602818837,
  "fwhm_x": 1.6127633333333333,
  "fwhm_y": 1.7921366666666667,
  "fwhm_z": 1.3208957808456507,
  "gcor": 0.0280483,
  "gsr_x": 0.02988484688103199,
  "gsr_y": 0.04168166592717171,
  "provenance": {
    "md5sum": "3b39d4d3ed0b1cd5b3b7a9028ca1c74e",
    "settings": {
      "fd_thres": 0.2,
      "testing": false
    },
    "software": "mriqc",
    "version": "22.0.6",
    "webapi_port": null,
    "webapi_url": "https://mriqc.nimh.nih.gov/api/v1"
  },
  "size_t": 282,
  "size_x": 64,
  "size_y": 64,
  "size_z": 26,
  "snr": 9.076829613809878,
  "spacing_tr": 1.5,
  "spacing_x": 3.0,
  "spacing_y": 3.0,
  "spacing_z": 4.800000190734863,
  "summary_bg_k": 10.708269756136252,
  "summary_bg_mad": 6.266885520753292,
  "summary_bg_mean": 25.024126052856445,
  "summary_bg_median": 5.673758506774902,
  "summary_bg_n": 51238.0,
  "summary_bg_p05": 1.1170212030410767,
  "summary_bg_p95": 118.99343681335448,
  "summary_bg_stdv": 44.522640228271484,
  "summary_fg_k": 4.84289222696023,
  "summary_fg_mad": 36.05038147117867,
  "summary_fg_mean": 374.1694641113281,
  "summary_fg_median": 372.8439636230469,
  "summary_fg_n": 26437.0,
  "summary_fg_p05": 316.66806640625,
  "summary_fg_p95": 438.54750366210936,
  "summary_fg_stdv": 41.07567596435547,
  "tsnr": 72.99581589759327
}