{
  "aor": 0.0013360142348754448,
  "aqi": 0.007100315765124555,
  "bids_meta": {
    "AcquisitionDateTime": "20170426090310.392500",
    "ConversionSoftware": "dicm2nii.m 20180116",
    "DeviceSerialNumber": "45343",
    "EchoTime": 0.027,
    "EffectiveEchoSpacing": 0.00026500119,
    "FlipAngle": 90,
    "ImageType": "ORIGINAL\\PRIMARY\\M\\ND\\NORM\\MOSAIC",
    "InstitutionAddress": "Jerusalem_Israel",
    "InstitutionName": "Hebrew University",
    "MRAcquisitionType": "2D",
    "Manufacturer": "SIEMENS",
    "Modality": "MR",
    "PatientAge": "030Y",
    "PatientName": "sub-01",
    "PatientPosition": "HFS",
    "PatientSex": "M",
    "PatientSize": 1.75,
    "PatientWeight": 70,
    "PhaseEncodingDirection": "j-",
    "RepetitionTime": 1.5,
    "ScanOptions": "FS",
    "ScanningSequence": "EP",
    "SequenceName": "*epfid2d1_64",
    "SequenceVariant": "SK",
    "SeriesDescription": "TR1.5_282Vol_startLip",
    "SeriesNumber": 3,
    "SliceThickness": 4,
    "SliceTiming": [
      0,
      0.0575,
      0.115,
      0.1725,
      0.2275,
      0.285,
      0.3425,
      0.4,
      0.4575,
      0.5125,
      0.57,
      0.6275,
      0.685,
      0.74,
      0.7975,
      0.855,
      0.9125,
      0.9675,
      1.025,
      1.0825,
      1.14,
      1.1975,
      1.2525,
      1.31,
      1.3675,
      1.425
    ],
    "SoftwareVersion": "syngo MR D13",
    "TaskName": "StartLip",
    "TotalReadoutTime": 0.016695075,
    "dataset": "ds003089",
    "modality": "bold",
    "subject_id": "01",
    "task_id": "StartLip"
  },
  "dummy_trs": 1,
  "dvars_nstd": 22.822344977607152,
  "dvars_std": 1.262604068535714,
  "dvars_vstd": 1.0210314802857143,
  "efc": 0.5948875946175605,
  "fber": 4473.96240234375,
  "fd_mean": 0.13519642286195618,
  "fd_num": 35,
  "fd_perc": 12.455516014234876,
  "fwhm_avg": 1.58221442686836,
  "fwhm_x": 1.6179433333333335,
  "fwhm_y": 1.80175,
  "fwhm_z": 1.3269499472717465,
  "gcor": 0.0167774,
  "gsr_x": 0.02887658402323723,
  "gsr_y": 0.041669223457574844,
  "provenance": {
    "md5sum": "c3a91c8d64dcc602e9d63918ae7a231f",
    "settings": {
      "fd_thres": 0.2,
      "testing": false
    },
    "software": "mriqc",
    "version": "22.0.6",
    "webapi_port": null,
    "webapi_url": "https://mriqc.nimh.nih.gov/api/v1"
  },
  "size_t": 281,
  "size_x": 64,
  "size_y": 64,
  "size_z": 26,
  "snr": 9.075116297976276,
  "spacing_tr": 1.5,
  "spacing_x": 3.0,
  "spacing_y": 3.0,
  "spacing_z": 4.800000190734863,
  "summary_bg_k": 11.346994229689692,
  "summary_bg_mad": 6.162559812324069,
  "summary_bg_mean": 24.7209529876709,
  "summary_bg_median": 5.6192169189453125,
  "summary_bg_n": 51114.0,
  "summary_bg_p05": 1.1352312564849854,
  "summary_bg_p95": 117.19839630126951,
  "summary_bg_stdv": 44.69929504394531,
  "summary_fg_k": 4.73531066408619,
  "summary_fg_mad": 36.521612614542185,
  "summary_fg_mean": 376.5884094238281,
  "summary_fg_median": 374.9359436035156,
  "summary_fg_n": 26475.0,
  "summary_fg_p05": 319.32953186035155,
  "summary_fg_p95": 441.60498046875,
  "summary_fg_stdv": 41.31394577026367,
  "tsnr": 82.0372447418049
}