{
  "aor": 0.0008998581560283687,
  "aqi": 0.009103022092198581,
  "bids_meta": {
    "AcquisitionDateTime": "20170420134749.445000",
    "ConversionSoftware": "dicm2nii.m 20180116",
    "DeviceSerialNumber": "45343",
    "EchoTime": 0.027,
    "EffectiveEchoSpacing": 0.00026500119,
    "FlipAngle": 90,
    "ImageType": "ORIGINAL\\PRIMARY\\M\\ND\\NORM\\MOSAIC",
    "InstitutionAddress": "Jerusalem_Israel",
    "InstitutionName": "Hebrew University",
    "MRAcquisitionType": "2D",
    "Manufacturer": "SIEMENS",
    "Modality": "MR",
    "PatientAge": "025Y",
    "PatientName": "sub-08",
    "PatientPosition": "HFS",
    "PatientSex": "M",
    "PatientSize": 1.74,
    "PatientWeight": 70,
    "PhaseEncodingDirection": "j-",
    "RepetitionTime": 1.5,
    "ScanOptions": "FS",
    "ScanningSequence": "EP",
    "SequenceName": "*epfid2d1_64",
    "SequenceVariant": "SK",
    "SeriesDescription": "TR1.5_282Vol_startToe",
    "SeriesNumber": 6,
    "SliceThickness": 4,
    "SliceTiming": [
      0,
      0.0575,
      0.115,
      0.1725,
      0.2275,
      0.285,
      0.3425,
      0.4,
      0.455,
      0.5125,
      0.57,
      0.6275,
      0.6825,
      0.74,
      0.7975,
      0.855,
      0.9125,
      0.9675,
      1.025,
      1.0825,
      1.14,
      1.195,
      1.2525,
      1.31,
      1.3675,
      1.4225
    ],
    "SoftwareVersion": "syngo MR D13",
    "TaskName": "StartToe",
    "TotalReadoutTime": 0.016695075,
    "dataset": "ds003089",
    "modality": "bold",
    "subject_id": "08",
    "task_id": "StartToe"
  },
  "dummy_trs": 0,
  "dvars_nstd": 25.095873340533803,
  "dvars_std": 1.268824873879004,
  "dvars_vstd": 1.017091970533808,
  "efc": 0.5591331143467715,
  "fber": 5248.6181640625,
  "fd_mean": 0.15449741723611848,
  "fd_num": 58,
  "fd_perc": 20.56737588652482,
  "fwhm_avg": 1.6150098878250452,
  "fwhm_x": 1.6697,
  "fwhm_y": 1.8307733333333334,
  "fwhm_z": 1.3445563301418024,
  "gcor": 0.0188042,
  "gsr_x": 0.01055168081074953,
  "gsr_y": 0.030573176220059395,
  "provenance": {
    "md5sum": "04555cac72e5a3fabdccc83a55cfacda",
    "settings": {
      "fd_thres": 0.2,
      "testing": false
    },
    "software": "mriqc",
    "version": "22.0.6",
    "webapi_port": null,
    "webapi_url": "https://mriqc.nimh.nih.gov/api/v1"
  },
  "size_t": 282,
  "size_x": 64,
  "size_y": 64,
  "size_z": 26,
  "snr": 8.285307325407238,
  "spacing_tr": 1.5,
  "spacing_x": 3.0,
  "spacing_y": 3.0,
  "spacing_z": 4.799999713897705,
  "summary_bg_k": 14.219570215941879,
  "summary_bg_mad": 4.736966834398212,
  "summary_bg_mean": 19.456113815307617,
  "summary_bg_median": 4.744680881500244,
  "summary_bg_n": 55086.0,
  "summary_bg_p05": 1.216312050819397,
  "summary_bg_p95": 93.56028175354004,
  "summary_bg_stdv": 35.07490158081055,
  "summary_fg_k": 6.272175246248313,
  "summary_fg_mad": 34.52045253390607,
  "summary_fg_mean": 350.9903869628906,
  "summary_fg_median": 351.3758850097656,
  "summary_fg_n": 22733.0,
  "summary_fg_p05": 287.16240844726565,
  "summary_fg_p95": 414.1978515625,
  "summary_fg_stdv": 42.40858459472656,
  "tsnr": 71.9149726210162
}