{
  "aor": 0.0007235106382978723,
  "aqi": 0.008401233723404256,
  "bids_meta": {
    "AcquisitionDateTime": "20170420132329.345000",
    "ConversionSoftware": "dicm2nii.m 20180116",
    "DeviceSerialNumber": "45343",
    "EchoTime": 0.027,
    "EffectiveEchoSpacing": 0.00026500119,
    "FlipAngle": 90,
    "ImageType": "ORIGINAL\\PRIMARY\\M\\ND\\NORM\\MOSAIC",
    "InstitutionAddress": "Jerusalem_Israel",
    "InstitutionName": "Hebrew University",
    "MRAcquisitionType": "2D",
    "Manufacturer": "SIEMENS",
    "Modality": "MR",
    "PatientAge": "025Y",
    "PatientName": "sub-08",
    "PatientPosition": "HFS",
    "PatientSex": "M",
    "PatientSize": 1.74,
    "PatientWeight": 70,
    "PhaseEncodingDirection": "j-",
    "RepetitionTime": 1.5,
    "ScanOptions": "FS",
    "ScanningSequence": "EP",
    "SequenceName": "*epfid2d1_64",
    "SequenceVariant": "SK",
    "SeriesDescription": "TR1.5_282Vol_startLip",
    "SeriesNumber": 3,
    "SliceThickness": 4,
    "SliceTiming": [
      0,
      0.055,
      0.1125,
      0.17,
      0.2275,
      0.2825,
      0.34,
      0.3975,
      0.455,
      0.51,
      0.5675,
      0.625,
      0.6825,
      0.74,
      0.795,
      0.8525,
      0.91,
      0.9675,
      1.0225,
      1.08,
      1.1375,
      1.195,
      1.25,
      1.3075,
      1.365,
      1.4225
    ],
    "SoftwareVersion": "syngo MR D13",
    "TaskName": "StartLip",
    "TotalReadoutTime": 0.016695075,
    "dataset": "ds003089",
    "modality": "bold",
    "subject_id": "08",
    "task_id": "StartLip"
  },
  "dummy_trs": 0,
  "dvars_nstd": 25.884997853024903,
  "dvars_std": 1.2596348514946625,
  "dvars_vstd": 1.0185646909252666,
  "efc": 0.5562437948710575,
  "fber": 6172.1298828125,
  "fd_mean": 0.1617752577736654,
  "fd_num": 67,
  "fd_perc": 23.75886524822695,
  "fwhm_avg": 1.6104296097097561,
  "fwhm_x": 1.6578866666666665,
  "fwhm_y": 1.8458333333333332,
  "fwhm_z": 1.3275688291292684,
  "gcor": 0.0222368,
  "gsr_x": 0.010137706063687801,
  "gsr_y": 0.030843662098050117,
  "provenance": {
    "md5sum": "14403f82a8353f7f2e1b5093a9c7bb32",
    "settings": {
      "fd_thres": 0.2,
      "testing": false
    },
    "software": "mriqc",
    "version": "22.0.6",
    "webapi_port": null,
    "webapi_url": "https://mriqc.nimh.nih.gov/api/v1"
  },
  "size_t": 282,
  "size_x": 64,
  "size_y": 64,
  "size_z": 26,
  "snr": 8.44245145150767,
  "spacing_tr": 1.5,
  "spacing_x": 3.0,
  "spacing_y": 3.0,
  "spacing_z": 4.799999713897705,
  "summary_bg_k": 16.731155625004373,
  "summary_bg_mad": 4.195449037913675,
  "summary_bg_mean": 18.396263122558594,
  "summary_bg_median": 4.404255390167236,
  "summary_bg_n": 55062.0,
  "summary_bg_p05": 1.2695034742355347,
  "summary_bg_p95": 89.03740577697745,
  "summary_bg_stdv": 33.9239387512207,
  "summary_fg_k": 5.6944736365912565,
  "summary_fg_mad": 34.35743325310542,
  "summary_fg_mean": 352.26165771484375,
  "summary_fg_median": 352.4574279785156,
  "summary_fg_n": 22827.0,
  "summary_fg_p05": 290.1251647949219,
  "summary_fg_p95": 414.88084106445314,
  "summary_fg_stdv": 41.747318267822266,
  "tsnr": 74.59310074336827
}