{
  "bids_meta": {
    "AcquisitionDateTime": "20170424085617.060000",
    "ConversionSoftware": "dicm2nii.m 20180116",
    "DeviceSerialNumber": "45343",
    "EchoTime": 0.00298,
    "FlipAngle": 9,
    "ImageType": "ORIGINAL\\PRIMARY\\M\\ND\\NORM",
    "InstitutionAddress": "Jerusalem_Israel",
    "InstitutionName": "Hebrew University",
    "InversionTime": 0.9,
    "MRAcquisitionType": "3D",
    "Manufacturer": "SIEMENS",
    "Modality": "MR",
    "PatientAge": "028Y",
    "PatientName": "sub-06",
    "PatientPosition": "HFS",
    "PatientSex": "F",
    "PatientSize": 1.7,
    "PatientWeight": 60,
    "PhaseEncodingDirection": "y-",
    "RepetitionTime": 2.3,
    "ScanOptions": "IR\\PFP",
    "ScanningSequence": "GR\\IR",
    "SequenceName": "*tfl3d1_16ns",
    "SequenceVariant": "SK\\SP\\MP",
    "SeriesDescription": "t1_mprage_32COIL",
    "SeriesNumber": 5,
    "SliceThickness": 1,
    "SoftwareVersion": "syngo MR D13",
    "dataset": "ds003089",
    "modality": "T1w",
    "subject_id": "06"
  },
  "cjv": 0.35124725521783645,
  "cnr": 3.82859380901601,
  "efc": 0.5275403636477211,
  "fber": -1.0,
  "fwhm_avg": 3.6124233333333335,
  "fwhm_x": 3.55615,
  "fwhm_y": 3.87758,
  "fwhm_z": 3.40354,
  "icvs_csf": 0.21438907929799803,
  "icvs_gm": 0.44153598129836186,
  "icvs_wm": 0.3440749394036401,
  "inu_med": 0.4059566259384155,
  "inu_range": 0.08723003864288326,
  "provenance": {
    "md5sum": "5a065c72f619a53eae85c663fa72ea19",
    "settings": {
      "testing": false
    },
    "software": "mriqc",
    "version": "22.0.6",
    "warnings": {
      "large_rot_frame": true,
      "small_air_mask": false
    },
    "webapi_port": null,
    "webapi_url": "https://mriqc.nimh.nih.gov/api/v1"
  },
  "qi_1": 0.034842547117308276,
  "qi_2": 0.01279190850099202,
  "rpve_csf": 23.36846333002751,
  "rpve_gm": 11.743931189868357,
  "rpve_wm": 16.881212360997157,
  "size_x": 160,
  "size_y": 256,
  "size_z": 256,
  "snr_csf": 2.336555786593507,
  "snr_gm": 12.158667041461207,
  "snr_total": 12.62165888227772,
  "snr_wm": 23.36975381877844,
  "snrd_csf": 42.56743513518732,
  "snrd_gm": 112.22323808367565,
  "snrd_total": 103.56208890126493,
  "snrd_wm": 155.89559348493182,
  "spacing_x": 1.0,
  "spacing_y": 1.0,
  "spacing_z": 1.0,
  "summary_bg_k": 33.69065326714398,
  "summary_bg_mad": 0.0,
  "summary_bg_mean": 1.6510625732882578,
  "summary_bg_median": 0.0,
  "summary_bg_n": 2661275.0,
  "summary_bg_p05": 0.0,
  "summary_bg_p95": 6.957146555185318,
  "summary_bg_stdv": 4.202542102516865,
  "summary_csf_k": 1.833900297620322,
  "summary_csf_mad": 107.04508059831196,
  "summary_csf_mean": 286.59485313425915,
  "summary_csf_median": 273.05983662605286,
  "summary_csf_n": 34494.0,
  "summary_csf_p05": 118.26985830515623,
  "summary_csf_p95": 499.18343099951744,
  "summary_csf_stdv": 116.8625547426622,
  "summary_gm_k": 0.19222513057816748,
  "summary_gm_mad": 57.67504681863358,
  "summary_gm_mean": 720.3686016683102,
  "summary_gm_median": 719.8850238323212,
  "summary_gm_n": 31538.0,
  "summary_gm_p05": 622.6760486200452,
  "summary_gm_p95": 817.9056661427021,
  "summary_gm_stdv": 59.20662259347172,
  "summary_wm_k": 0.5054143291251547,
  "summary_wm_mad": 40.726040616684166,
  "summary_wm_mean": 999.9770905608603,
  "summary_wm_median": 1000.0326576530933,
  "summary_wm_n": 179212.0,
  "summary_wm_p05": 930.0039148628712,
  "summary_wm_p95": 1069.9307498037815,
  "summary_wm_stdv": 42.79163038349102,
  "tpm_overlap_csf": 0.15064306690369275,
  "tpm_overlap_gm": 0.4772194162053128,
  "tpm_overlap_wm": 0.5145165405197228,
  "wm2max": 0.5059072357441464
}