{
  "bids_meta": {
    "AcquisitionDateTime": "20170424102414.635000",
    "ConversionSoftware": "dicm2nii.m 20180116",
    "DeviceSerialNumber": "45343",
    "EchoTime": 0.00298,
    "FlipAngle": 9,
    "ImageType": "ORIGINAL\\PRIMARY\\M\\ND\\NORM",
    "InstitutionAddress": "Jerusalem_Israel",
    "InstitutionName": "Hebrew University",
    "InversionTime": 0.9,
    "MRAcquisitionType": "3D",
    "Manufacturer": "SIEMENS",
    "Modality": "MR",
    "PatientAge": "029Y",
    "PatientName": "sub-05",
    "PatientPosition": "HFS",
    "PatientSex": "M",
    "PatientSize": 1.87,
    "PatientWeight": 66,
    "PhaseEncodingDirection": "y-",
    "RepetitionTime": 2.3,
    "ScanOptions": "IR\\PFP",
    "ScanningSequence": "GR\\IR",
    "SequenceName": "*tfl3d1_16ns",
    "SequenceVariant": "SK\\SP\\MP",
    "SeriesDescription": "t1_mprage_32COIL",
    "SeriesNumber": 5,
    "SliceThickness": 1,
    "SoftwareVersion": "syngo MR D13",
    "dataset": "ds003089",
    "modality": "T1w",
    "subject_id": "05"
  },
  "cjv": 0.3706505546264005,
  "cnr": 3.5952673880892476,
  "efc": 0.5852859674757003,
  "fber": -1.0,
  "fwhm_avg": 3.5094966666666667,
  "fwhm_x": 3.48787,
  "fwhm_y": 3.79727,
  "fwhm_z": 3.24335,
  "icvs_csf": 0.21545054677085387,
  "icvs_gm": 0.43648119319275136,
  "icvs_wm": 0.34806826003639474,
  "inu_med": 0.44223037362098694,
  "inu_range": 0.10479246079921717,
  "provenance": {
    "md5sum": "c7f661652523a0056c4c5b2301c4a5cf",
    "settings": {
      "testing": false
    },
    "software": "mriqc",
    "version": "22.0.6",
    "warnings": {
      "large_rot_frame": true,
      "small_air_mask": false
    },
    "webapi_port": null,
    "webapi_url": "https://mriqc.nimh.nih.gov/api/v1"
  },
  "qi_1": 0.0041122433871289615,
  "qi_2": 0.019117566812011638,
  "rpve_csf": 19.984765418576274,
  "rpve_gm": 10.288347662742572,
  "rpve_wm": 14.657513921453694,
  "size_x": 160,
  "size_y": 256,
  "size_z": 256,
  "snr_csf": 2.467238755133875,
  "snr_gm": 11.620610977653795,
  "snr_total": 12.25451515090696,
  "snr_wm": 22.675695719933206,
  "snrd_csf": 51.216772394901334,
  "snrd_gm": 130.7056197600029,
  "snrd_total": 120.73479648814005,
  "snrd_wm": 180.28199730951596,
  "spacing_x": 1.0,
  "spacing_y": 1.0,
  "spacing_z": 1.0,
  "summary_bg_k": 24.687005964625953,
  "summary_bg_mad": 0.0,
  "summary_bg_mean": 1.4676529493667645,
  "summary_bg_median": 0.0,
  "summary_bg_n": 2753669.0,
  "summary_bg_p05": 0.0,
  "summary_bg_p95": 10.3125539124012,
  "summary_bg_stdv": 3.634058411914123,
  "summary_csf_k": 1.46707507550044,
  "summary_csf_mad": 97.08992858674561,
  "summary_csf_mean": 292.8785093223626,
  "summary_csf_median": 284.1007499396801,
  "summary_csf_n": 35592.0,
  "summary_csf_p05": 109.35495719462635,
  "summary_csf_p95": 497.75982384830706,
  "summary_csf_stdv": 115.14765575263006,
  "summary_gm_k": 0.11337954622274538,
  "summary_gm_mad": 60.42959384027264,
  "summary_gm_mean": 723.8548848946657,
  "summary_gm_median": 725.0274247825146,
  "summary_gm_n": 29823.0,
  "summary_gm_p05": 618.0888405144215,
  "summary_gm_p95": 825.348064789176,
  "summary_gm_stdv": 62.39046041270086,
  "summary_wm_k": 0.5421142867909241,
  "summary_wm_mad": 41.499841552958316,
  "summary_wm_mean": 1000.0619275860562,
  "summary_wm_median": 1000.0288624465466,
  "summary_wm_n": 211270.0,
  "summary_wm_p05": 927.8987584710121,
  "summary_wm_p95": 1072.3322866559029,
  "summary_wm_stdv": 44.10124867112742,
  "tpm_overlap_csf": 0.16062471719175955,
  "tpm_overlap_gm": 0.4649803574017237,
  "tpm_overlap_wm": 0.5044474586582013,
  "wm2max": 0.5940308249988928
}