{
  "aor": 0.001338967971530249,
  "aqi": 0.009501506441281138,
  "bids_meta": {
    "AcquisitionDateTime": "20170327134950.042500",
    "ConversionSoftware": "dicm2nii.m 20180116",
    "DeviceSerialNumber": "45343",
    "EchoTime": 0.027,
    "EffectiveEchoSpacing": 0.00026500119,
    "FlipAngle": 90,
    "ImageType": "ORIGINAL\\PRIMARY\\M\\ND\\NORM\\MOSAIC",
    "InstitutionAddress": "Jerusalem_Israel",
    "InstitutionName": "Hebrew University",
    "MRAcquisitionType": "2D",
    "Manufacturer": "SIEMENS",
    "Modality": "MR",
    "PatientAge": "024Y",
    "PatientName": "sub-12",
    "PatientPosition": "HFS",
    "PatientSex": "M",
    "PatientSize": 1.78,
    "PatientWeight": 66,
    "PhaseEncodingDirection": "j-",
    "RepetitionTime": 1.5,
    "ScanOptions": "FS",
    "ScanningSequence": "EP",
    "SequenceName": "*epfid2d1_64",
    "SequenceVariant": "SK",
    "SeriesDescription": "TR1.5_282Vol_startToe",
    "SeriesNumber": 6,
    "SliceThickness": 4,
    "SliceTiming": [
      0,
      0.0575,
      0.1125,
      0.17,
      0.2275,
      0.285,
      0.34,
      0.3975,
      0.455,
      0.5125,
      0.57,
      0.625,
      0.6825,
      0.74,
      0.7975,
      0.8525,
      0.91,
      0.9675,
      1.025,
      1.08,
      1.1375,
      1.195,
      1.2525,
      1.3075,
      1.365,
      1.4225
    ],
    "SoftwareVersion": "syngo MR D13",
    "TaskName": "StartToe",
    "TotalReadoutTime": 0.016695075,
    "dataset": "ds003089",
    "modality": "bold",
    "subject_id": "12",
    "task_id": "StartToe"
  },
  "dummy_trs": 1,
  "dvars_nstd": 24.048051909142853,
  "dvars_std": 1.2815741860000007,
  "dvars_vstd": 1.0040990744642861,
  "efc": 0.5547919291224741,
  "fber": 6604.279296875,
  "fd_mean": 0.11557010236455853,
  "fd_num": 26,
  "fd_perc": 9.252669039145907,
  "fwhm_avg": 1.5827803990117992,
  "fwhm_x": 1.6415466666666667,
  "fwhm_y": 1.7738966666666667,
  "fwhm_z": 1.3328978637020643,
  "gcor": 0.0212329,
  "gsr_x": 0.0074975998140871525,
  "gsr_y": 0.03526992350816727,
  "provenance": {
    "md5sum": "2517f2662e039bdb1f1543e6d59d4ee4",
    "settings": {
      "fd_thres": 0.2,
      "testing": false
    },
    "software": "mriqc",
    "version": "22.0.6",
    "webapi_port": null,
    "webapi_url": "https://mriqc.nimh.nih.gov/api/v1"
  },
  "size_t": 281,
  "size_x": 64,
  "size_y": 64,
  "size_z": 26,
  "snr": 8.61574396745955,
  "spacing_tr": 1.5,
  "spacing_x": 3.0,
  "spacing_y": 3.0,
  "spacing_z": 4.800000190734863,
  "summary_bg_k": 13.982966267218721,
  "summary_bg_mad": 5.0123561427779695,
  "summary_bg_mean": 21.058969497680664,
  "summary_bg_median": 4.779359340667725,
  "summary_bg_n": 55555.0,
  "summary_bg_p05": 1.0498220920562744,
  "summary_bg_p95": 100.86477050781234,
  "summary_bg_stdv": 40.8339958190918,
  "summary_fg_k": 4.6142841758588835,
  "summary_fg_mad": 38.70067772213033,
  "summary_fg_mean": 401.5018615722656,
  "summary_fg_median": 401.2010498046875,
  "summary_fg_n": 22512.0,
  "summary_fg_p05": 330.26404724121096,
  "summary_fg_p95": 471.0245620727539,
  "summary_fg_stdv": 46.56500244140625,
  "tsnr": 69.6425255369395
}