{
  "aor": 0.0006829078014184396,
  "aqi": 0.008289915390070922,
  "bids_meta": {
    "AcquisitionDateTime": "20170418131651.382500",
    "ConversionSoftware": "dicm2nii.m 20180116",
    "DeviceSerialNumber": "45343",
    "EchoTime": 0.027,
    "EffectiveEchoSpacing": 0.00026500119,
    "FlipAngle": 90,
    "ImageType": "ORIGINAL\\PRIMARY\\M\\ND\\NORM\\MOSAIC",
    "InstitutionAddress": "Jerusalem_Israel",
    "InstitutionName": "Hebrew University",
    "MRAcquisitionType": "2D",
    "Manufacturer": "SIEMENS",
    "Modality": "MR",
    "PatientAge": "027Y",
    "PatientName": "sub-10",
    "PatientPosition": "HFS",
    "PatientSex": "F",
    "PatientSize": 1.57,
    "PatientWeight": 62,
    "PhaseEncodingDirection": "j-",
    "RepetitionTime": 1.5,
    "ScanOptions": "FS",
    "ScanningSequence": "EP",
    "SequenceName": "*epfid2d1_64",
    "SequenceVariant": "SK",
    "SeriesDescription": "TR1.5_282Vol_startLip",
    "SeriesNumber": 3,
    "SliceThickness": 4,
    "SliceTiming": [
      0,
      0.0575,
      0.115,
      0.1725,
      0.23,
      0.285,
      0.3425,
      0.4,
      0.4575,
      0.5125,
      0.57,
      0.6275,
      0.685,
      0.74,
      0.7975,
      0.855,
      0.9125,
      0.97,
      1.025,
      1.0825,
      1.14,
      1.1975,
      1.2525,
      1.31,
      1.3675,
      1.425
    ],
    "SoftwareVersion": "syngo MR D13",
    "TaskName": "StartLip",
    "TotalReadoutTime": 0.016695075,
    "dataset": "ds003089",
    "modality": "bold",
    "subject_id": "10",
    "task_id": "StartLip"
  },
  "dummy_trs": 0,
  "dvars_nstd": 21.230140428362976,
  "dvars_std": 1.1753825141637002,
  "dvars_vstd": 1.0068941728113878,
  "efc": 0.5279014560101128,
  "fber": 8048.345703125,
  "fd_mean": 0.14923292718830125,
  "fd_num": 39,
  "fd_perc": 13.829787234042554,
  "fwhm_avg": 1.6469003977358183,
  "fwhm_x": 1.63182,
  "fwhm_y": 1.87965,
  "fwhm_z": 1.429231193207455,
  "gcor": 0.0187669,
  "gsr_x": 0.005993932019919157,
  "gsr_y": 0.031567975878715515,
  "provenance": {
    "md5sum": "e29169adbf170bb3a5b236be51ce7f43",
    "settings": {
      "fd_thres": 0.2,
      "testing": false
    },
    "software": "mriqc",
    "version": "22.0.6",
    "webapi_port": null,
    "webapi_url": "https://mriqc.nimh.nih.gov/api/v1"
  },
  "size_t": 282,
  "size_x": 64,
  "size_y": 64,
  "size_z": 26,
  "snr": 8.405409548593912,
  "spacing_tr": 1.5,
  "spacing_x": 3.0,
  "spacing_y": 3.0,
  "spacing_z": 4.800000190734863,
  "summary_bg_k": 33.55124078010749,
  "summary_bg_mad": 4.079784754273164,
  "summary_bg_mean": 17.32693099975586,
  "summary_bg_median": 4.1560282707214355,
  "summary_bg_n": 58345.0,
  "summary_bg_p05": 1.0567375421524048,
  "summary_bg_p95": 79.44042510986307,
  "summary_bg_stdv": 39.73895263671875,
  "summary_fg_k": 3.2592835078677442,
  "summary_fg_mad": 37.007231804337735,
  "summary_fg_mean": 376.6957702636719,
  "summary_fg_median": 373.9609680175781,
  "summary_fg_n": 21161.0,
  "summary_fg_p05": 311.7021179199219,
  "summary_fg_p95": 450.7411193847656,
  "summary_fg_stdv": 44.48945999145508,
  "tsnr": 76.91535811289214
}