{
  "aor": 0.0009216312056737585,
  "aqi": 0.012482405921985816,
  "bids_meta": {
    "AcquisitionDateTime": "20170418134205.197500",
    "ConversionSoftware": "dicm2nii.m 20180116",
    "DeviceSerialNumber": "45343",
    "EchoTime": 0.027,
    "EffectiveEchoSpacing": 0.00026500119,
    "FlipAngle": 90,
    "ImageType": "ORIGINAL\\PRIMARY\\M\\ND\\NORM\\MOSAIC",
    "InstitutionAddress": "Jerusalem_Israel",
    "InstitutionName": "Hebrew University",
    "MRAcquisitionType": "2D",
    "Manufacturer": "SIEMENS",
    "Modality": "MR",
    "PatientAge": "027Y",
    "PatientName": "sub-10",
    "PatientPosition": "HFS",
    "PatientSex": "F",
    "PatientSize": 1.57,
    "PatientWeight": 62,
    "PhaseEncodingDirection": "j-",
    "RepetitionTime": 1.5,
    "ScanOptions": "FS",
    "ScanningSequence": "EP",
    "SequenceName": "*epfid2d1_64",
    "SequenceVariant": "SK",
    "SeriesDescription": "TR1.5_282Vol_startToe",
    "SeriesNumber": 6,
    "SliceThickness": 4,
    "SliceTiming": [
      0,
      0.0575,
      0.115,
      0.17,
      0.2275,
      0.285,
      0.3425,
      0.3975,
      0.455,
      0.5125,
      0.57,
      0.625,
      0.6825,
      0.74,
      0.7975,
      0.855,
      0.91,
      0.9675,
      1.025,
      1.0825,
      1.1375,
      1.195,
      1.2525,
      1.31,
      1.365,
      1.4225
    ],
    "SoftwareVersion": "syngo MR D13",
    "TaskName": "StartToe",
    "TotalReadoutTime": 0.016695075,
    "dataset": "ds003089",
    "modality": "bold",
    "subject_id": "10",
    "task_id": "StartToe"
  },
  "dummy_trs": 0,
  "dvars_nstd": 20.40283550658361,
  "dvars_std": 1.1150779624199285,
  "dvars_vstd": 0.9871350585409251,
  "efc": 0.5285713241821167,
  "fber": 7876.259765625,
  "fd_mean": 0.14346419209282898,
  "fd_num": 26,
  "fd_perc": 9.21985815602837,
  "fwhm_avg": 1.6531187313149653,
  "fwhm_x": 1.6476333333333333,
  "fwhm_y": 1.90105,
  "fwhm_z": 1.4106728606115635,
  "gcor": 0.0126599,
  "gsr_x": 0.00855389516800642,
  "gsr_y": 0.03262413293123245,
  "provenance": {
    "md5sum": "2f4e8fdadad1c3e4c67fe9d9f5c937d1",
    "settings": {
      "fd_thres": 0.2,
      "testing": false
    },
    "software": "mriqc",
    "version": "22.0.6",
    "webapi_port": null,
    "webapi_url": "https://mriqc.nimh.nih.gov/api/v1"
  },
  "size_t": 282,
  "size_x": 64,
  "size_y": 64,
  "size_z": 26,
  "snr": 8.3745528740301,
  "spacing_tr": 1.5,
  "spacing_x": 3.0,
  "spacing_y": 3.0,
  "spacing_z": 4.800000190734863,
  "summary_bg_k": 29.82609775166496,
  "summary_bg_mad": 4.174419280631736,
  "summary_bg_mean": 17.311922073364258,
  "summary_bg_median": 4.1489362716674805,
  "summary_bg_n": 58472.0,
  "summary_bg_p05": 0.9787233471870422,
  "summary_bg_p95": 79.23528099060056,
  "summary_bg_stdv": 38.88942337036133,
  "summary_fg_k": 3.4185521660994116,
  "summary_fg_mad": 36.26593069508493,
  "summary_fg_mean": 374.3599853515625,
  "summary_fg_median": 372.007080078125,
  "summary_fg_n": 21171.0,
  "summary_fg_p05": 309.4077911376953,
  "summary_fg_p95": 448.2836608886719,
  "summary_fg_stdv": 44.42007827758789,
  "tsnr": 65.66475362330675
}