{
  "bids_meta": {
    "AcquisitionDateTime": "20170418133605.095000",
    "ConversionSoftware": "dicm2nii.m 20180116",
    "DeviceSerialNumber": "45343",
    "EchoTime": 0.00298,
    "FlipAngle": 9,
    "ImageType": "ORIGINAL\\PRIMARY\\M\\ND\\NORM",
    "InstitutionAddress": "Jerusalem_Israel",
    "InstitutionName": "Hebrew University",
    "InversionTime": 0.9,
    "MRAcquisitionType": "3D",
    "Manufacturer": "SIEMENS",
    "Modality": "MR",
    "PatientAge": "027Y",
    "PatientName": "sub-10",
    "PatientPosition": "HFS",
    "PatientSex": "F",
    "PatientSize": 1.57,
    "PatientWeight": 62,
    "PhaseEncodingDirection": "y-",
    "RepetitionTime": 2.3,
    "ScanOptions": "IR\\PFP",
    "ScanningSequence": "GR\\IR",
    "SequenceName": "*tfl3d1_16ns",
    "SequenceVariant": "SK\\SP\\MP",
    "SeriesDescription": "t1_mprage_32COIL",
    "SeriesNumber": 5,
    "SliceThickness": 1,
    "SoftwareVersion": "syngo MR D13",
    "dataset": "ds003089",
    "modality": "T1w",
    "subject_id": "10"
  },
  "cjv": 0.38825580295749235,
  "cnr": 3.35648803447546,
  "efc": 0.5294687875946792,
  "fber": -1.0,
  "fwhm_avg": 3.6694766666666667,
  "fwhm_x": 3.60031,
  "fwhm_y": 3.96054,
  "fwhm_z": 3.44758,
  "icvs_csf": 0.2458036120164067,
  "icvs_gm": 0.4221551418752945,
  "icvs_wm": 0.3320412461082988,
  "inu_med": 0.40222495794296265,
  "inu_range": 0.0832890674471855,
  "provenance": {
    "md5sum": "f813385765baae458cb3fcaf2cecbd13",
    "settings": {
      "testing": false
    },
    "software": "mriqc",
    "version": "22.0.6",
    "warnings": {
      "large_rot_frame": true,
      "small_air_mask": false
    },
    "webapi_port": null,
    "webapi_url": "https://mriqc.nimh.nih.gov/api/v1"
  },
  "qi_1": 0.013737823521970068,
  "qi_2": 0.03081347525012944,
  "rpve_csf": 22.537079298194,
  "rpve_gm": 13.105601899189098,
  "rpve_wm": 18.74659029993848,
  "size_x": 160,
  "size_y": 256,
  "size_z": 256,
  "snr_csf": 2.748919491332989,
  "snr_gm": 11.683806265203632,
  "snr_total": 12.50005221554855,
  "snr_wm": 23.067430890109033,
  "snrd_csf": 36.501862945392524,
  "snrd_gm": 102.88450873946417,
  "snrd_total": 92.7102841328351,
  "snrd_wm": 138.74448071364858,
  "spacing_x": 1.0,
  "spacing_y": 1.0,
  "spacing_z": 1.0,
  "summary_bg_k": 43.87407017975306,
  "summary_bg_mad": 0.0,
  "summary_bg_mean": 1.7583445063945633,
  "summary_bg_median": 0.0,
  "summary_bg_n": 2824658.0,
  "summary_bg_p05": 0.0,
  "summary_bg_p95": 7.50428020209074,
  "summary_bg_stdv": 4.721891518573076,
  "summary_csf_k": 2.2142829733238845,
  "summary_csf_mad": 75.45063047981861,
  "summary_csf_mean": 275.2337116548916,
  "summary_csf_median": 263.08694960922,
  "summary_csf_n": 51732.0,
  "summary_csf_p05": 144.5484652519226,
  "summary_csf_p95": 454.9724872330203,
  "summary_csf_stdv": 95.70466055446967,
  "summary_gm_k": 0.3145021064009548,
  "summary_gm_mad": 59.4099452596997,
  "summary_gm_mean": 738.8348634319024,
  "summary_gm_median": 741.5394553095102,
  "summary_gm_n": 19930.0,
  "summary_gm_p05": 629.1573950015008,
  "summary_gm_p95": 840.3700970001519,
  "summary_gm_stdv": 63.465692142254966,
  "summary_wm_k": 0.7376184969558177,
  "summary_wm_mad": 40.93885318804761,
  "summary_wm_mean": 1001.0689866672944,
  "summary_wm_median": 999.9999797455966,
  "summary_wm_n": 162822.0,
  "summary_wm_p05": 932.46145792678,
  "summary_wm_p95": 1073.6220685243607,
  "summary_wm_stdv": 43.35103088275142,
  "tpm_overlap_csf": 0.1540211446496284,
  "tpm_overlap_gm": 0.45551337866733566,
  "tpm_overlap_wm": 0.5017397114394062,
  "wm2max": 0.4792998837910344
}