{
  "bids_meta": {
    "AcquisitionDateTime": "20170430090115.110000",
    "ConversionSoftware": "dicm2nii.m 20180116",
    "DeviceSerialNumber": "45343",
    "EchoTime": 0.00298,
    "FlipAngle": 9,
    "ImageType": "ORIGINAL\\PRIMARY\\M\\ND\\NORM",
    "InstitutionAddress": "Jerusalem_Israel",
    "InstitutionName": "Hebrew University",
    "InversionTime": 0.9,
    "MRAcquisitionType": "3D",
    "Manufacturer": "SIEMENS",
    "Modality": "MR",
    "PatientAge": "022Y",
    "PatientName": "sub-03",
    "PatientPosition": "HFS",
    "PatientSex": "F",
    "PatientSize": 1.62,
    "PatientWeight": 53,
    "PhaseEncodingDirection": "y-",
    "RepetitionTime": 2.3,
    "ScanOptions": "IR\\PFP",
    "ScanningSequence": "GR\\IR",
    "SequenceName": "*tfl3d1_16ns",
    "SequenceVariant": "SK\\SP\\MP",
    "SeriesDescription": "t1_mprage_32COIL",
    "SeriesNumber": 5,
    "SliceThickness": 1,
    "SoftwareVersion": "syngo MR D13",
    "dataset": "ds003089",
    "modality": "T1w",
    "subject_id": "03"
  },
  "cjv": 0.37607318667492906,
  "cnr": 3.626986101626696,
  "efc": 0.5447278335459256,
  "fber": -1.0,
  "fwhm_avg": 3.65522,
  "fwhm_x": 3.67906,
  "fwhm_y": 3.89804,
  "fwhm_z": 3.38856,
  "icvs_csf": 0.19195494845199218,
  "icvs_gm": 0.4531331276105276,
  "icvs_wm": 0.3549119239374802,
  "inu_med": 0.4048726409673691,
  "inu_range": 0.0909310057759285,
  "provenance": {
    "md5sum": "275947cf97b5974416b851addf0bc36b",
    "settings": {
      "testing": false
    },
    "software": "mriqc",
    "version": "22.0.6",
    "warnings": {
      "large_rot_frame": true,
      "small_air_mask": false
    },
    "webapi_port": null,
    "webapi_url": "https://mriqc.nimh.nih.gov/api/v1"
  },
  "qi_1": 0.008771274808386714,
  "qi_2": 0.0349758136105844,
  "rpve_csf": 25.34105621142717,
  "rpve_gm": 11.506096136257936,
  "rpve_wm": 16.215128624150775,
  "size_x": 160,
  "size_y": 256,
  "size_z": 256,
  "snr_csf": 2.545811343181246,
  "snr_gm": 12.888476388362788,
  "snr_total": 12.738844332963131,
  "snr_wm": 22.78224526734536,
  "snrd_csf": 44.04445751467746,
  "snrd_gm": 102.95266795877046,
  "snrd_total": 95.51180649660967,
  "snrd_wm": 139.5382940163811,
  "spacing_x": 1.0,
  "spacing_y": 1.0,
  "spacing_z": 1.0,
  "summary_bg_k": 34.34988236469373,
  "summary_bg_mad": 0.0,
  "summary_bg_mean": 1.7638694239388775,
  "summary_bg_median": 0.0,
  "summary_bg_n": 2936944.0,
  "summary_bg_p05": 0.0,
  "summary_bg_p95": 11.066342804580927,
  "summary_bg_stdv": 4.695158994481028,
  "summary_csf_k": 0.4061974886953208,
  "summary_csf_mad": 110.96194931001195,
  "summary_csf_mean": 322.45632078706285,
  "summary_csf_median": 315.65294014662504,
  "summary_csf_n": 29613.0,
  "summary_csf_p05": 110.97251293212176,
  "summary_csf_p95": 541.0972484737633,
  "summary_csf_stdv": 123.98703906809314,
  "summary_gm_k": 0.05364500257702387,
  "summary_gm_mad": 56.74934501953782,
  "summary_gm_mean": 737.8880889967837,
  "summary_gm_median": 737.82977861166,
  "summary_gm_n": 35392.0,
  "summary_gm_p05": 643.463679102622,
  "summary_gm_p95": 832.7353968285024,
  "summary_gm_stdv": 57.246437253361236,
  "summary_wm_k": 0.3907890994998082,
  "summary_wm_mad": 41.85622202955096,
  "summary_wm_mean": 1000.6619165572249,
  "summary_wm_median": 1000.0275915451348,
  "summary_wm_n": 182961.0,
  "summary_wm_p05": 929.3796175308526,
  "summary_wm_p95": 1073.7112206928432,
  "summary_wm_stdv": 43.89492110667988,
  "tpm_overlap_csf": 0.13463001672648608,
  "tpm_overlap_gm": 0.45944748405258723,
  "tpm_overlap_wm": 0.4889583262073092,
  "wm2max": 0.5954157081827144
}