{
  "bids_meta": {
    "AcquisitionDateTime": "20170406093150.080000",
    "ConversionSoftware": "dicm2nii.m 20180116",
    "DeviceSerialNumber": "45343",
    "EchoTime": 0.00298,
    "FlipAngle": 9,
    "ImageType": "ORIGINAL\\PRIMARY\\M\\ND\\NORM",
    "InstitutionAddress": "Jerusalem_Israel",
    "InstitutionName": "Hebrew University",
    "InversionTime": 0.9,
    "MRAcquisitionType": "3D",
    "Manufacturer": "SIEMENS",
    "Modality": "MR",
    "PatientAge": "032Y",
    "PatientName": "sub-18",
    "PatientPosition": "HFS",
    "PatientSex": "M",
    "PatientSize": 1.88,
    "PatientWeight": 106,
    "PhaseEncodingDirection": "y-",
    "RepetitionTime": 2.3,
    "ScanOptions": "IR\\PFP",
    "ScanningSequence": "GR\\IR",
    "SequenceName": "*tfl3d1_16ns",
    "SequenceVariant": "SK\\SP\\MP",
    "SeriesDescription": "t1_mprage_32COIL",
    "SeriesNumber": 5,
    "SliceThickness": 1,
    "SoftwareVersion": "syngo MR D13",
    "dataset": "ds003089",
    "modality": "T1w",
    "subject_id": "18"
  },
  "cjv": 0.3761935381273069,
  "cnr": 3.5936285432031423,
  "efc": 0.6096702285808291,
  "fber": -1.0,
  "fwhm_avg": 3.7543233333333332,
  "fwhm_x": 3.70022,
  "fwhm_y": 4.07738,
  "fwhm_z": 3.48537,
  "icvs_csf": 0.22608078506796558,
  "icvs_gm": 0.42958827553487444,
  "icvs_wm": 0.34433093939716,
  "inu_med": 0.45845338702201843,
  "inu_range": 0.09832329005002977,
  "provenance": {
    "md5sum": "9219ef0af3df74d87ab685c916b7a5e5",
    "settings": {
      "testing": false
    },
    "software": "mriqc",
    "version": "22.0.6",
    "warnings": {
      "large_rot_frame": true,
      "small_air_mask": false
    },
    "webapi_port": null,
    "webapi_url": "https://mriqc.nimh.nih.gov/api/v1"
  },
  "qi_1": 0.008592808842538449,
  "qi_2": 0.012216582241625036,
  "rpve_csf": 21.118330996446986,
  "rpve_gm": 11.391378973929896,
  "rpve_wm": 16.151518160366017,
  "size_x": 160,
  "size_y": 256,
  "size_z": 256,
  "snr_csf": 2.107421157409734,
  "snr_gm": 10.630110568849442,
  "snr_total": 11.324413205113531,
  "snr_wm": 21.235707889081418,
  "snrd_csf": 31.62877986673278,
  "snrd_gm": 88.10141845124508,
  "snrd_total": 81.46883266619479,
  "snrd_wm": 124.67629968060648,
  "spacing_x": 1.0,
  "spacing_y": 1.0,
  "spacing_z": 1.0,
  "summary_bg_k": 42.38439391439972,
  "summary_bg_mad": 0.0,
  "summary_bg_mean": 1.9877876994169839,
  "summary_bg_median": 0.0,
  "summary_bg_n": 2515461.0,
  "summary_bg_p05": 0.0,
  "summary_bg_p95": 6.754026498645544,
  "summary_bg_stdv": 5.254850496189687,
  "summary_csf_k": 0.20834093253888053,
  "summary_csf_mad": 113.18717608590045,
  "summary_csf_mean": 259.3100772874696,
  "summary_csf_median": 253.69451243523508,
  "summary_csf_n": 37532.0,
  "summary_csf_p05": 58.217399349436164,
  "summary_csf_p95": 468.5389408227056,
  "summary_csf_stdv": 120.37989265280895,
  "summary_gm_k": 0.038757250141460364,
  "summary_gm_mad": 65.3019397758352,
  "summary_gm_mean": 705.1225885430864,
  "summary_gm_median": 706.661669941619,
  "summary_gm_n": 29426.0,
  "summary_gm_p05": 593.0121855894104,
  "summary_gm_p95": 812.3448666287586,
  "summary_gm_stdv": 66.47622880552018,
  "summary_wm_k": 0.4098892014098774,
  "summary_wm_mad": 45.06090601831878,
  "summary_wm_mean": 1000.1740347411722,
  "summary_wm_median": 1000.0288722161204,
  "summary_wm_n": 196138.0,
  "summary_wm_p05": 923.3966484814882,
  "summary_wm_p95": 1077.411543339491,
  "summary_wm_stdv": 47.091734739292534,
  "tpm_overlap_csf": 0.15667559892719554,
  "tpm_overlap_gm": 0.473999186477575,
  "tpm_overlap_wm": 0.5089767782783718,
  "wm2max": 0.5876743535049916
}