{
  "bids_meta": {
    "AcquisitionDateTime": "20170423090659.057500",
    "ConversionSoftware": "dicm2nii.m 20180116",
    "DeviceSerialNumber": "45343",
    "EchoTime": 0.00298,
    "FlipAngle": 9,
    "ImageType": "ORIGINAL\\PRIMARY\\M\\ND\\NORM",
    "InstitutionAddress": "Jerusalem_Israel",
    "InstitutionName": "Hebrew University",
    "InversionTime": 0.9,
    "MRAcquisitionType": "3D",
    "Manufacturer": "SIEMENS",
    "Modality": "MR",
    "PatientAge": "022Y",
    "PatientName": "sub-04",
    "PatientPosition": "HFS",
    "PatientSex": "M",
    "PatientSize": 1.76,
    "PatientWeight": 73,
    "PhaseEncodingDirection": "y-",
    "RepetitionTime": 2.3,
    "ScanOptions": "IR\\PFP",
    "ScanningSequence": "GR\\IR",
    "SequenceName": "*tfl3d1_16ns",
    "SequenceVariant": "SK\\SP\\MP",
    "SeriesDescription": "t1_mprage_32COIL",
    "SeriesNumber": 5,
    "SliceThickness": 1,
    "SoftwareVersion": "syngo MR D13",
    "dataset": "ds003089",
    "modality": "T1w",
    "subject_id": "04"
  },
  "cjv": 0.37424387071584697,
  "cnr": 3.575838171579963,
  "efc": 0.5869182759013857,
  "fber": -1.0,
  "fwhm_avg": 3.5428033333333335,
  "fwhm_x": 3.50298,
  "fwhm_y": 3.86868,
  "fwhm_z": 3.25675,
  "icvs_csf": 0.21866121099093622,
  "icvs_gm": 0.4304349709452696,
  "icvs_wm": 0.35090381806379417,
  "inu_med": 0.46901533007621765,
  "inu_range": 0.12077009081840517,
  "provenance": {
    "md5sum": "3ac3d78902c4b48ba107fb6ceb530701",
    "settings": {
      "testing": false
    },
    "software": "mriqc",
    "version": "22.0.6",
    "warnings": {
      "large_rot_frame": true,
      "small_air_mask": false
    },
    "webapi_port": null,
    "webapi_url": "https://mriqc.nimh.nih.gov/api/v1"
  },
  "qi_1": 0.010277679953359948,
  "qi_2": 0.03447737532640851,
  "rpve_csf": 18.788590428175173,
  "rpve_gm": 9.842949430669139,
  "rpve_wm": 13.73032403892745,
  "size_x": 160,
  "size_y": 256,
  "size_z": 256,
  "snr_csf": 2.8061065063964192,
  "snr_gm": 11.52344807669449,
  "snr_total": 11.939289655659096,
  "snr_wm": 21.48831438388638,
  "snrd_csf": 41.78083681814026,
  "snrd_gm": 109.00883854707189,
  "snrd_total": 100.67484513235733,
  "snrd_wm": 151.23486003185982,
  "spacing_x": 1.0,
  "spacing_y": 1.0,
  "spacing_z": 1.0,
  "summary_bg_k": 26.936380277900962,
  "summary_bg_mad": 0.0,
  "summary_bg_mean": 1.926261743212841,
  "summary_bg_median": 0.0,
  "summary_bg_n": 2966629.0,
  "summary_bg_p05": 0.0,
  "summary_bg_p95": 6.93645553663373,
  "summary_bg_stdv": 4.332060673341931,
  "summary_csf_k": 2.319526079445943,
  "summary_csf_mad": 80.0647364391078,
  "summary_csf_mean": 288.27524405919763,
  "summary_csf_median": 276.27394856885076,
  "summary_csf_n": 46426.0,
  "summary_csf_p05": 154.5053175324574,
  "summary_csf_p95": 470.79923091083765,
  "summary_csf_stdv": 98.45348795577719,
  "summary_gm_k": 0.24916965709176964,
  "summary_gm_mad": 60.04855232933085,
  "summary_gm_mean": 720.4733981958329,
  "summary_gm_median": 720.8161575458944,
  "summary_gm_n": 24417.0,
  "summary_gm_p05": 616.5324699170887,
  "summary_gm_p95": 823.1034994348884,
  "summary_gm_stdv": 62.55084346790458,
  "summary_wm_k": 0.4555146402507386,
  "summary_wm_mad": 44.44696521619644,
  "summary_wm_mean": 999.7458772224217,
  "summary_wm_median": 1000.0338701717556,
  "summary_wm_n": 223920.0,
  "summary_wm_p05": 923.0899682678282,
  "summary_wm_p95": 1074.9814263358712,
  "summary_wm_stdv": 46.53839381199665,
  "tpm_overlap_csf": 0.166795350050337,
  "tpm_overlap_gm": 0.4501400126456461,
  "tpm_overlap_wm": 0.5058317854380655,
  "wm2max": 0.5291190003043486
}