{
  "aor": 0.001101032028469751,
  "aqi": 0.013553091138790035,
  "bids_meta": {
    "AcquisitionDateTime": "20170418144623.677500",
    "ConversionSoftware": "dicm2nii.m 20180116",
    "DeviceSerialNumber": "45343",
    "EchoTime": 0.027,
    "EffectiveEchoSpacing": 0.00026500119,
    "FlipAngle": 90,
    "ImageType": "ORIGINAL\\PRIMARY\\M\\ND\\NORM\\MOSAIC",
    "InstitutionAddress": "Jerusalem_Israel",
    "InstitutionName": "Hebrew University",
    "MRAcquisitionType": "2D",
    "Manufacturer": "SIEMENS",
    "Modality": "MR",
    "PatientAge": "030Y",
    "PatientName": "sub-11",
    "PatientPosition": "HFS",
    "PatientSex": "M",
    "PatientSize": 1.8,
    "PatientWeight": 70,
    "PhaseEncodingDirection": "j-",
    "RepetitionTime": 1.5,
    "ScanOptions": "FS",
    "ScanningSequence": "EP",
    "SequenceName": "*epfid2d1_64",
    "SequenceVariant": "SK",
    "SeriesDescription": "TR1.5_282Vol_startLip",
    "SeriesNumber": 3,
    "SliceThickness": 4,
    "SliceTiming": [
      0,
      0.0575,
      0.115,
      0.17,
      0.2275,
      0.285,
      0.3425,
      0.4,
      0.455,
      0.5125,
      0.57,
      0.6275,
      0.6825,
      0.74,
      0.7975,
      0.855,
      0.91,
      0.9675,
      1.025,
      1.0825,
      1.14,
      1.195,
      1.2525,
      1.31,
      1.3675,
      1.4225
    ],
    "SoftwareVersion": "syngo MR D13",
    "TaskName": "StartLip",
    "TotalReadoutTime": 0.016695075,
    "dataset": "ds003089",
    "modality": "bold",
    "subject_id": "11",
    "task_id": "StartLip"
  },
  "dummy_trs": 1,
  "dvars_nstd": 23.64514273928571,
  "dvars_std": 1.214594042214286,
  "dvars_vstd": 0.9782372882499997,
  "efc": 0.5754217360995295,
  "fber": 6788.51513671875,
  "fd_mean": 0.12113680125840945,
  "fd_num": 25,
  "fd_perc": 8.896797153024911,
  "fwhm_avg": 1.6254699817788607,
  "fwhm_x": 1.6511266666666666,
  "fwhm_y": 1.8496333333333332,
  "fwhm_z": 1.3756499453365825,
  "gcor": 0.0171261,
  "gsr_x": 0.015199401415884495,
  "gsr_y": 0.03824925795197487,
  "provenance": {
    "md5sum": "669cfeb858719dd793d632015fd88114",
    "settings": {
      "fd_thres": 0.2,
      "testing": false
    },
    "software": "mriqc",
    "version": "22.0.6",
    "webapi_port": null,
    "webapi_url": "https://mriqc.nimh.nih.gov/api/v1"
  },
  "size_t": 281,
  "size_x": 64,
  "size_y": 64,
  "size_z": 26,
  "snr": 8.380623299106627,
  "spacing_tr": 1.5,
  "spacing_x": 3.0,
  "spacing_y": 3.0,
  "spacing_z": 4.800000190734863,
  "summary_bg_k": 21.145406520428647,
  "summary_bg_mad": 4.632472339309905,
  "summary_bg_mean": 16.69504737854004,
  "summary_bg_median": 4.551601409912109,
  "summary_bg_n": 51901.0,
  "summary_bg_p05": 1.0498220920562744,
  "summary_bg_p95": 70.12455749511719,
  "summary_bg_stdv": 30.52904510498047,
  "summary_fg_k": 4.497179536460657,
  "summary_fg_mad": 38.33129403951681,
  "summary_fg_mean": 383.2800598144531,
  "summary_fg_median": 382.3701171875,
  "summary_fg_n": 26377.0,
  "summary_fg_p05": 318.34376220703126,
  "summary_fg_p95": 454.18931274414064,
  "summary_fg_stdv": 45.6246337890625,
  "tsnr": 65.69386168266647
}