{
  "aor": 0.0018572340425531918,
  "aqi": 0.012117150425531914,
  "bids_meta": {
    "AcquisitionDateTime": "20170418150921.452500",
    "ConversionSoftware": "dicm2nii.m 20180116",
    "DeviceSerialNumber": "45343",
    "EchoTime": 0.027,
    "EffectiveEchoSpacing": 0.00026500119,
    "FlipAngle": 90,
    "ImageType": "ORIGINAL\\PRIMARY\\M\\ND\\NORM\\MOSAIC",
    "InstitutionAddress": "Jerusalem_Israel",
    "InstitutionName": "Hebrew University",
    "MRAcquisitionType": "2D",
    "Manufacturer": "SIEMENS",
    "Modality": "MR",
    "PatientAge": "030Y",
    "PatientName": "sub-11",
    "PatientPosition": "HFS",
    "PatientSex": "M",
    "PatientSize": 1.8,
    "PatientWeight": 70,
    "PhaseEncodingDirection": "j-",
    "RepetitionTime": 1.5,
    "ScanOptions": "FS",
    "ScanningSequence": "EP",
    "SequenceName": "*epfid2d1_64",
    "SequenceVariant": "SK",
    "SeriesDescription": "TR1.5_282Vol_startToe",
    "SeriesNumber": 6,
    "SliceThickness": 4,
    "SliceTiming": [
      0,
      0.0575,
      0.115,
      0.1725,
      0.23,
      0.285,
      0.3425,
      0.4,
      0.4575,
      0.5125,
      0.57,
      0.6275,
      0.685,
      0.74,
      0.7975,
      0.855,
      0.9125,
      0.9675,
      1.025,
      1.0825,
      1.14,
      1.1975,
      1.2525,
      1.31,
      1.3675,
      1.425
    ],
    "SoftwareVersion": "syngo MR D13",
    "TaskName": "StartToe",
    "TotalReadoutTime": 0.016695075,
    "dataset": "ds003089",
    "modality": "bold",
    "subject_id": "11",
    "task_id": "StartToe"
  },
  "dummy_trs": 0,
  "dvars_nstd": 24.44027069224199,
  "dvars_std": 1.263009901209965,
  "dvars_vstd": 1.007429238434164,
  "efc": 0.5766146378572572,
  "fber": 6552.7607421875,
  "fd_mean": 0.12143516631217555,
  "fd_num": 12,
  "fd_perc": 4.25531914893617,
  "fwhm_avg": 1.6499090092937987,
  "fwhm_x": 1.67551,
  "fwhm_y": 1.8787233333333333,
  "fwhm_z": 1.3954936945480627,
  "gcor": 0.01107,
  "gsr_x": 0.015298399142920971,
  "gsr_y": 0.03688393160700798,
  "provenance": {
    "md5sum": "117d5524340ce11f9f8f77542834b332",
    "settings": {
      "fd_thres": 0.2,
      "testing": false
    },
    "software": "mriqc",
    "version": "22.0.6",
    "webapi_port": null,
    "webapi_url": "https://mriqc.nimh.nih.gov/api/v1"
  },
  "size_t": 282,
  "size_x": 64,
  "size_y": 64,
  "size_z": 26,
  "snr": 8.261458542564771,
  "spacing_tr": 1.5,
  "spacing_x": 3.0,
  "spacing_y": 3.0,
  "spacing_z": 4.800000190734863,
  "summary_bg_k": 19.6211159764979,
  "summary_bg_mad": 4.6633624188014915,
  "summary_bg_mean": 16.97827911376953,
  "summary_bg_median": 4.609929084777832,
  "summary_bg_n": 51803.0,
  "summary_bg_p05": 1.1134750843048096,
  "summary_bg_p95": 72.89006805419922,
  "summary_bg_stdv": 30.892776489257812,
  "summary_fg_k": 4.31769889038104,
  "summary_fg_mad": 38.681719887366114,
  "summary_fg_mean": 380.6971435546875,
  "summary_fg_median": 379.7730407714844,
  "summary_fg_n": 26464.0,
  "summary_fg_p05": 315.2351013183594,
  "summary_fg_p95": 452.6265884399414,
  "summary_fg_stdv": 45.968379974365234,
  "tsnr": 68.33348633372225
}