{
  "bids_meta": {
    "AcquisitionDateTime": "20170426092023.147500",
    "ConversionSoftware": "dicm2nii.m 20180116",
    "DeviceSerialNumber": "45343",
    "EchoTime": 0.00298,
    "FlipAngle": 9,
    "ImageType": "ORIGINAL\\PRIMARY\\M\\ND\\NORM",
    "InstitutionAddress": "Jerusalem_Israel",
    "InstitutionName": "Hebrew University",
    "InversionTime": 0.9,
    "MRAcquisitionType": "3D",
    "Manufacturer": "SIEMENS",
    "Modality": "MR",
    "PatientAge": "030Y",
    "PatientName": "sub-01",
    "PatientPosition": "HFS",
    "PatientSex": "M",
    "PatientSize": 1.75,
    "PatientWeight": 70,
    "PhaseEncodingDirection": "y-",
    "RepetitionTime": 2.3,
    "ScanOptions": "IR\\PFP",
    "ScanningSequence": "GR\\IR",
    "SequenceName": "*tfl3d1_16ns",
    "SequenceVariant": "SK\\SP\\MP",
    "SeriesDescription": "t1_mprage_32COIL",
    "SeriesNumber": 5,
    "SliceThickness": 1,
    "SoftwareVersion": "syngo MR D13",
    "dataset": "ds003089",
    "modality": "T1w",
    "subject_id": "01"
  },
  "cjv": 0.38931820454532967,
  "cnr": 3.484921662480774,
  "efc": 0.5897439113213456,
  "fber": -1.0,
  "fwhm_avg": 3.5775966666666665,
  "fwhm_x": 3.54499,
  "fwhm_y": 3.87008,
  "fwhm_z": 3.31772,
  "icvs_csf": 0.20191631586656114,
  "icvs_gm": 0.44998742957603716,
  "icvs_wm": 0.34809625455740173,
  "inu_med": 0.45419439673423767,
  "inu_range": 0.11626836657524109,
  "provenance": {
    "md5sum": "9a16ceea9128b8d9da54894a6550485e",
    "settings": {
      "testing": false
    },
    "software": "mriqc",
    "version": "22.0.6",
    "warnings": {
      "large_rot_frame": true,
      "small_air_mask": false
    },
    "webapi_port": null,
    "webapi_url": "https://mriqc.nimh.nih.gov/api/v1"
  },
  "qi_1": 0.009506364919088838,
  "qi_2": 0.035163150306756964,
  "rpve_csf": 20.682180761170823,
  "rpve_gm": 9.920821272247116,
  "rpve_wm": 14.365051941343983,
  "size_x": 160,
  "size_y": 256,
  "size_z": 256,
  "snr_csf": 2.41289848812015,
  "snr_gm": 10.997828237160332,
  "snr_total": 11.785033807849066,
  "snr_wm": 21.944374698266717,
  "snrd_csf": 33.55576831351552,
  "snrd_gm": 90.56364817370485,
  "snrd_total": 83.23469963508211,
  "snrd_wm": 125.58468241802596,
  "spacing_x": 1.0,
  "spacing_y": 1.0,
  "spacing_z": 1.0,
  "summary_bg_k": 25.545602810719267,
  "summary_bg_mad": 0.0,
  "summary_bg_mean": 2.246918226640874,
  "summary_bg_median": 0.0,
  "summary_bg_n": 2782735.0,
  "summary_bg_p05": 0.0,
  "summary_bg_p95": 12.480840303003788,
  "summary_bg_stdv": 5.216690129199841,
  "summary_csf_k": 2.0281387036571363,
  "summary_csf_mad": 89.08876552344194,
  "summary_csf_mean": 279.1219549555986,
  "summary_csf_median": 267.19633550941944,
  "summary_csf_n": 38274.0,
  "summary_csf_p05": 110.25211472176015,
  "summary_csf_p95": 483.2916064549237,
  "summary_csf_stdv": 110.73521999775144,
  "summary_gm_k": -0.018017193855841995,
  "summary_gm_mad": 65.29775213795224,
  "summary_gm_mean": 720.7126931227921,
  "summary_gm_median": 721.1360710412264,
  "summary_gm_n": 38348.0,
  "summary_gm_p05": 611.1545309275389,
  "summary_gm_p95": 828.7090279385448,
  "summary_gm_stdv": 65.56991552369863,
  "summary_wm_k": 0.49492633485447035,
  "summary_wm_mad": 43.26903604027659,
  "summary_wm_mean": 1000.5044117098838,
  "summary_wm_median": 999.9999590143561,
  "summary_wm_n": 215603.0,
  "summary_wm_p05": 926.7727731764317,
  "summary_wm_p95": 1075.9172507822514,
  "summary_wm_stdv": 45.56965754023305,
  "tpm_overlap_csf": 0.154093790471275,
  "tpm_overlap_gm": 0.45776407338538666,
  "tpm_overlap_wm": 0.4945689937280484,
  "wm2max": 0.5478823304229491
}