{
  "bids_meta": {
    "AcquisitionDateTime": "20170327124219.182500",
    "ConversionSoftware": "dicm2nii.m 20180116",
    "DeviceSerialNumber": "45343",
    "EchoTime": 0.00298,
    "FlipAngle": 9,
    "ImageType": "ORIGINAL\\PRIMARY\\M\\ND\\NORM",
    "InstitutionAddress": "Jerusalem_Israel",
    "InstitutionName": "Hebrew University",
    "InversionTime": 0.9,
    "MRAcquisitionType": "3D",
    "Manufacturer": "SIEMENS",
    "Modality": "MR",
    "PatientAge": "026Y",
    "PatientName": "sub-20",
    "PatientPosition": "HFS",
    "PatientSex": "M",
    "PatientSize": 1.65,
    "PatientWeight": 54,
    "PhaseEncodingDirection": "y-",
    "RepetitionTime": 2.3,
    "ScanOptions": "IR\\PFP",
    "ScanningSequence": "GR\\IR",
    "SequenceName": "*tfl3d1_16ns",
    "SequenceVariant": "SK\\SP\\MP",
    "SeriesDescription": "t1_mprage_32COIL",
    "SeriesNumber": 5,
    "SliceThickness": 1,
    "SoftwareVersion": "syngo MR D13",
    "dataset": "ds003089",
    "modality": "T1w",
    "subject_id": "20"
  },
  "cjv": 0.3783449420628384,
  "cnr": 3.4748804037502867,
  "efc": 0.5600657627154578,
  "fber": -1.0,
  "fwhm_avg": 3.4980333333333333,
  "fwhm_x": 3.50013,
  "fwhm_y": 3.77439,
  "fwhm_z": 3.21958,
  "icvs_csf": 0.22456045128036684,
  "icvs_gm": 0.4319873099928799,
  "icvs_wm": 0.3434522387267533,
  "inu_med": 0.45799994468688965,
  "inu_range": 0.10968813896179197,
  "provenance": {
    "md5sum": "ad7a4a29b369ef1004844759ba711358",
    "settings": {
      "testing": false
    },
    "software": "mriqc",
    "version": "22.0.6",
    "warnings": {
      "large_rot_frame": true,
      "small_air_mask": false
    },
    "webapi_port": null,
    "webapi_url": "https://mriqc.nimh.nih.gov/api/v1"
  },
  "qi_1": 0.005081150133807943,
  "qi_2": 0.043036215998809815,
  "rpve_csf": 20.9472586580348,
  "rpve_gm": 11.29802906934165,
  "rpve_wm": 16.231213197130895,
  "size_x": 160,
  "size_y": 256,
  "size_z": 256,
  "snr_csf": 2.523063746527349,
  "snr_gm": 10.785568306276978,
  "snr_total": 12.22037480505613,
  "snr_wm": 23.352492362364057,
  "snrd_csf": 51.84290200767207,
  "snrd_gm": 141.9071821726355,
  "snrd_total": 129.98333828975936,
  "snrd_wm": 196.19993068897048,
  "spacing_x": 1.0,
  "spacing_y": 1.0,
  "spacing_z": 1.0,
  "summary_bg_k": 29.51320974903505,
  "summary_bg_mad": 0.0,
  "summary_bg_mean": 1.4201550123556217,
  "summary_bg_median": 0.0,
  "summary_bg_n": 3190486.0,
  "summary_bg_p05": 0.0,
  "summary_bg_p95": 8.388414978981018,
  "summary_bg_stdv": 3.339126611623834,
  "summary_csf_k": 10.13009633695304,
  "summary_csf_mad": 79.27048874439288,
  "summary_csf_mean": 278.24353291818556,
  "summary_csf_median": 264.23507183790207,
  "summary_csf_n": 36812.0,
  "summary_csf_p05": 139.87621888518333,
  "summary_csf_p95": 467.1073257923126,
  "summary_csf_stdv": 104.72643951112748,
  "summary_gm_k": 0.19429565383357517,
  "summary_gm_mad": 64.10771375642292,
  "summary_gm_mean": 722.5959205185405,
  "summary_gm_median": 723.2784628868103,
  "summary_gm_n": 25485.0,
  "summary_gm_p05": 609.7584515810013,
  "summary_gm_p95": 832.8229904174805,
  "summary_gm_stdv": 67.05852227080268,
  "summary_wm_k": 0.4796434484201155,
  "summary_wm_mad": 40.588485807985386,
  "summary_wm_mean": 1000.0912638106375,
  "summary_wm_median": 1000.0000149011612,
  "summary_wm_n": 197594.0,
  "summary_wm_p05": 930.1201917231083,
  "summary_wm_p95": 1070.1358169317245,
  "summary_wm_stdv": 42.82187395416327,
  "tpm_overlap_csf": 0.17521122272572776,
  "tpm_overlap_gm": 0.4606152086486343,
  "tpm_overlap_wm": 0.5192552735245652,
  "wm2max": 0.7157972610281467
}