{
  "bids_meta": {
    "AcquisitionDateTime": "20170328075317.822500",
    "ConversionSoftware": "dicm2nii.m 20180116",
    "DeviceSerialNumber": "45343",
    "EchoTime": 0.00298,
    "FlipAngle": 9,
    "ImageType": "ORIGINAL\\PRIMARY\\M\\ND\\NORM",
    "InstitutionAddress": "Jerusalem_Israel",
    "InstitutionName": "Hebrew University",
    "InversionTime": 0.9,
    "MRAcquisitionType": "3D",
    "Manufacturer": "SIEMENS",
    "Modality": "MR",
    "PatientAge": "022Y",
    "PatientName": "sub-14",
    "PatientPosition": "HFS",
    "PatientSex": "F",
    "PatientSize": 1.7,
    "PatientWeight": 70,
    "PhaseEncodingDirection": "y-",
    "RepetitionTime": 2.3,
    "ScanOptions": "IR\\PFP",
    "ScanningSequence": "GR\\IR",
    "SequenceName": "*tfl3d1_16ns",
    "SequenceVariant": "SK\\SP\\MP",
    "SeriesDescription": "t1_mprage_32COIL",
    "SeriesNumber": 5,
    "SliceThickness": 1,
    "SoftwareVersion": "syngo MR D13",
    "dataset": "ds003089",
    "modality": "T1w",
    "subject_id": "14"
  },
  "cjv": 0.3948401640526212,
  "cnr": 3.502983116708436,
  "efc": 0.5370968613650701,
  "fber": -1.0,
  "fwhm_avg": 3.6552899999999995,
  "fwhm_x": 3.62941,
  "fwhm_y": 3.94755,
  "fwhm_z": 3.38891,
  "icvs_csf": 0.18818010812315336,
  "icvs_gm": 0.4475161539559791,
  "icvs_wm": 0.36430373792086757,
  "inu_med": 0.47270071506500244,
  "inu_range": 0.12310185432434084,
  "provenance": {
    "md5sum": "1fff86329f4856777f8888f9515554c3",
    "settings": {
      "testing": false
    },
    "software": "mriqc",
    "version": "22.0.6",
    "warnings": {
      "large_rot_frame": true,
      "small_air_mask": false
    },
    "webapi_port": null,
    "webapi_url": "https://mriqc.nimh.nih.gov/api/v1"
  },
  "qi_1": 0.10475424044626759,
  "qi_2": 0.019711389380284848,
  "rpve_csf": 25.687880902994443,
  "rpve_gm": 11.514977433554355,
  "rpve_wm": 15.766311753071076,
  "size_x": 160,
  "size_y": 256,
  "size_z": 256,
  "snr_csf": 2.3629329901003526,
  "snr_gm": 12.197288988691707,
  "snr_total": 11.457649617606464,
  "snr_wm": 19.812726874027334,
  "snrd_csf": 24.88343552118325,
  "snrd_gm": 59.62389603793484,
  "snrd_total": 55.56919999485143,
  "snrd_wm": 82.20026842543619,
  "spacing_x": 1.0,
  "spacing_y": 1.0,
  "spacing_z": 1.0,
  "summary_bg_k": 36.26299696081099,
  "summary_bg_mad": 0.0,
  "summary_bg_mean": 2.846696728191125,
  "summary_bg_median": 0.0,
  "summary_bg_n": 2623805.0,
  "summary_bg_p05": 0.0,
  "summary_bg_p95": 15.908053115010262,
  "summary_bg_stdv": 7.970306559241165,
  "summary_csf_k": 0.6619075865977995,
  "summary_csf_mad": 119.76036064303752,
  "summary_csf_mean": 309.56387970618545,
  "summary_csf_median": 302.7287284769118,
  "summary_csf_n": 25918.0,
  "summary_csf_p05": 104.2339025694877,
  "summary_csf_p95": 533.1652505073694,
  "summary_csf_stdv": 128.1131921910948,
  "summary_gm_k": 0.07629664456493357,
  "summary_gm_mad": 59.41468068651048,
  "summary_gm_mean": 724.0783367936597,
  "summary_gm_median": 725.376776009798,
  "summary_gm_n": 28687.0,
  "summary_gm_p05": 623.3825598657131,
  "summary_gm_p95": 819.2913757033645,
  "summary_gm_stdv": 59.46929138264054,
  "summary_wm_k": 0.2821547296588722,
  "summary_wm_mad": 49.03262822087142,
  "summary_wm_mean": 1001.3573429842064,
  "summary_wm_median": 1000.0380662754178,
  "summary_wm_n": 190558.0,
  "summary_wm_p05": 921.0306063070893,
  "summary_wm_p95": 1086.4667471945286,
  "summary_wm_stdv": 50.474397020533424,
  "tpm_overlap_csf": 0.15016994069551207,
  "tpm_overlap_gm": 0.47776527837103483,
  "tpm_overlap_wm": 0.5143765960239087,
  "wm2max": 0.4457421636285932
}