{
  "bids_meta": {
    "AcquisitionDateTime": "20170420134155.660000",
    "ConversionSoftware": "dicm2nii.m 20180116",
    "DeviceSerialNumber": "45343",
    "EchoTime": 0.00298,
    "FlipAngle": 9,
    "ImageType": "ORIGINAL\\PRIMARY\\M\\ND\\NORM",
    "InstitutionAddress": "Jerusalem_Israel",
    "InstitutionName": "Hebrew University",
    "InversionTime": 0.9,
    "MRAcquisitionType": "3D",
    "Manufacturer": "SIEMENS",
    "Modality": "MR",
    "PatientAge": "025Y",
    "PatientName": "sub-08",
    "PatientPosition": "HFS",
    "PatientSex": "M",
    "PatientSize": 1.74,
    "PatientWeight": 70,
    "PhaseEncodingDirection": "y-",
    "RepetitionTime": 2.3,
    "ScanOptions": "IR\\PFP",
    "ScanningSequence": "GR\\IR",
    "SequenceName": "*tfl3d1_16ns",
    "SequenceVariant": "SK\\SP\\MP",
    "SeriesDescription": "t1_mprage_32COIL",
    "SeriesNumber": 5,
    "SliceThickness": 1,
    "SoftwareVersion": "syngo MR D13",
    "dataset": "ds003089",
    "modality": "T1w",
    "subject_id": "08"
  },
  "cjv": 0.3911071156294498,
  "cnr": 3.471629477503641,
  "efc": 0.5503960259296372,
  "fber": -1.0,
  "fwhm_avg": 3.400946666666666,
  "fwhm_x": 3.40037,
  "fwhm_y": 3.68706,
  "fwhm_z": 3.11541,
  "icvs_csf": 0.21591885469528763,
  "icvs_gm": 0.44561522652548374,
  "icvs_wm": 0.3384659187792286,
  "inu_med": 0.4652635455131531,
  "inu_range": 0.10649340152740477,
  "provenance": {
    "md5sum": "694f59d78bdf8be510d67ff76391d742",
    "settings": {
      "testing": false
    },
    "software": "mriqc",
    "version": "22.0.6",
    "warnings": {
      "large_rot_frame": true,
      "small_air_mask": false
    },
    "webapi_port": null,
    "webapi_url": "https://mriqc.nimh.nih.gov/api/v1"
  },
  "qi_1": 0.016650521682922068,
  "qi_2": 0.02834698326979967,
  "rpve_csf": 21.75715653442704,
  "rpve_gm": 10.972532427732709,
  "rpve_wm": 16.05743514876162,
  "size_x": 160,
  "size_y": 256,
  "size_z": 256,
  "snr_csf": 2.685708647396265,
  "snr_gm": 11.201506429145947,
  "snr_total": 11.630962728321288,
  "snr_wm": 21.00567310842165,
  "snrd_csf": 36.52079945859613,
  "snrd_gm": 91.84771174184868,
  "snrd_total": 85.22919138019505,
  "snrd_wm": 127.31906294014031,
  "spacing_x": 1.0,
  "spacing_y": 1.0,
  "spacing_z": 1.0,
  "summary_bg_k": 35.8575773676166,
  "summary_bg_mad": 0.0,
  "summary_bg_mean": 2.1400778268773575,
  "summary_bg_median": 0.0,
  "summary_bg_n": 3394070.0,
  "summary_bg_p05": 0.0,
  "summary_bg_p95": 11.779869318008423,
  "summary_bg_stdv": 5.145781176731029,
  "summary_csf_k": 1.4725719611601988,
  "summary_csf_mad": 89.81293342810945,
  "summary_csf_mean": 299.9050299389218,
  "summary_csf_median": 286.85330629348755,
  "summary_csf_n": 33964.0,
  "summary_csf_p05": 145.94898394346237,
  "summary_csf_p95": 495.5638153553009,
  "summary_csf_stdv": 106.80573398689916,
  "summary_gm_k": 0.03502654302342645,
  "summary_gm_mad": 64.17114095506682,
  "summary_gm_mean": 719.950306588251,
  "summary_gm_median": 721.4195795059204,
  "summary_gm_n": 23430.0,
  "summary_gm_p05": 611.7708773374558,
  "summary_gm_p95": 823.5582403063773,
  "summary_gm_stdv": 64.40242557498773,
  "summary_wm_k": 0.6349284109567175,
  "summary_wm_mad": 44.79536709328764,
  "summary_wm_mean": 1000.0074981457007,
  "summary_wm_median": 1000.0299746990204,
  "summary_wm_n": 173069.0,
  "summary_wm_p05": 922.0370485782623,
  "summary_wm_p95": 1077.6032617092133,
  "summary_wm_stdv": 47.60747634343477,
  "tpm_overlap_csf": 0.1536176533676346,
  "tpm_overlap_gm": 0.460463818465,
  "tpm_overlap_wm": 0.48493925194486354,
  "wm2max": 0.5612309048830174
}