{
  "bids_meta": {
    "AcquisitionDateTime": "20170424112622.520000",
    "ConversionSoftware": "dicm2nii.m 20180116",
    "DeviceSerialNumber": "45343",
    "EchoTime": 0.00298,
    "FlipAngle": 9,
    "ImageType": "ORIGINAL\\PRIMARY\\M\\ND\\NORM",
    "InstitutionAddress": "Jerusalem_Israel",
    "InstitutionName": "Hebrew University",
    "InversionTime": 0.9,
    "MRAcquisitionType": "3D",
    "Manufacturer": "SIEMENS",
    "Modality": "MR",
    "PatientAge": "030Y",
    "PatientName": "sub-07",
    "PatientPosition": "HFS",
    "PatientSex": "F",
    "PatientSize": 1.55,
    "PatientWeight": 52,
    "PhaseEncodingDirection": "y-",
    "RepetitionTime": 2.3,
    "ScanOptions": "IR\\PFP",
    "ScanningSequence": "GR\\IR",
    "SequenceName": "*tfl3d1_16ns",
    "SequenceVariant": "SK\\SP\\MP",
    "SeriesDescription": "t1_mprage_32COIL",
    "SeriesNumber": 5,
    "SliceThickness": 1,
    "SoftwareVersion": "syngo MR D13",
    "dataset": "ds003089",
    "modality": "T1w",
    "subject_id": "07"
  },
  "cjv": 0.4079643688505348,
  "cnr": 3.307876872238468,
  "efc": 0.5179049077907041,
  "fber": -1.0,
  "fwhm_avg": 3.548906666666667,
  "fwhm_x": 3.52594,
  "fwhm_y": 3.82211,
  "fwhm_z": 3.29867,
  "icvs_csf": 0.2296043970267952,
  "icvs_gm": 0.41422448407333656,
  "icvs_wm": 0.35617111889986824,
  "inu_med": 0.4033924341201782,
  "inu_range": 0.08143195509910583,
  "provenance": {
    "md5sum": "d92803c60f1447d0b0641f6797d2c9f8",
    "settings": {
      "testing": false
    },
    "software": "mriqc",
    "version": "22.0.6",
    "warnings": {
      "large_rot_frame": true,
      "small_air_mask": false
    },
    "webapi_port": null,
    "webapi_url": "https://mriqc.nimh.nih.gov/api/v1"
  },
  "qi_1": 0.05175080915117873,
  "qi_2": 0.02967117244642104,
  "rpve_csf": 22.376334517660663,
  "rpve_gm": 12.437275808892343,
  "rpve_wm": 16.812337231436917,
  "size_x": 160,
  "size_y": 256,
  "size_z": 256,
  "snr_csf": 2.668067100988536,
  "snr_gm": 11.004702429073959,
  "snr_total": 11.847341632314516,
  "snr_wm": 21.869255366881053,
  "snrd_csf": 26.922804684630627,
  "snrd_gm": 72.26405045683867,
  "snrd_total": 65.9658492806412,
  "snrd_wm": 98.71069270045429,
  "spacing_x": 1.0,
  "spacing_y": 1.0,
  "spacing_z": 1.0,
  "summary_bg_k": 67.87237245863696,
  "summary_bg_mad": 0.0,
  "summary_bg_mean": 2.2305943426276453,
  "summary_bg_median": 0.0,
  "summary_bg_n": 2651864.0,
  "summary_bg_p05": 0.0,
  "summary_bg_p95": 7.504236653447151,
  "summary_bg_stdv": 6.637393860001022,
  "summary_csf_k": 1.2239613294810043,
  "summary_csf_mad": 86.13520963038813,
  "summary_csf_mean": 280.7280186636618,
  "summary_csf_median": 272.76344057172537,
  "summary_csf_n": 47534.0,
  "summary_csf_p05": 124.62047196403147,
  "summary_csf_p95": 471.6948753595352,
  "summary_csf_stdv": 102.23152607937219,
  "summary_gm_k": -0.008726074099475234,
  "summary_gm_mad": 66.44716171487084,
  "summary_gm_mean": 731.1978617240704,
  "summary_gm_median": 732.1299271434546,
  "summary_gm_n": 17697.0,
  "summary_gm_p05": 620.5346659421921,
  "summary_gm_p95": 840.0318589687348,
  "summary_gm_stdv": 66.52694576953901,
  "summary_wm_k": 0.6905912378676407,
  "summary_wm_mad": 42.86252098274076,
  "summary_wm_mean": 1001.5496909854674,
  "summary_wm_median": 1000.069215580821,
  "summary_wm_n": 187858.0,
  "summary_wm_p05": 929.3495660126209,
  "summary_wm_p95": 1078.6735008955002,
  "summary_wm_stdv": 45.729337237643165,
  "tpm_overlap_csf": 0.1581834353124559,
  "tpm_overlap_gm": 0.4496496539103347,
  "tpm_overlap_wm": 0.5002522529293532,
  "wm2max": 0.48037408016478134
}