{
  "bids_meta": {
    "AcquisitionDateTime": "20170430110017.590000",
    "ConversionSoftware": "dicm2nii.m 20180116",
    "DeviceSerialNumber": "45343",
    "EchoTime": 0.00298,
    "FlipAngle": 9,
    "ImageType": "ORIGINAL\\PRIMARY\\M\\ND\\NORM",
    "InstitutionAddress": "Jerusalem_Israel",
    "InstitutionName": "Hebrew University",
    "InversionTime": 0.9,
    "MRAcquisitionType": "3D",
    "Manufacturer": "SIEMENS",
    "Modality": "MR",
    "PatientAge": "028Y",
    "PatientName": "sub-02",
    "PatientPosition": "HFS",
    "PatientSex": "F",
    "PatientSize": 1.64,
    "PatientWeight": 67,
    "PhaseEncodingDirection": "y-",
    "RepetitionTime": 2.3,
    "ScanOptions": "IR\\PFP",
    "ScanningSequence": "GR\\IR",
    "SequenceName": "*tfl3d1_16ns",
    "SequenceVariant": "SK\\SP\\MP",
    "SeriesDescription": "t1_mprage_32COIL",
    "SeriesNumber": 5,
    "SliceThickness": 1,
    "SoftwareVersion": "syngo MR D13",
    "dataset": "ds003089",
    "modality": "T1w",
    "subject_id": "02"
  },
  "cjv": 0.3627625384039756,
  "cnr": 3.69777245807992,
  "efc": 0.5292673971181658,
  "fber": -1.0,
  "fwhm_avg": 3.812056666666667,
  "fwhm_x": 3.76563,
  "fwhm_y": 4.11719,
  "fwhm_z": 3.55335,
  "icvs_csf": 0.22273641654940218,
  "icvs_gm": 0.42673467875760146,
  "icvs_wm": 0.35052890469299636,
  "inu_med": 0.38320472836494446,
  "inu_range": 0.07536076307296752,
  "provenance": {
    "md5sum": "4bd081b3e58b5135bb808c303be5de59",
    "settings": {
      "testing": false
    },
    "software": "mriqc",
    "version": "22.0.6",
    "warnings": {
      "large_rot_frame": true,
      "small_air_mask": false
    },
    "webapi_port": null,
    "webapi_url": "https://mriqc.nimh.nih.gov/api/v1"
  },
  "qi_1": 0.03637951939246238,
  "qi_2": 0.05138123005278088,
  "rpve_csf": 22.431057690443936,
  "rpve_gm": 11.946880995975553,
  "rpve_wm": 16.509837730927163,
  "size_x": 160,
  "size_y": 256,
  "size_z": 256,
  "snr_csf": 2.455086545572451,
  "snr_gm": 10.815358881395301,
  "snr_total": 12.665047450410745,
  "snr_wm": 24.72469692426448,
  "snrd_csf": 36.031104723023034,
  "snrd_gm": 99.98543964760312,
  "snrd_total": 92.05820729352213,
  "snrd_wm": 140.15807750994026,
  "spacing_x": 1.0,
  "spacing_y": 1.0,
  "spacing_z": 1.0,
  "summary_bg_k": 45.91585986051898,
  "summary_bg_mad": 0.0,
  "summary_bg_mean": 1.6671387446938273,
  "summary_bg_median": 0.0,
  "summary_bg_n": 2998503.0,
  "summary_bg_p05": 0.0,
  "summary_bg_p95": 6.933333694934845,
  "summary_bg_stdv": 4.674423933952004,
  "summary_csf_k": 0.9808057630497782,
  "summary_csf_mad": 96.8633499941831,
  "summary_csf_mean": 266.99821100392234,
  "summary_csf_median": 257.083346741274,
  "summary_csf_n": 48292.0,
  "summary_csf_p05": 114.41833930071444,
  "summary_csf_p95": 455.61502376217385,
  "summary_csf_stdv": 104.71349184490388,
  "summary_gm_k": 0.024614300306863512,
  "summary_gm_mad": 65.28392109301831,
  "summary_gm_mean": 714.274478123379,
  "summary_gm_median": 713.4000372067094,
  "summary_gm_n": 31716.0,
  "summary_gm_p05": 606.9583649886772,
  "summary_gm_p95": 824.4333763308823,
  "summary_gm_stdv": 65.96071367130322,
  "summary_wm_k": 0.45167977625874345,
  "summary_wm_mad": 38.695919921145595,
  "summary_wm_mean": 1000.1725711341467,
  "summary_wm_median": 1000.033385489136,
  "summary_wm_n": 207377.0,
  "summary_wm_p05": 934.2333820573986,
  "summary_wm_p95": 1066.4667222872376,
  "summary_wm_stdv": 40.446642375484586,
  "tpm_overlap_csf": 0.16666235223117812,
  "tpm_overlap_gm": 0.47506480268507206,
  "tpm_overlap_wm": 0.5314980524777249,
  "wm2max": 0.5081556259421738
}