{
  "aor": 0.0024772142857142853,
  "aqi": 0.008760738250000002,
  "bids_meta": {
    "AcquisitionDateTime": "20170424110926.825000",
    "ConversionSoftware": "dicm2nii.m 20180116",
    "DeviceSerialNumber": "45343",
    "EchoTime": 0.027,
    "EffectiveEchoSpacing": 0.00026500119,
    "FlipAngle": 90,
    "ImageType": "ORIGINAL\\PRIMARY\\M\\ND\\NORM\\MOSAIC",
    "InstitutionAddress": "Jerusalem_Israel",
    "InstitutionName": "Hebrew University",
    "MRAcquisitionType": "2D",
    "Manufacturer": "SIEMENS",
    "Modality": "MR",
    "PatientAge": "030Y",
    "PatientName": "sub-07",
    "PatientPosition": "HFS",
    "PatientSex": "F",
    "PatientSize": 1.55,
    "PatientWeight": 52,
    "PhaseEncodingDirection": "j-",
    "RepetitionTime": 1.5,
    "ScanOptions": "FS",
    "ScanningSequence": "EP",
    "SequenceName": "*epfid2d1_64",
    "SequenceVariant": "SK",
    "SeriesDescription": "TR1.5_282Vol_startLip",
    "SeriesNumber": 3,
    "SliceThickness": 4,
    "SliceTiming": [
      0,
      0.0575,
      0.115,
      0.1725,
      0.2275,
      0.285,
      0.3425,
      0.4,
      0.455,
      0.5125,
      0.57,
      0.6275,
      0.6825,
      0.74,
      0.7975,
      0.855,
      0.9125,
      0.9675,
      1.025,
      1.0825,
      1.14,
      1.195,
      1.2525,
      1.31,
      1.3675,
      1.4225
    ],
    "SoftwareVersion": "syngo MR D13",
    "TaskName": "StartLip",
    "TotalReadoutTime": 0.016695075,
    "dataset": "ds003089",
    "modality": "bold",
    "subject_id": "07",
    "task_id": "StartLip"
  },
  "dummy_trs": 2,
  "dvars_nstd": 26.044818078566312,
  "dvars_std": 1.274152047670251,
  "dvars_vstd": 1.0278019364874555,
  "efc": 0.5302018214432345,
  "fber": 11950.142578125,
  "fd_mean": 0.2057966065369858,
  "fd_num": 114,
  "fd_perc": 40.714285714285715,
  "fwhm_avg": 1.6317503985069257,
  "fwhm_x": 1.6569533333333333,
  "fwhm_y": 1.8672833333333332,
  "fwhm_z": 1.3710145288541107,
  "gcor": 0.0239292,
  "gsr_x": 0.013050730340182781,
  "gsr_y": 0.02269829250872135,
  "provenance": {
    "md5sum": "985a9bb870e1e8296085433f32e035a6",
    "settings": {
      "fd_thres": 0.2,
      "testing": false
    },
    "software": "mriqc",
    "version": "22.0.6",
    "webapi_port": null,
    "webapi_url": "https://mriqc.nimh.nih.gov/api/v1"
  },
  "size_t": 280,
  "size_x": 64,
  "size_y": 64,
  "size_z": 26,
  "snr": 8.132087423992221,
  "spacing_tr": 1.5,
  "spacing_x": 3.0,
  "spacing_y": 3.0,
  "spacing_z": 4.800000190734863,
  "summary_bg_k": 26.309664765172876,
  "summary_bg_mad": 2.7639939490889174,
  "summary_bg_mean": 11.782742500305176,
  "summary_bg_median": 3.267857074737549,
  "summary_bg_n": 56345.0,
  "summary_bg_p05": 1.125,
  "summary_bg_p95": 55.885001373291,
  "summary_bg_stdv": 24.495616912841797,
  "summary_fg_k": 4.053200357970827,
  "summary_fg_mad": 37.377429904673825,
  "summary_fg_mean": 363.82574462890625,
  "summary_fg_median": 361.43572998046875,
  "summary_fg_n": 22701.0,
  "summary_fg_p05": 301.5035705566406,
  "summary_fg_p95": 436.2535705566406,
  "summary_fg_stdv": 44.44464874267578,
  "tsnr": 74.06500500440598
}