{
  "aor": 0.0025490035587188613,
  "aqi": 0.01015569868327402,
  "bids_meta": {
    "AcquisitionDateTime": "20170424113156.025000",
    "ConversionSoftware": "dicm2nii.m 20180116",
    "DeviceSerialNumber": "45343",
    "EchoTime": 0.027,
    "EffectiveEchoSpacing": 0.00026500119,
    "FlipAngle": 90,
    "ImageType": "ORIGINAL\\PRIMARY\\M\\ND\\NORM\\MOSAIC",
    "InstitutionAddress": "Jerusalem_Israel",
    "InstitutionName": "Hebrew University",
    "MRAcquisitionType": "2D",
    "Manufacturer": "SIEMENS",
    "Modality": "MR",
    "PatientAge": "030Y",
    "PatientName": "sub-07",
    "PatientPosition": "HFS",
    "PatientSex": "F",
    "PatientSize": 1.55,
    "PatientWeight": 52,
    "PhaseEncodingDirection": "j-",
    "RepetitionTime": 1.5,
    "ScanOptions": "FS",
    "ScanningSequence": "EP",
    "SequenceName": "*epfid2d1_64",
    "SequenceVariant": "SK",
    "SeriesDescription": "TR1.5_282Vol_startToe",
    "SeriesNumber": 6,
    "SliceThickness": 4,
    "SliceTiming": [
      0,
      0.055,
      0.1125,
      0.17,
      0.2275,
      0.2825,
      0.34,
      0.3975,
      0.455,
      0.51,
      0.5675,
      0.625,
      0.6825,
      0.7375,
      0.795,
      0.8525,
      0.91,
      0.9675,
      1.0225,
      1.08,
      1.1375,
      1.195,
      1.25,
      1.3075,
      1.365,
      1.4225
    ],
    "SoftwareVersion": "syngo MR D13",
    "TaskName": "StartToe",
    "TotalReadoutTime": 0.016695075,
    "dataset": "ds003089",
    "modality": "bold",
    "subject_id": "07",
    "task_id": "StartToe"
  },
  "dummy_trs": 1,
  "dvars_nstd": 25.895326614678574,
  "dvars_std": 1.285109891714286,
  "dvars_vstd": 1.0298889659999997,
  "efc": 0.5314648121573093,
  "fber": 11923.3427734375,
  "fd_mean": 0.18550823637053412,
  "fd_num": 106,
  "fd_perc": 37.72241992882562,
  "fwhm_avg": 1.6254533151689288,
  "fwhm_x": 1.6520733333333333,
  "fwhm_y": 1.8529200000000001,
  "fwhm_z": 1.3713666121734536,
  "gcor": 0.0276999,
  "gsr_x": 0.014963146299123764,
  "gsr_y": 0.0219949372112751,
  "provenance": {
    "md5sum": "7142956b3d26033e026c5ff994427379",
    "settings": {
      "fd_thres": 0.2,
      "testing": false
    },
    "software": "mriqc",
    "version": "22.0.6",
    "webapi_port": null,
    "webapi_url": "https://mriqc.nimh.nih.gov/api/v1"
  },
  "size_t": 281,
  "size_x": 64,
  "size_y": 64,
  "size_z": 26,
  "snr": 8.277607764666715,
  "spacing_tr": 1.5,
  "spacing_x": 3.0,
  "spacing_y": 3.0,
  "spacing_z": 4.800000190734863,
  "summary_bg_k": 25.31021351988771,
  "summary_bg_mad": 2.722500709347764,
  "summary_bg_mean": 12.0868558883667,
  "summary_bg_median": 3.259786367416382,
  "summary_bg_n": 56360.0,
  "summary_bg_p05": 1.1565836668014526,
  "summary_bg_p95": 57.75106678009032,
  "summary_bg_stdv": 24.94690704345703,
  "summary_fg_k": 3.5787930507759693,
  "summary_fg_mad": 36.99911024982657,
  "summary_fg_mean": 363.33624267578125,
  "summary_fg_median": 361.0,
  "summary_fg_n": 22668.0,
  "summary_fg_p05": 301.0088836669922,
  "summary_fg_p95": 434.6535659790039,
  "summary_fg_stdv": 43.61067199707031,
  "tsnr": 71.02876954246312
}