{
  "aor": 0.004584609929078014,
  "aqi": 0.01760377109929078,
  "bids_meta": {
    "AcquisitionDateTime": "20170430090658.245000",
    "ConversionSoftware": "dicm2nii.m 20180116",
    "DeviceSerialNumber": "45343",
    "EchoTime": 0.027,
    "EffectiveEchoSpacing": 0.00026500119,
    "FlipAngle": 90,
    "ImageType": "ORIGINAL\\PRIMARY\\M\\ND\\NORM\\MOSAIC",
    "InstitutionAddress": "Jerusalem_Israel",
    "InstitutionName": "Hebrew University",
    "MRAcquisitionType": "2D",
    "Manufacturer": "SIEMENS",
    "Modality": "MR",
    "PatientAge": "022Y",
    "PatientName": "sub-03",
    "PatientPosition": "HFS",
    "PatientSex": "F",
    "PatientSize": 1.62,
    "PatientWeight": 53,
    "PhaseEncodingDirection": "j-",
    "RepetitionTime": 1.5,
    "ScanOptions": "FS",
    "ScanningSequence": "EP",
    "SequenceName": "*epfid2d1_64",
    "SequenceVariant": "SK",
    "SeriesDescription": "TR1.5_282Vol_startToe",
    "SeriesNumber": 6,
    "SliceThickness": 4,
    "SliceTiming": [
      0,
      0.0575,
      0.115,
      0.17,
      0.2275,
      0.285,
      0.3425,
      0.3975,
      0.455,
      0.5125,
      0.57,
      0.625,
      0.6825,
      0.74,
      0.7975,
      0.855,
      0.91,
      0.9675,
      1.025,
      1.0825,
      1.1375,
      1.195,
      1.2525,
      1.31,
      1.365,
      1.4225
    ],
    "SoftwareVersion": "syngo MR D13",
    "TaskName": "StartToe",
    "TotalReadoutTime": 0.016695075,
    "dataset": "ds003089",
    "modality": "bold",
    "subject_id": "03",
    "task_id": "StartToe"
  },
  "dummy_trs": 0,
  "dvars_nstd": 23.885370831530256,
  "dvars_std": 1.3092489808540935,
  "dvars_vstd": 1.0254758014234875,
  "efc": 0.5332904856730775,
  "fber": 16428.013671875,
  "fd_mean": 0.19685397165772925,
  "fd_num": 121,
  "fd_perc": 42.90780141843972,
  "fwhm_avg": 1.4794067889071787,
  "fwhm_x": 1.5332933333333332,
  "fwhm_y": 1.6480166666666667,
  "fwhm_z": 1.256910366721536,
  "gcor": 0.0101659,
  "gsr_x": 0.029623525217175484,
  "gsr_y": 0.024253495037555695,
  "provenance": {
    "md5sum": "7d99379a3e10ce3eaac006af9e09f11e",
    "settings": {
      "fd_thres": 0.2,
      "testing": false
    },
    "software": "mriqc",
    "version": "22.0.6",
    "webapi_port": null,
    "webapi_url": "https://mriqc.nimh.nih.gov/api/v1"
  },
  "size_t": 282,
  "size_x": 64,
  "size_y": 64,
  "size_z": 26,
  "snr": 9.783680272590573,
  "spacing_tr": 1.5,
  "spacing_x": 3.0,
  "spacing_y": 3.0,
  "spacing_z": 4.800000190734863,
  "summary_bg_k": 22.0459626761148,
  "summary_bg_mad": 3.527751990777679,
  "summary_bg_mean": 16.7714786529541,
  "summary_bg_median": 3.382978677749634,
  "summary_bg_n": 57765.0,
  "summary_bg_p05": 0.8014184236526489,
  "summary_bg_p95": 80.574462890625,
  "summary_bg_stdv": 36.12550354003906,
  "summary_fg_k": 6.552757684349141,
  "summary_fg_mad": 36.8994571923846,
  "summary_fg_mean": 430.35162353515625,
  "summary_fg_median": 429.26239013671875,
  "summary_fg_n": 22768.0,
  "summary_fg_p05": 369.05797119140624,
  "summary_fg_p95": 497.16967468261714,
  "summary_fg_stdv": 43.874385833740234,
  "tsnr": 69.90459453931544
}