{
  "bids_meta": {
    "AcquisitionDateTime": "20170420145514.535000",
    "ConversionSoftware": "dicm2nii.m 20180116",
    "DeviceSerialNumber": "45343",
    "EchoTime": 0.00298,
    "FlipAngle": 9,
    "ImageType": "ORIGINAL\\PRIMARY\\M\\ND\\NORM",
    "InstitutionAddress": "Jerusalem_Israel",
    "InstitutionName": "Hebrew University",
    "InversionTime": 0.9,
    "MRAcquisitionType": "3D",
    "Manufacturer": "SIEMENS",
    "Modality": "MR",
    "PatientAge": "029Y",
    "PatientName": "sub-09",
    "PatientPosition": "HFS",
    "PatientSex": "M",
    "PatientSize": 1.8,
    "PatientWeight": 64,
    "PhaseEncodingDirection": "y-",
    "RepetitionTime": 2.3,
    "ScanOptions": "IR\\PFP",
    "ScanningSequence": "GR\\IR",
    "SequenceName": "*tfl3d1_16ns",
    "SequenceVariant": "SK\\SP\\MP",
    "SeriesDescription": "t1_mprage_32COIL",
    "SeriesNumber": 5,
    "SliceThickness": 1,
    "SoftwareVersion": "syngo MR D13",
    "dataset": "ds003089",
    "modality": "T1w",
    "subject_id": "09"
  },
  "cjv": 0.3403552015237381,
  "cnr": 3.9377674649221612,
  "efc": 0.5849774992748157,
  "fber": -1.0,
  "fwhm_avg": 3.6570199999999997,
  "fwhm_x": 3.61043,
  "fwhm_y": 3.98998,
  "fwhm_z": 3.37065,
  "icvs_csf": 0.18569955956452924,
  "icvs_gm": 0.4476267432372601,
  "icvs_wm": 0.3666736971982107,
  "inu_med": 0.3992796242237091,
  "inu_range": 0.09191418588161471,
  "provenance": {
    "md5sum": "5a3b201dab0065fde001795e91e5bfab",
    "settings": {
      "testing": false
    },
    "software": "mriqc",
    "version": "22.0.6",
    "warnings": {
      "large_rot_frame": true,
      "small_air_mask": false
    },
    "webapi_port": null,
    "webapi_url": "https://mriqc.nimh.nih.gov/api/v1"
  },
  "qi_1": 0.023723171685654208,
  "qi_2": 0.0195311752960061,
  "rpve_csf": 23.326223050759353,
  "rpve_gm": 10.381043388741327,
  "rpve_wm": 14.140725048169294,
  "size_x": 160,
  "size_y": 256,
  "size_z": 256,
  "snr_csf": 2.080705671834075,
  "snr_gm": 11.768676070596845,
  "snr_total": 12.473603503461403,
  "snr_wm": 23.57142876795329,
  "snrd_csf": 38.81410788081608,
  "snrd_gm": 100.40408835479512,
  "snrd_total": 93.59583462869735,
  "snrd_wm": 141.56930765048082,
  "spacing_x": 1.0,
  "spacing_y": 1.0,
  "spacing_z": 1.0,
  "summary_bg_k": 27.62425155797097,
  "summary_bg_mad": 0.0,
  "summary_bg_mean": 1.779124501536807,
  "summary_bg_median": 0.0,
  "summary_bg_n": 2589673.0,
  "summary_bg_p05": 0.0,
  "summary_bg_p95": 10.504386454820633,
  "summary_bg_stdv": 4.627672489863768,
  "summary_csf_k": 0.6140387549596338,
  "summary_csf_mad": 118.2392761653627,
  "summary_csf_mean": 279.25894369907513,
  "summary_csf_median": 274.17035484313965,
  "summary_csf_n": 30943.0,
  "summary_csf_p05": 65.34432579576969,
  "summary_csf_p95": 520.0404841676351,
  "summary_csf_stdv": 131.7658370764371,
  "summary_gm_k": 0.11292529609469648,
  "summary_gm_mad": 58.98913115534651,
  "summary_gm_mean": 710.4377483124075,
  "summary_gm_median": 709.2221368700266,
  "summary_gm_n": 44568.0,
  "summary_gm_p05": 612.8341214954853,
  "summary_gm_p95": 811.5078664273024,
  "summary_gm_stdv": 60.26286864736663,
  "summary_wm_k": 0.5204782468563205,
  "summary_wm_mad": 39.97862207357186,
  "summary_wm_mean": 1000.3224940332333,
  "summary_wm_median": 999.9999853819609,
  "summary_wm_n": 222546.0,
  "summary_wm_p05": 931.0172687470913,
  "summary_wm_p95": 1069.9509834498167,
  "summary_wm_stdv": 42.42414613459938,
  "tpm_overlap_csf": 0.15516276840432938,
  "tpm_overlap_gm": 0.47128304133512283,
  "tpm_overlap_wm": 0.5087636301546413,
  "wm2max": 0.5890545486099655
}