{
  "aor": 0.0008568085106382978,
  "aqi": 0.010178231914893617,
  "bids_meta": {
    "AcquisitionDateTime": "20170327132650.805000",
    "ConversionSoftware": "dicm2nii.m 20180116",
    "DeviceSerialNumber": "45343",
    "EchoTime": 0.027,
    "EffectiveEchoSpacing": 0.00026500119,
    "FlipAngle": 90,
    "ImageType": "ORIGINAL\\PRIMARY\\M\\ND\\NORM\\MOSAIC",
    "InstitutionAddress": "Jerusalem_Israel",
    "InstitutionName": "Hebrew University",
    "MRAcquisitionType": "2D",
    "Manufacturer": "SIEMENS",
    "Modality": "MR",
    "PatientAge": "024Y",
    "PatientName": "sub-12",
    "PatientPosition": "HFS",
    "PatientSex": "M",
    "PatientSize": 1.78,
    "PatientWeight": 66,
    "PhaseEncodingDirection": "j-",
    "RepetitionTime": 1.5,
    "ScanOptions": "FS",
    "ScanningSequence": "EP",
    "SequenceName": "*epfid2d1_64",
    "SequenceVariant": "SK",
    "SeriesDescription": "TR1.5_282Vol_startLip",
    "SeriesNumber": 3,
    "SliceThickness": 4,
    "SliceTiming": [
      0,
      0.0575,
      0.115,
      0.1725,
      0.23,
      0.285,
      0.3425,
      0.4,
      0.4575,
      0.5125,
      0.57,
      0.6275,
      0.685,
      0.74,
      0.7975,
      0.855,
      0.9125,
      0.97,
      1.025,
      1.0825,
      1.14,
      1.1975,
      1.2525,
      1.31,
      1.3675,
      1.425
    ],
    "SoftwareVersion": "syngo MR D13",
    "TaskName": "StartLip",
    "TotalReadoutTime": 0.016695075,
    "dataset": "ds003089",
    "modality": "bold",
    "subject_id": "12",
    "task_id": "StartLip"
  },
  "dummy_trs": 0,
  "dvars_nstd": 24.51769774459076,
  "dvars_std": 1.3109520713879,
  "dvars_vstd": 0.9923055230960856,
  "efc": 0.5548505466267681,
  "fber": 6284.916015625,
  "fd_mean": 0.12774733233654448,
  "fd_num": 26,
  "fd_perc": 9.21985815602837,
  "fwhm_avg": 1.6012642875138097,
  "fwhm_x": 1.64238,
  "fwhm_y": 1.7993066666666666,
  "fwhm_z": 1.3621061958747627,
  "gcor": 0.0106543,
  "gsr_x": 0.004342181608080864,
  "gsr_y": 0.032563239336013794,
  "provenance": {
    "md5sum": "615e7019cb9d3e21ddacc9813e11de9d",
    "settings": {
      "fd_thres": 0.2,
      "testing": false
    },
    "software": "mriqc",
    "version": "22.0.6",
    "webapi_port": null,
    "webapi_url": "https://mriqc.nimh.nih.gov/api/v1"
  },
  "size_t": 282,
  "size_x": 64,
  "size_y": 64,
  "size_z": 26,
  "snr": 8.516572274050137,
  "spacing_tr": 1.5,
  "spacing_x": 3.0,
  "spacing_y": 3.0,
  "spacing_z": 4.800000190734863,
  "summary_bg_k": 14.248883687595601,
  "summary_bg_mad": 4.98406749871574,
  "summary_bg_mean": 21.17473793029785,
  "summary_bg_median": 4.897162914276123,
  "summary_bg_n": 55451.0,
  "summary_bg_p05": 1.1595743894577026,
  "summary_bg_p95": 102.69148635864258,
  "summary_bg_stdv": 41.36980056762695,
  "summary_fg_k": 4.667560934220119,
  "summary_fg_mad": 39.1470238795265,
  "summary_fg_mean": 402.8180847167969,
  "summary_fg_median": 401.97161865234375,
  "summary_fg_n": 22435.0,
  "summary_fg_p05": 331.71453552246095,
  "summary_fg_p95": 474.2148712158203,
  "summary_fg_stdv": 47.19770431518555,
  "tsnr": 70.2438295581378
}