{
  "aor": 0.0006402846975088969,
  "aqi": 0.007543322384341637,
  "bids_meta": {
    "AcquisitionDateTime": "20170424100729.472500",
    "ConversionSoftware": "dicm2nii.m 20180116",
    "DeviceSerialNumber": "45343",
    "EchoTime": 0.027,
    "EffectiveEchoSpacing": 0.00026500119,
    "FlipAngle": 90,
    "ImageType": "ORIGINAL\\PRIMARY\\M\\ND\\NORM\\MOSAIC",
    "InstitutionAddress": "Jerusalem_Israel",
    "InstitutionName": "Hebrew University",
    "MRAcquisitionType": "2D",
    "Manufacturer": "SIEMENS",
    "Modality": "MR",
    "PatientAge": "029Y",
    "PatientName": "sub-05",
    "PatientPosition": "HFS",
    "PatientSex": "M",
    "PatientSize": 1.87,
    "PatientWeight": 66,
    "PhaseEncodingDirection": "j-",
    "RepetitionTime": 1.5,
    "ScanOptions": "FS",
    "ScanningSequence": "EP",
    "SequenceName": "*epfid2d1_64",
    "SequenceVariant": "SK",
    "SeriesDescription": "TR1.5_282Vol_startLip",
    "SeriesNumber": 3,
    "SliceThickness": 4,
    "SliceTiming": [
      0,
      0.0575,
      0.115,
      0.1725,
      0.2275,
      0.285,
      0.3425,
      0.4,
      0.4575,
      0.5125,
      0.57,
      0.6275,
      0.685,
      0.74,
      0.7975,
      0.855,
      0.9125,
      0.9675,
      1.025,
      1.0825,
      1.14,
      1.1975,
      1.2525,
      1.31,
      1.3675,
      1.425
    ],
    "SoftwareVersion": "syngo MR D13",
    "TaskName": "StartLip",
    "TotalReadoutTime": 0.016695075,
    "dataset": "ds003089",
    "modality": "bold",
    "subject_id": "05",
    "task_id": "StartLip"
  },
  "dummy_trs": 1,
  "dvars_nstd": 23.82113360692857,
  "dvars_std": 1.2954118733214306,
  "dvars_vstd": 1.007684442357143,
  "efc": 0.5835068801344739,
  "fber": 4759.50732421875,
  "fd_mean": 0.12100088804139619,
  "fd_num": 16,
  "fd_perc": 5.693950177935943,
  "fwhm_avg": 1.6507476206804708,
  "fwhm_x": 1.6846833333333333,
  "fwhm_y": 1.89287,
  "fwhm_z": 1.3746895287080794,
  "gcor": 0.0155406,
  "gsr_x": 0.02163466438651085,
  "gsr_y": 0.03171949461102486,
  "provenance": {
    "md5sum": "7b1fc267369321a8472c488d05799e9a",
    "settings": {
      "fd_thres": 0.2,
      "testing": false
    },
    "software": "mriqc",
    "version": "22.0.6",
    "webapi_port": null,
    "webapi_url": "https://mriqc.nimh.nih.gov/api/v1"
  },
  "size_t": 281,
  "size_x": 64,
  "size_y": 64,
  "size_z": 26,
  "snr": 8.605734407693555,
  "spacing_tr": 1.5,
  "spacing_x": 3.0,
  "spacing_y": 3.0,
  "spacing_z": 4.800000190734863,
  "summary_bg_k": 12.170804410780669,
  "summary_bg_mad": 6.479130237680646,
  "summary_bg_mean": 23.981969833374023,
  "summary_bg_median": 5.971530437469482,
  "summary_bg_n": 51919.0,
  "summary_bg_p05": 1.1387900114059448,
  "summary_bg_p95": 118.9868309020996,
  "summary_bg_stdv": 44.86514663696289,
  "summary_fg_k": 5.4206580833423725,
  "summary_fg_mad": 40.172715132957066,
  "summary_fg_mean": 422.73760986328125,
  "summary_fg_median": 422.46441650390625,
  "summary_fg_n": 25382.0,
  "summary_fg_p05": 349.8733108520508,
  "summary_fg_p95": 497.27044677734375,
  "summary_fg_stdv": 49.09006881713867,
  "tsnr": 78.14657287532464
}