{
  "aor": 0.0010200711743772242,
  "aqi": 0.007796262135231316,
  "bids_meta": {
    "AcquisitionDateTime": "20170424103008.537500",
    "ConversionSoftware": "dicm2nii.m 20180116",
    "DeviceSerialNumber": "45343",
    "EchoTime": 0.027,
    "EffectiveEchoSpacing": 0.00026500119,
    "FlipAngle": 90,
    "ImageType": "ORIGINAL\\PRIMARY\\M\\ND\\NORM\\MOSAIC",
    "InstitutionAddress": "Jerusalem_Israel",
    "InstitutionName": "Hebrew University",
    "MRAcquisitionType": "2D",
    "Manufacturer": "SIEMENS",
    "Modality": "MR",
    "PatientAge": "029Y",
    "PatientName": "sub-05",
    "PatientPosition": "HFS",
    "PatientSex": "M",
    "PatientSize": 1.87,
    "PatientWeight": 66,
    "PhaseEncodingDirection": "j-",
    "RepetitionTime": 1.5,
    "ScanOptions": "FS",
    "ScanningSequence": "EP",
    "SequenceName": "*epfid2d1_64",
    "SequenceVariant": "SK",
    "SeriesDescription": "TR1.5_282Vol_startToe",
    "SeriesNumber": 6,
    "SliceThickness": 4,
    "SliceTiming": [
      0,
      0.0575,
      0.115,
      0.1725,
      0.2275,
      0.285,
      0.3425,
      0.4,
      0.455,
      0.5125,
      0.57,
      0.6275,
      0.6825,
      0.74,
      0.7975,
      0.855,
      0.9125,
      0.9675,
      1.025,
      1.0825,
      1.14,
      1.195,
      1.2525,
      1.31,
      1.3675,
      1.4225
    ],
    "SoftwareVersion": "syngo MR D13",
    "TaskName": "StartToe",
    "TotalReadoutTime": 0.016695075,
    "dataset": "ds003089",
    "modality": "bold",
    "subject_id": "05",
    "task_id": "StartToe"
  },
  "dummy_trs": 1,
  "dvars_nstd": 24.126390130178567,
  "dvars_std": 1.312757861892858,
  "dvars_vstd": 1.0163069440714287,
  "efc": 0.5856180150796431,
  "fber": 4568.47509765625,
  "fd_mean": 0.11101461499203266,
  "fd_num": 8,
  "fd_perc": 2.8469750889679717,
  "fwhm_avg": 1.6372677596111656,
  "fwhm_x": 1.6677799999999998,
  "fwhm_y": 1.87249,
  "fwhm_z": 1.3715332788334973,
  "gcor": 0.0148417,
  "gsr_x": 0.021747134625911713,
  "gsr_y": 0.031037462875247,
  "provenance": {
    "md5sum": "ba775dc61f5113ecf279eb1643473fd3",
    "settings": {
      "fd_thres": 0.2,
      "testing": false
    },
    "software": "mriqc",
    "version": "22.0.6",
    "webapi_port": null,
    "webapi_url": "https://mriqc.nimh.nih.gov/api/v1"
  },
  "size_t": 281,
  "size_x": 64,
  "size_y": 64,
  "size_z": 26,
  "snr": 8.666367023087759,
  "spacing_tr": 1.5,
  "spacing_x": 3.0,
  "spacing_y": 3.0,
  "spacing_z": 4.800000190734863,
  "summary_bg_k": 11.28812505826388,
  "summary_bg_mad": 6.539805506821667,
  "summary_bg_mean": 24.632980346679688,
  "summary_bg_median": 6.058718681335449,
  "summary_bg_n": 51794.0,
  "summary_bg_p05": 1.1957294940948486,
  "summary_bg_p95": 122.37775650024409,
  "summary_bg_stdv": 45.506011962890625,
  "summary_fg_k": 5.465039056453252,
  "summary_fg_mad": 40.1278769127868,
  "summary_fg_mean": 422.8537292480469,
  "summary_fg_median": 422.53912353515625,
  "summary_fg_n": 25432.0,
  "summary_fg_p05": 350.17935638427736,
  "summary_fg_p95": 496.76850433349597,
  "summary_fg_stdv": 48.75524139404297,
  "tsnr": 77.51410341123119
}