{
  "aor": 0.0010070921985815605,
  "aqi": 0.011990862659574468,
  "bids_meta": {
    "AcquisitionDateTime": "20170430084358.042500",
    "ConversionSoftware": "dicm2nii.m 20180116",
    "DeviceSerialNumber": "45343",
    "EchoTime": 0.027,
    "EffectiveEchoSpacing": 0.00026500119,
    "FlipAngle": 90,
    "ImageType": "ORIGINAL\\PRIMARY\\M\\ND\\NORM\\MOSAIC",
    "InstitutionAddress": "Jerusalem_Israel",
    "InstitutionName": "Hebrew University",
    "MRAcquisitionType": "2D",
    "Manufacturer": "SIEMENS",
    "Modality": "MR",
    "PatientAge": "022Y",
    "PatientName": "sub-03",
    "PatientPosition": "HFS",
    "PatientSex": "F",
    "PatientSize": 1.62,
    "PatientWeight": 53,
    "PhaseEncodingDirection": "j-",
    "RepetitionTime": 1.5,
    "ScanOptions": "FS",
    "ScanningSequence": "EP",
    "SequenceName": "*epfid2d1_64",
    "SequenceVariant": "SK",
    "SeriesDescription": "TR1.5_282Vol_startLip",
    "SeriesNumber": 3,
    "SliceThickness": 4,
    "SliceTiming": [
      0,
      0.0575,
      0.1125,
      0.17,
      0.2275,
      0.285,
      0.34,
      0.3975,
      0.455,
      0.5125,
      0.57,
      0.625,
      0.6825,
      0.74,
      0.7975,
      0.8525,
      0.91,
      0.9675,
      1.025,
      1.08,
      1.1375,
      1.195,
      1.2525,
      1.31,
      1.365,
      1.4225
    ],
    "SoftwareVersion": "syngo MR D13",
    "TaskName": "StartLip",
    "TotalReadoutTime": 0.016695075,
    "dataset": "ds003089",
    "modality": "bold",
    "subject_id": "03",
    "task_id": "StartLip"
  },
  "dummy_trs": 0,
  "dvars_nstd": 23.502629758790043,
  "dvars_std": 1.3009744245195718,
  "dvars_vstd": 1.0013159990747316,
  "efc": 0.5359303091451233,
  "fber": 13505.2373046875,
  "fd_mean": 0.1506455176860371,
  "fd_num": 43,
  "fd_perc": 15.24822695035461,
  "fwhm_avg": 1.4766910944973102,
  "fwhm_x": 1.5424566666666666,
  "fwhm_y": 1.6333166666666665,
  "fwhm_z": 1.254299950158598,
  "gcor": 0.0228976,
  "gsr_x": 0.024592289701104164,
  "gsr_y": 0.02261614426970482,
  "provenance": {
    "md5sum": "dbbb37b683542d3dd3fdaf1e91959dfa",
    "settings": {
      "fd_thres": 0.2,
      "testing": false
    },
    "software": "mriqc",
    "version": "22.0.6",
    "webapi_port": null,
    "webapi_url": "https://mriqc.nimh.nih.gov/api/v1"
  },
  "size_t": 282,
  "size_x": 64,
  "size_y": 64,
  "size_z": 26,
  "snr": 9.651513761121956,
  "spacing_tr": 1.5,
  "spacing_x": 3.0,
  "spacing_y": 3.0,
  "spacing_z": 4.800000190734863,
  "summary_bg_k": 23.52900520428251,
  "summary_bg_mad": 3.98252175127179,
  "summary_bg_mean": 17.150423049926758,
  "summary_bg_median": 3.7659573554992676,
  "summary_bg_n": 57118.0,
  "summary_bg_p05": 0.847517728805542,
  "summary_bg_p95": 81.55904235839822,
  "summary_bg_stdv": 36.70928192138672,
  "summary_fg_k": 5.8480781337901035,
  "summary_fg_mad": 38.2769090338209,
  "summary_fg_mean": 435.0035095214844,
  "summary_fg_median": 433.5780029296875,
  "summary_fg_n": 22844.0,
  "summary_fg_p05": 373.0694808959961,
  "summary_fg_p95": 504.3631057739258,
  "summary_fg_stdv": 44.922332763671875,
  "tsnr": 75.60223866370507
}